{
	"Manufacturer": "Philips",
	"PatientPosition": "HFS",
	"SeriesDescription": "ImageMRSERIES",
	"ProtocolName": "task-ASGCFS_run-1_bold",
	"SeriesNumber": 6,
	"AcquisitionNumber": 6,
	"ImageComments": "pRFGazeMod",
	"PhilipsRescaleSlope": 3.86325,
	"PhilipsRescaleIntercept": 0,
	"PhilipsScaleSlope": 5.3067e-05,
	"UsePhilipsFloatNotDisplayScaling": 1,
	"EchoTime": 0.01689,
	"PhaseEncodingDirection": "i-",
	"RepetitionTime": 1.31698,
	"ReconMatrixPE": 112,
	"ImageOrientationPatientDICOM": [
		0,
		0.911116,
		-0.412151,
		-0,
		-0.412151,
		-0.911116	],
	"ConversionSoftware": "dcm2niix",
	"ConversionSoftwareVersion": "v1.0.20180622 GCC4.9.2",
	"TaskName":"AttendStimGazeCenterFS"
}
