{
	"Manufacturer": "Philips",
	"PatientPosition": "HFS",
	"SeriesDescription": "ImageMRSERIES",
	"ProtocolName": "3DT2_1mm",
	"SeriesNumber": 7,
	"AcquisitionNumber": 7,
	"ImageComments": "sub-002_ses-anat_pRFGazeMod",
	"PhilipsRescaleSlope": 1.51819,
	"PhilipsRescaleIntercept": 0,
	"PhilipsScaleSlope": 0.00209479,
	"UsePhilipsFloatNotDisplayScaling": 1,
	"EchoTime": 0.331,
	"RepetitionTime": 2.5,
	"ReconMatrixPE": 256,
	"ImageOrientationPatientDICOM": [
		-0.0437325,
		0.998067,
		-0.0441483,
		0.0528588,
		-0.0418171,
		-0.997726	],
	"ConversionSoftware": "dcm2niix",
	"ConversionSoftwareVersion": "v1.0.20180622 GCC4.9.2"
}
