{
	"Manufacturer": "Philips",
	"PatientPosition": "HFS",
	"SeriesDescription": "ImageMRSERIES",
	"ProtocolName": "acq-1mm-sag_T1w_6m12s_ADNI",
	"SeriesNumber": 9,
	"AcquisitionNumber": 9,
	"ImageComments": "sub-002_ses-anat_pRFGazeMod",
	"PhilipsRescaleSlope": 2.23565,
	"PhilipsRescaleIntercept": 0,
	"PhilipsScaleSlope": 0.00610907,
	"UsePhilipsFloatNotDisplayScaling": 1,
	"EchoTime": 0.00294,
	"RepetitionTime": 0.006428,
	"InversionTime": 0.9,
	"ReconMatrixPE": 256,
	"ImageOrientationPatientDICOM": [
		-0.0437325,
		0.998067,
		-0.0441483,
		0.0528588,
		-0.0418171,
		-0.997726	],
	"ConversionSoftware": "dcm2niix",
	"ConversionSoftwareVersion": "v1.0.20180622 GCC4.9.2"
}
