{
  "aor": 0.0009722000000000001,
  "aqi": 0.0067556586,
  "bids_meta": {
    "AcquisitionNumber": 8,
    "ConversionSoftware": "dcm2niix",
    "ConversionSoftwareVersion": "v1.0.20180622 GCC4.9.2",
    "EchoTime": 0.01689,
    "ImageComments": "pRFGazeMod",
    "ImageOrientationPatientDICOM": [
      0,
      0.911116,
      -0.412151,
      0,
      -0.412151,
      -0.911116
    ],
    "Manufacturer": "Philips",
    "PatientPosition": "HFS",
    "PhilipsRescaleIntercept": 0,
    "PhilipsRescaleSlope": 3.75946,
    "PhilipsScaleSlope": 5.34344e-05,
    "ProtocolName": "task-AFGCFS_run-2_bold",
    "ReconMatrixPE": 112,
    "RepetitionTime": 1.31698,
    "SeriesDescription": "ImageMRSERIES",
    "SeriesNumber": 8,
    "TaskName": "AttendFixGazeCenterFS",
    "UsePhilipsFloatNotDisplayScaling": 1,
    "dataset": "unknown",
    "modality": "bold",
    "run_id": 2,
    "session_id": "02",
    "subject_id": "002",
    "task_id": "AttendFixGazeCenterFS"
  },
  "dummy_trs": 0,
  "dvars_nstd": 59.00313916328861,
  "dvars_std": 1.224506928926175,
  "dvars_vstd": 1.0055892854362414,
  "efc": 0.5331283774041319,
  "fber": 1041.277587890625,
  "fd_mean": 0.2713653399006849,
  "fd_num": 130,
  "fd_perc": 86.66666666666667,
  "fwhm_avg": 2.8003836517738505,
  "fwhm_x": 3.0630346915476343,
  "fwhm_y": 2.65422730378625,
  "fwhm_z": 2.683888959987666,
  "gcor": 0.0151019,
  "gsr_x": 0.04582339897751808,
  "gsr_y": -0.00020314226276241243,
  "provenance": {
    "md5sum": "e0f1cc56719db5bc8b666eb0d87d7a37",
    "settings": {
      "fd_thres": 0.2,
      "hmc_fsl": false
    },
    "software": "mriqc",
    "version": "0.15.1",
    "webapi_port": null,
    "webapi_url": "https://mriqc.nimh.nih.gov/api/v1"
  },
  "size_t": 150,
  "size_x": 112,
  "size_y": 112,
  "size_z": 98,
  "snr": 2.9696722869873025,
  "spacing_tr": 1.3169798851013184,
  "spacing_x": 1.7860000133514404,
  "spacing_y": 1.7860000133514404,
  "spacing_z": 1.7999999523162842,
  "summary_bg_k": 21.12219947596944,
  "summary_bg_mad": 204607.46875,
  "summary_bg_mean": 433723.96875,
  "summary_bg_median": 149020.484375,
  "summary_bg_n": 826609.0,
  "summary_bg_p05": 1099.5081787109375,
  "summary_bg_p95": 1858259.8249999983,
  "summary_bg_stdv": 802929.875,
  "summary_fg_k": 1.0387705709242576,
  "summary_fg_mad": 1430780.875,
  "summary_fg_mean": 4859946.5,
  "summary_fg_median": 4788849.0,
  "summary_fg_n": 268310.0,
  "summary_fg_p05": 2305618.0875000004,
  "summary_fg_p95": 7590876.5,
  "summary_fg_stdv": 1612582.0,
  "tsnr": 35.20659637451172
}