{
  "aor": 0.0045362,
  "aqi": 0.009913058466666664,
  "bids_meta": {
    "AcquisitionNumber": 4,
    "ConversionSoftware": "dcm2niix",
    "ConversionSoftwareVersion": "v1.0.20180622 GCC4.9.2",
    "EchoTime": 0.01689,
    "ImageComments": "pRFGazeMod",
    "ImageOrientationPatientDICOM": [
      0,
      0.911116,
      -0.412151,
      0,
      -0.412151,
      -0.911116
    ],
    "Manufacturer": "Philips",
    "PatientPosition": "HFS",
    "PhilipsRescaleIntercept": 0,
    "PhilipsRescaleSlope": 3.53919,
    "PhilipsScaleSlope": 5.30948e-05,
    "ProtocolName": "task-AFGCFS_run-1_bold",
    "ReconMatrixPE": 112,
    "RepetitionTime": 1.31698,
    "SeriesDescription": "ImageMRSERIES",
    "SeriesNumber": 4,
    "TaskName": "AttendFixGazeCenterFS",
    "UsePhilipsFloatNotDisplayScaling": 1,
    "dataset": "unknown",
    "modality": "bold",
    "run_id": 1,
    "session_id": "02",
    "subject_id": "002",
    "task_id": "AttendFixGazeCenterFS"
  },
  "dummy_trs": 0,
  "dvars_nstd": 62.78450764919463,
  "dvars_std": 1.218122506845637,
  "dvars_vstd": 1.0455294043624161,
  "efc": 0.5330537537454698,
  "fber": 972.3796997070312,
  "fd_mean": 0.3033200139935455,
  "fd_num": 142,
  "fd_perc": 94.66666666666667,
  "fwhm_avg": 2.82691857162566,
  "fwhm_x": 3.0931466734053954,
  "fwhm_y": 2.6768700807726367,
  "fwhm_z": 2.710738960698948,
  "gcor": 0.0254728,
  "gsr_x": 0.044636644423007965,
  "gsr_y": 0.0001784408959792927,
  "provenance": {
    "md5sum": "e5652f37a25b8572d2420180275a7435",
    "settings": {
      "fd_thres": 0.2,
      "hmc_fsl": false
    },
    "software": "mriqc",
    "version": "0.15.1",
    "webapi_port": null,
    "webapi_url": "https://mriqc.nimh.nih.gov/api/v1"
  },
  "size_t": 150,
  "size_x": 112,
  "size_y": 112,
  "size_z": 98,
  "snr": 2.970701838965492,
  "spacing_tr": 1.3169798851013184,
  "spacing_x": 1.7860000133514404,
  "spacing_y": 1.7860000133514404,
  "spacing_z": 1.7999999523162842,
  "summary_bg_k": 21.700279620503387,
  "summary_bg_mad": 210694.671875,
  "summary_bg_mean": 436011.46875,
  "summary_bg_median": 155748.390625,
  "summary_bg_n": 827037.0,
  "summary_bg_p05": 1808.618237304688,
  "summary_bg_p95": 1851829.5749999995,
  "summary_bg_stdv": 805848.8125,
  "summary_fg_k": 1.033717736925123,
  "summary_fg_mad": 1452043.25,
  "summary_fg_mean": 4915125.0,
  "summary_fg_median": 4831228.0,
  "summary_fg_n": 267816.0,
  "summary_fg_p05": 2366469.0,
  "summary_fg_p95": 7685889.0,
  "summary_fg_stdv": 1626288.75,
  "tsnr": 27.78448486328125
}