{
  "bids_meta": {
    "AcquisitionNumber": 4,
    "ConversionSoftware": "dcm2niix",
    "ConversionSoftwareVersion": "v1.0.20180622 GCC4.9.2",
    "EchoTime": 0.00368,
    "ImageComments": "sub-001_ses-anat_pRFGazeMod",
    "ImageOrientationPatientDICOM": [
      0,
      1,
      0,
      0,
      0,
      -1
    ],
    "InversionTime": 0.95,
    "Manufacturer": "Philips",
    "PatientPosition": "HFS",
    "PhilipsRescaleIntercept": 0,
    "PhilipsRescaleSlope": 4.21392,
    "PhilipsScaleSlope": 0.00402784,
    "ProtocolName": "acq-1mm-sag_T1w_3m54s_Philips",
    "ReconMatrixPE": 256,
    "RepetitionTime": 0.00804,
    "SeriesDescription": "ImageMRSERIES",
    "SeriesNumber": 4,
    "UsePhilipsFloatNotDisplayScaling": 1,
    "acq_id": "PHILLIPS",
    "dataset": "unknown",
    "modality": "T1w",
    "run_id": 1,
    "session_id": "03",
    "subject_id": "001"
  },
  "cjv": 0.3040510530519869,
  "cnr": 4.122328000609648,
  "efc": 0.7461576699942937,
  "fber": 2936.2412109375,
  "fwhm_avg": 3.5980266666666663,
  "fwhm_x": 3.64958,
  "fwhm_y": 3.79253,
  "fwhm_z": 3.35197,
  "icvs_csf": 0.20689966932025783,
  "icvs_gm": 0.433619916730073,
  "icvs_wm": 0.3594804139496691,
  "inu_med": 2.6150708198547363,
  "inu_range": 0.7016481876373288,
  "provenance": {
    "md5sum": "070440462ec0c050eee02e10b314b33c",
    "settings": {
      "testing": false
    },
    "software": "mriqc",
    "version": "0.15.1",
    "warnings": {
      "large_rot_frame": true,
      "small_air_mask": false
    },
    "webapi_port": null,
    "webapi_url": "https://mriqc.nimh.nih.gov/api/v1"
  },
  "qi_1": 0.0,
  "qi_2": 5.188289375089252e-05,
  "rpve_csf": 34.41921050961477,
  "rpve_gm": 18.05412566701617,
  "rpve_wm": 27.679487418721703,
  "size_x": 250,
  "size_y": 256,
  "size_z": 256,
  "snr_csf": 1.418540024813306,
  "snr_gm": 6.499746832490819,
  "snr_total": 8.759757562512279,
  "snr_wm": 18.360985830232714,
  "snrd_csf": 26.53416754482373,
  "snrd_gm": 87.75944617598476,
  "snrd_total": 89.22397839722828,
  "snrd_wm": 153.37832147087636,
  "spacing_x": 1.0,
  "spacing_y": 1.0,
  "spacing_z": 1.0,
  "summary_bg_k": 3.873422237017045,
  "summary_bg_mad": 4.271387577056885,
  "summary_bg_mean": 8.598196983337402,
  "summary_bg_median": 5.580375671386719,
  "summary_bg_n": 329398.0,
  "summary_bg_p05": 0.0,
  "summary_bg_p95": 22.506009769439693,
  "summary_bg_stdv": 7.4495415687561035,
  "summary_csf_k": 0.5226412230291255,
  "summary_csf_mad": 140.37353515625,
  "summary_csf_mean": 197.17857360839844,
  "summary_csf_median": 172.9986572265625,
  "summary_csf_n": 4557.0,
  "summary_csf_p05": 47.41038208007812,
  "summary_csf_p95": 411.4833984375,
  "summary_csf_stdv": 121.94204711914062,
  "summary_gm_k": 0.30884171548048034,
  "summary_gm_mad": 81.21418762207031,
  "summary_gm_mean": 580.4359741210938,
  "summary_gm_median": 572.177978515625,
  "summary_gm_n": 19535.0,
  "summary_gm_p05": 446.7793212890625,
  "summary_gm_p95": 740.5591491699219,
  "summary_gm_stdv": 88.02855682373047,
  "summary_wm_k": 1.0555931021638276,
  "summary_wm_mad": 48.86642074584961,
  "summary_wm_mean": 998.0810546875,
  "summary_wm_median": 1000.0028686523438,
  "summary_wm_n": 198345.0,
  "summary_wm_p05": 904.8498779296875,
  "summary_wm_p95": 1082.754443359375,
  "summary_wm_stdv": 54.46332550048828,
  "tpm_overlap_csf": 0.19801224768161774,
  "tpm_overlap_gm": 0.5004152059555054,
  "tpm_overlap_wm": 0.5683459639549255,
  "wm2max": 0.7226969403227728
}