{
  "bids_meta": {
    "AcquisitionNumber": 6,
    "ConversionSoftware": "dcm2niix",
    "ConversionSoftwareVersion": "v1.0.20180622 GCC4.9.2",
    "EchoTime": 0.331,
    "ImageComments": "sub-001_ses-anat_pRFGazeMod",
    "ImageOrientationPatientDICOM": [
      0,
      1,
      0,
      0,
      0,
      -1
    ],
    "Manufacturer": "Philips",
    "PatientPosition": "HFS",
    "PhilipsRescaleIntercept": 0,
    "PhilipsRescaleSlope": 1.43297,
    "PhilipsScaleSlope": 0.00193286,
    "ProtocolName": "3DT2_1mm",
    "ReconMatrixPE": 256,
    "RepetitionTime": 2.5,
    "SeriesDescription": "ImageMRSERIES",
    "SeriesNumber": 6,
    "UsePhilipsFloatNotDisplayScaling": 1,
    "dataset": "unknown",
    "modality": "T2w",
    "session_id": "03",
    "subject_id": "001"
  },
  "cjv": 0.5376017282159608,
  "cnr": 2.523926978143834,
  "efc": 0.49989766661981416,
  "fber": 8641.90625,
  "fwhm_avg": 2.8512733333333333,
  "fwhm_x": 2.80399,
  "fwhm_y": 3.06255,
  "fwhm_z": 2.68728,
  "icvs_csf": 0.2046029604228804,
  "icvs_gm": 0.4081761575179688,
  "icvs_wm": 0.3872208820591508,
  "inu_med": 1.5748804807662964,
  "inu_range": 0.35607030987739563,
  "provenance": {
    "md5sum": "73c326dd08c74d8890bc6e44eff3a71b",
    "settings": {
      "testing": false
    },
    "software": "mriqc",
    "version": "0.15.1",
    "warnings": {
      "large_rot_frame": true,
      "small_air_mask": false
    },
    "webapi_port": null,
    "webapi_url": "https://mriqc.nimh.nih.gov/api/v1"
  },
  "qi_1": 0.09860254513762509,
  "qi_2": 4.10830047243004e-06,
  "rpve_csf": 36.83166018462538,
  "rpve_gm": 18.499824988057004,
  "rpve_wm": 21.89316929086199,
  "size_x": 250,
  "size_y": 256,
  "size_z": 256,
  "snr_csf": 4.12423863226174,
  "snr_gm": 9.284348796386643,
  "snr_total": 7.66905501651365,
  "snr_wm": 9.598577620892568,
  "snrd_csf": 641.5719026967084,
  "snrd_gm": 246.24882287195805,
  "snrd_total": 351.0139642701493,
  "snrd_wm": 165.2211672417815,
  "spacing_x": 1.0,
  "spacing_y": 1.0,
  "spacing_z": 1.0,
  "summary_bg_k": 242.04045193492294,
  "summary_bg_mad": 3.965017795562744,
  "summary_bg_mean": 6.806064605712891,
  "summary_bg_median": 2.674363851547241,
  "summary_bg_n": 835605.0,
  "summary_bg_p05": 0.0,
  "summary_bg_p95": 17.325447463989256,
  "summary_bg_stdv": 33.658504486083984,
  "summary_csf_k": 1.782421758985123,
  "summary_csf_mad": 729.9745483398438,
  "summary_csf_mean": 3852.291015625,
  "summary_csf_median": 3882.9228515625,
  "summary_csf_n": 64798.0,
  "summary_csf_p05": 2159.2279296875004,
  "summary_csf_p95": 5313.398974609374,
  "summary_csf_stdv": 941.4811401367188,
  "summary_gm_k": 0.14579608863052185,
  "summary_gm_mad": 156.144775390625,
  "summary_gm_mean": 1487.819580078125,
  "summary_gm_median": 1490.34765625,
  "summary_gm_n": 21466.0,
  "summary_gm_p05": 1214.0714416503906,
  "summary_gm_p95": 1742.8675842285156,
  "summary_gm_stdv": 160.5188446044922,
  "summary_wm_k": -0.16789528500767492,
  "summary_wm_mad": 107.49282836914062,
  "summary_wm_mean": 991.6865234375,
  "summary_wm_median": 999.951904296875,
  "summary_wm_n": 149042.0,
  "summary_wm_p05": 808.4347412109375,
  "summary_wm_p95": 1147.0256103515624,
  "summary_wm_stdv": 104.17674255371094,
  "tpm_overlap_csf": 0.2011703997850418,
  "tpm_overlap_gm": 0.45025646686553955,
  "tpm_overlap_wm": 0.4972756803035736,
  "wm2max": 0.19395565141682855
}