{
  "bids_meta": {
    "AcquisitionNumber": 7,
    "ConversionSoftware": "dcm2niix",
    "ConversionSoftwareVersion": "v1.0.20180622 GCC4.9.2",
    "EchoTime": 0.00294,
    "ImageComments": "sub-001_ses-anat_pRFGazeMod",
    "ImageOrientationPatientDICOM": [
      0,
      1,
      0,
      0,
      0,
      -1
    ],
    "InversionTime": 0.9,
    "Manufacturer": "Philips",
    "PatientPosition": "HFS",
    "PhilipsRescaleIntercept": 0,
    "PhilipsRescaleSlope": 2.26886,
    "PhilipsScaleSlope": 0.00615021,
    "ProtocolName": "acq-1mm-sag_T1w_6m12s_ADNI",
    "ReconMatrixPE": 256,
    "RepetitionTime": 0.006528,
    "SeriesDescription": "ImageMRSERIES",
    "SeriesNumber": 7,
    "UsePhilipsFloatNotDisplayScaling": 1,
    "acq_id": "ADNI",
    "dataset": "unknown",
    "modality": "T1w",
    "run_id": 2,
    "session_id": "03",
    "subject_id": "001"
  },
  "cjv": 0.3058488549490662,
  "cnr": 4.286226467326433,
  "efc": 0.6586192839236322,
  "fber": 108386.6171875,
  "fwhm_avg": 3.7424166666666667,
  "fwhm_x": 3.7313,
  "fwhm_y": 4.05647,
  "fwhm_z": 3.43948,
  "icvs_csf": 0.2376192270502893,
  "icvs_gm": 0.40586866928432747,
  "icvs_wm": 0.3565121036653833,
  "inu_med": 1.2741438150405884,
  "inu_range": 0.26919806003570557,
  "provenance": {
    "md5sum": "cc58549ced96c95b2b8b775998a4c5cc",
    "settings": {
      "testing": false
    },
    "software": "mriqc",
    "version": "0.15.1",
    "warnings": {
      "large_rot_frame": true,
      "small_air_mask": false
    },
    "webapi_port": null,
    "webapi_url": "https://mriqc.nimh.nih.gov/api/v1"
  },
  "qi_1": 0.042119597144481886,
  "qi_2": 2.4914839675876077e-05,
  "rpve_csf": 25.89295717152933,
  "rpve_gm": 15.3286977683612,
  "rpve_wm": 22.962659064507083,
  "size_x": 211,
  "size_y": 256,
  "size_z": 256,
  "snr_csf": 2.5937253030567566,
  "snr_gm": 7.834833281578732,
  "snr_total": 9.666829797798398,
  "snr_wm": 18.571930808759706,
  "snrd_csf": 81.0421645262646,
  "snrd_gm": 161.72929638381606,
  "snrd_total": 170.99410369598078,
  "snrd_wm": 270.2108501778617,
  "spacing_x": 1.0,
  "spacing_y": 1.0,
  "spacing_z": 1.0,
  "summary_bg_k": 326.6117670281867,
  "summary_bg_mad": 2.4245266914367676,
  "summary_bg_mean": 3.85805606842041,
  "summary_bg_median": 1.635318398475647,
  "summary_bg_n": 1108111.0,
  "summary_bg_p05": 0.0,
  "summary_bg_p95": 16.90653896331787,
  "summary_bg_stdv": 6.187781810760498,
  "summary_csf_k": 0.08789122685052542,
  "summary_csf_mad": 118.33661651611328,
  "summary_csf_mean": 287.9334411621094,
  "summary_csf_median": 299.92059326171875,
  "summary_csf_n": 15970.0,
  "summary_csf_p05": 89.94194755554199,
  "summary_csf_p95": 460.1961593627929,
  "summary_csf_stdv": 115.6295166015625,
  "summary_gm_k": 0.2861623950904173,
  "summary_gm_mad": 72.8963623046875,
  "summary_gm_mean": 597.9417114257812,
  "summary_gm_median": 598.5272827148438,
  "summary_gm_n": 17833.0,
  "summary_gm_p05": 470.8725280761719,
  "summary_gm_p95": 723.0927368164062,
  "summary_gm_stdv": 76.3909683227539,
  "summary_wm_k": 0.48699004242539745,
  "summary_wm_mad": 49.89222717285156,
  "summary_wm_mean": 999.1043090820312,
  "summary_wm_median": 999.9954833984375,
  "summary_wm_n": 203502.0,
  "summary_wm_p05": 908.0479248046876,
  "summary_wm_p95": 1086.0992553710937,
  "summary_wm_stdv": 53.844322204589844,
  "tpm_overlap_csf": 0.20772939920425415,
  "tpm_overlap_gm": 0.48501285910606384,
  "tpm_overlap_wm": 0.5617753267288208,
  "wm2max": 0.6513998794039145
}