{
  "bids_meta": {
    "AcquisitionNumber": 8,
    "ConversionSoftware": "dcm2niix",
    "ConversionSoftwareVersion": "v1.0.20180622 GCC4.9.2",
    "EchoTime": 0.00368,
    "ImageComments": "sub-001_ses-anat_pRFGazeMod",
    "ImageOrientationPatientDICOM": [
      0,
      1,
      0,
      0,
      0,
      -1
    ],
    "InversionTime": 0.95,
    "Manufacturer": "Philips",
    "PatientPosition": "HFS",
    "PhilipsRescaleIntercept": 0,
    "PhilipsRescaleSlope": 4.25275,
    "PhilipsScaleSlope": 0.00402784,
    "ProtocolName": "acq-1mm-sag_T1w_3m54s_Philips",
    "ReconMatrixPE": 256,
    "RepetitionTime": 0.00804,
    "SeriesDescription": "ImageMRSERIES",
    "SeriesNumber": 8,
    "UsePhilipsFloatNotDisplayScaling": 1,
    "acq_id": "PHILLIPS",
    "dataset": "unknown",
    "modality": "T1w",
    "run_id": 2,
    "session_id": "03",
    "subject_id": "001"
  },
  "cjv": 0.3237185920583781,
  "cnr": 3.8761628719802217,
  "efc": 0.7475504771805438,
  "fber": 3037.75,
  "fwhm_avg": 3.59206,
  "fwhm_x": 3.63642,
  "fwhm_y": 3.80388,
  "fwhm_z": 3.33588,
  "icvs_csf": 0.20919495691757958,
  "icvs_gm": 0.42893477819021064,
  "icvs_wm": 0.36187026489220975,
  "inu_med": 2.815930128097534,
  "inu_range": 0.7389759898185728,
  "provenance": {
    "md5sum": "5ef3e7f5be2cdfd6dc16367bf03b58b1",
    "settings": {
      "testing": false
    },
    "software": "mriqc",
    "version": "0.15.1",
    "warnings": {
      "large_rot_frame": true,
      "small_air_mask": false
    },
    "webapi_port": null,
    "webapi_url": "https://mriqc.nimh.nih.gov/api/v1"
  },
  "qi_1": 0.0,
  "qi_2": 4.945986477569251e-05,
  "rpve_csf": 34.65885182549861,
  "rpve_gm": 18.316175614432336,
  "rpve_wm": 27.969224308596797,
  "size_x": 250,
  "size_y": 256,
  "size_z": 256,
  "snr_csf": 1.7234165420580891,
  "snr_gm": 6.537609335092098,
  "snr_total": 8.764397522518514,
  "snr_wm": 18.032166690405354,
  "snrd_csf": 17.65608113534337,
  "snrd_gm": 49.69817618771922,
  "snrd_total": 50.58238454834467,
  "snrd_wm": 84.39289632197143,
  "spacing_x": 1.0,
  "spacing_y": 1.0,
  "spacing_z": 1.0,
  "summary_bg_k": 4.785763440585368,
  "summary_bg_mad": 7.763000965118408,
  "summary_bg_mean": 8.98121166229248,
  "summary_bg_median": 7.9754791259765625,
  "summary_bg_n": 347485.0,
  "summary_bg_p05": 0.0,
  "summary_bg_p95": 23.94574470520018,
  "summary_bg_stdv": 7.748811721801758,
  "summary_csf_k": -0.31024818564132906,
  "summary_csf_mad": 155.22911071777344,
  "summary_csf_mean": 216.75845336914062,
  "summary_csf_median": 209.2147216796875,
  "summary_csf_n": 4521.0,
  "summary_csf_p05": 52.71927261352539,
  "summary_csf_p95": 403.9258728027344,
  "summary_csf_stdv": 121.38190460205078,
  "summary_gm_k": 0.41153736284513265,
  "summary_gm_mad": 82.51341247558594,
  "summary_gm_mean": 593.793212890625,
  "summary_gm_median": 588.8956909179688,
  "summary_gm_n": 17998.0,
  "summary_gm_p05": 449.5490020751953,
  "summary_gm_p95": 751.4482513427732,
  "summary_gm_stdv": 90.07563781738281,
  "summary_wm_k": 0.8944696445724629,
  "summary_wm_mad": 50.57154083251953,
  "summary_wm_mean": 997.4949951171875,
  "summary_wm_median": 1000.0087890625,
  "summary_wm_n": 195817.0,
  "summary_wm_p05": 902.0984375,
  "summary_wm_p95": 1083.4417480468749,
  "summary_wm_stdv": 55.4567985534668,
  "tpm_overlap_csf": 0.19395284354686737,
  "tpm_overlap_gm": 0.4958588182926178,
  "tpm_overlap_wm": 0.5707554817199707,
  "wm2max": 0.72263000192734
}