{
  "bids_meta": {
    "AcquisitionNumber": 3,
    "ConversionSoftware": "dcm2niix",
    "ConversionSoftwareVersion": "v1.0.20180622 GCC4.9.2",
    "EchoTime": 0.00294,
    "ImageComments": "sub-001_ses-anat_pRFGazeMod",
    "ImageOrientationPatientDICOM": [
      0,
      1,
      0,
      0,
      0,
      -1
    ],
    "InversionTime": 0.9,
    "Manufacturer": "Philips",
    "PatientPosition": "HFS",
    "PhilipsRescaleIntercept": 0,
    "PhilipsRescaleSlope": 2.18877,
    "PhilipsScaleSlope": 0.00615021,
    "ProtocolName": "acq-1mm-sag_T1w_6m12s_ADNI",
    "ReconMatrixPE": 256,
    "RepetitionTime": 0.006528,
    "SeriesDescription": "ImageMRSERIES",
    "SeriesNumber": 3,
    "UsePhilipsFloatNotDisplayScaling": 1,
    "acq_id": "ADNI",
    "dataset": "unknown",
    "modality": "T1w",
    "run_id": 1,
    "session_id": "03",
    "subject_id": "001"
  },
  "cjv": 0.326414500847722,
  "cnr": 4.052409536033472,
  "efc": 0.6560996604977101,
  "fber": 124986.3203125,
  "fwhm_avg": 3.7201800000000005,
  "fwhm_x": 3.74611,
  "fwhm_y": 4.00682,
  "fwhm_z": 3.40761,
  "icvs_csf": 0.24425056513410495,
  "icvs_gm": 0.39694307376203225,
  "icvs_wm": 0.3588063611038628,
  "inu_med": 2.012796401977539,
  "inu_range": 0.424126845598221,
  "provenance": {
    "md5sum": "132da10e77e50037b61596ca49024424",
    "settings": {
      "testing": false
    },
    "software": "mriqc",
    "version": "0.15.1",
    "warnings": {
      "large_rot_frame": true,
      "small_air_mask": false
    },
    "webapi_port": null,
    "webapi_url": "https://mriqc.nimh.nih.gov/api/v1"
  },
  "qi_1": 0.04160279638222182,
  "qi_2": 8.339933894439989e-06,
  "rpve_csf": 25.65506178573703,
  "rpve_gm": 15.59789845668628,
  "rpve_wm": 23.208362217713166,
  "size_x": 211,
  "size_y": 256,
  "size_z": 256,
  "snr_csf": 2.6530833697714713,
  "snr_gm": 7.770379584500365,
  "snr_total": 9.278463875575751,
  "snr_wm": 17.411928672455417,
  "snrd_csf": 92.30175946354763,
  "snrd_gm": 180.34616571178802,
  "snrd_total": 189.99159557835387,
  "snrd_wm": 297.32686155972596,
  "spacing_x": 1.0,
  "spacing_y": 1.0,
  "spacing_z": 1.0,
  "summary_bg_k": 10.986705990246431,
  "summary_bg_mad": 2.2034060955047607,
  "summary_bg_mean": 3.692509174346924,
  "summary_bg_median": 1.4861748218536377,
  "summary_bg_n": 1103362.0,
  "summary_bg_p05": 0.0,
  "summary_bg_p95": 16.430825138092025,
  "summary_bg_stdv": 5.887547016143799,
  "summary_csf_k": 0.20828229975826762,
  "summary_csf_mad": 116.57093811035156,
  "summary_csf_mean": 297.9000549316406,
  "summary_csf_median": 310.4365234375,
  "summary_csf_n": 14358.0,
  "summary_csf_p05": 94.55447692871094,
  "summary_csf_p95": 467.4479080200195,
  "summary_csf_stdv": 117.0056381225586,
  "summary_gm_k": 0.2694831348638136,
  "summary_gm_mad": 75.34051513671875,
  "summary_gm_mean": 604.4193115234375,
  "summary_gm_median": 606.5543823242188,
  "summary_gm_n": 17002.0,
  "summary_gm_p05": 473.15145416259764,
  "summary_gm_p95": 728.6562316894531,
  "summary_gm_stdv": 78.0575180053711,
  "summary_wm_k": 0.624789201142181,
  "summary_wm_mad": 53.08356857299805,
  "summary_wm_mean": 999.6311645507812,
  "summary_wm_median": 999.9930419921875,
  "summary_wm_n": 203259.0,
  "summary_wm_p05": 903.8792297363282,
  "summary_wm_p95": 1092.9174438476562,
  "summary_wm_stdv": 57.43135070800781,
  "tpm_overlap_csf": 0.19731366634368896,
  "tpm_overlap_gm": 0.4690075218677521,
  "tpm_overlap_wm": 0.5519232749938965,
  "wm2max": 0.668784487243866
}