{
  "aor": 0.0021483756345177666,
  "aqi": 0.017918711472081218,
  "bids_meta": {
    "AcquisitionMatrixPE": 112,
    "CoilString": "MULTI_COIL",
    "DeviceSerialNumber": "00076",
    "EchoTime": 0.016901,
    "EchoTrainLength": 43,
    "FlipAngle": 13,
    "ImageType": [
      "ORIGINAL",
      "PRIMARY",
      "PHASE",
      "MAP",
      "P",
      "FFE"
    ],
    "ImagingFrequency": 298.03,
    "InstitutionAddress": "Amsterdam",
    "InstitutionName": "Spinoza_Centre",
    "InstitutionalDepartmentName": "Spinoza_Centre",
    "MRAcquisitionType": "3D",
    "MagneticFieldStrength": 7,
    "Manufacturer": "Philips",
    "ManufacturersModelName": "Achieva",
    "Modality": "MR",
    "NumberOfVolumesDiscardedByUser": 3,
    "PatientPosition": "HFS",
    "PercentPhaseFOV": 100,
    "PhaseEncodingDirection": "i",
    "PhaseEncodingSteps": 112,
    "PhilipsRWVIntercept": -3142,
    "PhilipsRWVSlope": 1.53455,
    "PhilipsRescaleIntercept": -3142,
    "PhilipsRescaleSlope": 1.53455,
    "PhilipsScaleSlope": 651.74,
    "PixelBandwidth": 1762,
    "ReconMatrixPE": 112,
    "RepetitionTime": 1.3169799,
    "SAR": 1.96128,
    "ScanOptions": "FS",
    "ScanningSequence": "GR",
    "SequenceVariant": "SK",
    "SeriesInstanceUID": "1.3.46.670589.11.76.5.0.6388.2022071316500147307",
    "SeriesNumber": 601,
    "SliceThickness": 1.8,
    "SoftwareVersions": "5.1.7_5.1.7.0",
    "SpacingBetweenSlices": 1.8,
    "StationName": "7t-acq-multix",
    "StudyID": "694967284",
    "StudyInstanceUID": "1.3.46.670589.11.76.5.0.7360.2022071316280508000",
    "TaskName": "GazeLines",
    "UsePhilipsFloatNotDisplayScaling": 1,
    "dataset": "unknown",
    "modality": "bold",
    "run_id": 4,
    "session_id": "05",
    "subject_id": "002",
    "task_id": "GazeLines"
  },
  "dummy_trs": 0,
  "dvars_nstd": 71.5256832865306,
  "dvars_std": 1.2363397041326536,
  "dvars_vstd": 1.006688029132652,
  "efc": 0.5419288183349997,
  "fber": 719.185791015625,
  "fd_mean": 0.35568773739997317,
  "fd_num": 186,
  "fd_perc": 94.41624365482234,
  "fwhm_avg": 2.7508989825512025,
  "fwhm_x": 3.0056662709238666,
  "fwhm_y": 2.63108060743073,
  "fwhm_z": 2.6159500692990107,
  "gcor": 0.0166879,
  "gsr_x": 0.036731261759996414,
  "gsr_y": -0.0007921719807200134,
  "provenance": {
    "md5sum": "6588ae2c24911b7a9cc66912c5e798ec",
    "settings": {
      "fd_thres": 0.2,
      "hmc_fsl": false
    },
    "software": "mriqc",
    "version": "0.15.1",
    "webapi_port": null,
    "webapi_url": "https://mriqc.nimh.nih.gov/api/v1"
  },
  "size_t": 197,
  "size_x": 112,
  "size_y": 112,
  "size_z": 98,
  "snr": 2.8856219901318956,
  "spacing_tr": 1.3169798851013184,
  "spacing_x": 1.7860000133514404,
  "spacing_y": 1.7860000133514404,
  "spacing_z": 1.7999999523162842,
  "summary_bg_k": 20.460032595841945,
  "summary_bg_mad": 40.16514205932617,
  "summary_bg_mean": 78.8508071899414,
  "summary_bg_median": 30.376890182495117,
  "summary_bg_n": 825301.0,
  "summary_bg_p05": 0.7866080403327942,
  "summary_bg_p95": 322.8731384277344,
  "summary_bg_stdv": 139.90284729003906,
  "summary_fg_k": 1.1808916511741456,
  "summary_fg_mad": 237.39865112304688,
  "summary_fg_mean": 812.6817016601562,
  "summary_fg_median": 791.4463500976562,
  "summary_fg_n": 269792.0,
  "summary_fg_p05": 389.9229919433594,
  "summary_fg_p95": 1293.0795166015619,
  "summary_fg_stdv": 274.2718505859375,
  "tsnr": 23.020029067993164
}