{
  "aor": 0.0019808629441624365,
  "aqi": 0.017217867106598984,
  "bids_meta": {
    "AcquisitionMatrixPE": 112,
    "CoilString": "MULTI_COIL",
    "DeviceSerialNumber": "00076",
    "EchoTime": 0.016901,
    "EchoTrainLength": 43,
    "FlipAngle": 13,
    "ImageType": [
      "ORIGINAL",
      "PRIMARY",
      "PHASE",
      "MAP",
      "P",
      "FFE"
    ],
    "ImagingFrequency": 298.03,
    "InstitutionAddress": "Amsterdam",
    "InstitutionName": "Spinoza_Centre",
    "InstitutionalDepartmentName": "Spinoza_Centre",
    "MRAcquisitionType": "3D",
    "MagneticFieldStrength": 7,
    "Manufacturer": "Philips",
    "ManufacturersModelName": "Achieva",
    "Modality": "MR",
    "NumberOfVolumesDiscardedByUser": 3,
    "PatientPosition": "HFS",
    "PercentPhaseFOV": 100,
    "PhaseEncodingDirection": "i",
    "PhaseEncodingSteps": 112,
    "PhilipsRWVIntercept": -3142,
    "PhilipsRWVSlope": 1.53455,
    "PhilipsRescaleIntercept": -3142,
    "PhilipsRescaleSlope": 1.53455,
    "PhilipsScaleSlope": 651.74,
    "PixelBandwidth": 1762,
    "ReconMatrixPE": 112,
    "RepetitionTime": 1.3169799,
    "SAR": 1.96128,
    "ScanOptions": "FS",
    "ScanningSequence": "GR",
    "SequenceVariant": "SK",
    "SeriesInstanceUID": "1.3.46.670589.11.76.5.0.6388.2022071316500147307",
    "SeriesNumber": 601,
    "SliceThickness": 1.8,
    "SoftwareVersions": "5.1.7_5.1.7.0",
    "SpacingBetweenSlices": 1.8,
    "StationName": "7t-acq-multix",
    "StudyID": "694967284",
    "StudyInstanceUID": "1.3.46.670589.11.76.5.0.7360.2022071316280508000",
    "TaskName": "GazeLines",
    "UsePhilipsFloatNotDisplayScaling": 1,
    "dataset": "unknown",
    "modality": "bold",
    "run_id": 3,
    "session_id": "05",
    "subject_id": "002",
    "task_id": "GazeLines"
  },
  "dummy_trs": 0,
  "dvars_nstd": 68.45740534352042,
  "dvars_std": 1.2252213348979593,
  "dvars_vstd": 1.1022935859183678,
  "efc": 0.5385469469892874,
  "fber": 872.0411987304688,
  "fd_mean": 0.293109520940933,
  "fd_num": 167,
  "fd_perc": 84.77157360406092,
  "fwhm_avg": 2.7560320670997442,
  "fwhm_x": 3.0137737736628103,
  "fwhm_y": 2.629305691430561,
  "fwhm_z": 2.6250167362058625,
  "gcor": 0.015281,
  "gsr_x": 0.036186281591653824,
  "gsr_y": -0.000812385929748416,
  "provenance": {
    "md5sum": "7e01e8693e74b8397186f45bf7cec54a",
    "settings": {
      "fd_thres": 0.2,
      "hmc_fsl": false
    },
    "software": "mriqc",
    "version": "0.15.1",
    "webapi_port": null,
    "webapi_url": "https://mriqc.nimh.nih.gov/api/v1"
  },
  "size_t": 197,
  "size_x": 112,
  "size_y": 112,
  "size_z": 98,
  "snr": 2.876075496653138,
  "spacing_tr": 1.3169798851013184,
  "spacing_x": 1.7860000133514404,
  "spacing_y": 1.7860000133514404,
  "spacing_z": 1.7999999523162842,
  "summary_bg_k": 20.469603058706852,
  "summary_bg_mad": 38.25817108154297,
  "summary_bg_mean": 81.02076721191406,
  "summary_bg_median": 28.8275146484375,
  "summary_bg_n": 825455.0,
  "summary_bg_p05": 0.7901803195476532,
  "summary_bg_p95": 341.38426513671783,
  "summary_bg_stdv": 147.3595428466797,
  "summary_fg_k": 1.2748425190915151,
  "summary_fg_mad": 246.6592559814453,
  "summary_fg_mean": 850.9179077148438,
  "summary_fg_median": 827.2346801757812,
  "summary_fg_n": 269547.0,
  "summary_fg_p05": 407.5572448730469,
  "summary_fg_p95": 1354.294116210937,
  "summary_fg_stdv": 287.62567138671875,
  "tsnr": 23.96457290649414
}