{
  "aor": 0.0017651776649746194,
  "aqi": 0.024699030964467007,
  "bids_meta": {
    "AcquisitionMatrixPE": 112,
    "CoilString": "MULTI_COIL",
    "DeviceSerialNumber": "00076",
    "EchoTime": 0.016901,
    "EchoTrainLength": 43,
    "FlipAngle": 13,
    "ImageType": [
      "ORIGINAL",
      "PRIMARY",
      "PHASE",
      "MAP",
      "P",
      "FFE"
    ],
    "ImagingFrequency": 298.03,
    "InstitutionAddress": "Amsterdam",
    "InstitutionName": "Spinoza_Centre",
    "InstitutionalDepartmentName": "Spinoza_Centre",
    "MRAcquisitionType": "3D",
    "MagneticFieldStrength": 7,
    "Manufacturer": "Philips",
    "ManufacturersModelName": "Achieva",
    "Modality": "MR",
    "NumberOfVolumesDiscardedByUser": 3,
    "PatientPosition": "HFS",
    "PercentPhaseFOV": 100,
    "PhaseEncodingDirection": "i",
    "PhaseEncodingSteps": 112,
    "PhilipsRWVIntercept": -3142,
    "PhilipsRWVSlope": 1.53455,
    "PhilipsRescaleIntercept": -3142,
    "PhilipsRescaleSlope": 1.53455,
    "PhilipsScaleSlope": 651.74,
    "PixelBandwidth": 1762,
    "ReconMatrixPE": 112,
    "RepetitionTime": 1.3169799,
    "SAR": 1.96128,
    "ScanOptions": "FS",
    "ScanningSequence": "GR",
    "SequenceVariant": "SK",
    "SeriesInstanceUID": "1.3.46.670589.11.76.5.0.6388.2022071316500147307",
    "SeriesNumber": 601,
    "SliceThickness": 1.8,
    "SoftwareVersions": "5.1.7_5.1.7.0",
    "SpacingBetweenSlices": 1.8,
    "StationName": "7t-acq-multix",
    "StudyID": "694967284",
    "StudyInstanceUID": "1.3.46.670589.11.76.5.0.7360.2022071316280508000",
    "TaskName": "GazeColumns",
    "UsePhilipsFloatNotDisplayScaling": 1,
    "dataset": "unknown",
    "modality": "bold",
    "run_id": 4,
    "session_id": "05",
    "subject_id": "002",
    "task_id": "GazeColumns"
  },
  "dummy_trs": 0,
  "dvars_nstd": 72.7590828137245,
  "dvars_std": 1.2227279830612243,
  "dvars_vstd": 0.9822421103061222,
  "efc": 0.5395059363805278,
  "fber": 815.0671997070312,
  "fd_mean": 0.3438446800822014,
  "fd_num": 174,
  "fd_perc": 88.3248730964467,
  "fwhm_avg": 2.7852433524423383,
  "fwhm_x": 3.050935027584335,
  "fwhm_y": 2.6572116262723386,
  "fwhm_z": 2.6475834034703416,
  "gcor": 0.0179441,
  "gsr_x": 0.038985420018434525,
  "gsr_y": -0.002199185313656926,
  "provenance": {
    "md5sum": "f9c5745349069049def7a12a037e4868",
    "settings": {
      "fd_thres": 0.2,
      "hmc_fsl": false
    },
    "software": "mriqc",
    "version": "0.15.1",
    "webapi_port": null,
    "webapi_url": "https://mriqc.nimh.nih.gov/api/v1"
  },
  "size_t": 197,
  "size_x": 112,
  "size_y": 112,
  "size_z": 98,
  "snr": 2.8977789505828144,
  "spacing_tr": 1.3169798851013184,
  "spacing_x": 1.7860000133514404,
  "spacing_y": 1.7860000133514404,
  "spacing_z": 1.7999999523162842,
  "summary_bg_k": 19.973975554116308,
  "summary_bg_mad": 43.03416061401367,
  "summary_bg_mean": 88.67340087890625,
  "summary_bg_median": 32.62317657470703,
  "summary_bg_n": 825141.0,
  "summary_bg_p05": 1.0081439018249512,
  "summary_bg_p95": 369.9773864746094,
  "summary_bg_stdv": 159.60777282714844,
  "summary_fg_k": 1.2465230867683381,
  "summary_fg_mad": 268.63470458984375,
  "summary_fg_mean": 934.4011840820312,
  "summary_fg_median": 907.6171264648438,
  "summary_fg_n": 269528.0,
  "summary_fg_p05": 451.6012619018555,
  "summary_fg_p95": 1483.000958251953,
  "summary_fg_stdv": 313.2107238769531,
  "tsnr": 20.056842803955078
}