{
  "aor": 0.0017686802030456854,
  "aqi": 0.01856131329949239,
  "bids_meta": {
    "AcquisitionMatrixPE": 112,
    "CoilString": "MULTI_COIL",
    "DeviceSerialNumber": "00076",
    "EchoTime": 0.016901,
    "EchoTrainLength": 43,
    "FlipAngle": 13,
    "ImageType": [
      "ORIGINAL",
      "PRIMARY",
      "PHASE",
      "MAP",
      "P",
      "FFE"
    ],
    "ImagingFrequency": 298.03,
    "InstitutionAddress": "Amsterdam",
    "InstitutionName": "Spinoza_Centre",
    "InstitutionalDepartmentName": "Spinoza_Centre",
    "MRAcquisitionType": "3D",
    "MagneticFieldStrength": 7,
    "Manufacturer": "Philips",
    "ManufacturersModelName": "Achieva",
    "Modality": "MR",
    "NumberOfVolumesDiscardedByUser": 3,
    "PatientPosition": "HFS",
    "PercentPhaseFOV": 100,
    "PhaseEncodingDirection": "i",
    "PhaseEncodingSteps": 112,
    "PhilipsRWVIntercept": -3142,
    "PhilipsRWVSlope": 1.53455,
    "PhilipsRescaleIntercept": -3142,
    "PhilipsRescaleSlope": 1.53455,
    "PhilipsScaleSlope": 651.74,
    "PixelBandwidth": 1762,
    "ReconMatrixPE": 112,
    "RepetitionTime": 1.3169799,
    "SAR": 1.96128,
    "ScanOptions": "FS",
    "ScanningSequence": "GR",
    "SequenceVariant": "SK",
    "SeriesInstanceUID": "1.3.46.670589.11.76.5.0.6388.2022071316500147307",
    "SeriesNumber": 601,
    "SliceThickness": 1.8,
    "SoftwareVersions": "5.1.7_5.1.7.0",
    "SpacingBetweenSlices": 1.8,
    "StationName": "7t-acq-multix",
    "StudyID": "694967284",
    "StudyInstanceUID": "1.3.46.670589.11.76.5.0.7360.2022071316280508000",
    "TaskName": "GazeLines",
    "UsePhilipsFloatNotDisplayScaling": 1,
    "dataset": "unknown",
    "modality": "bold",
    "run_id": 1,
    "session_id": "05",
    "subject_id": "002",
    "task_id": "GazeLines"
  },
  "dummy_trs": 0,
  "dvars_nstd": 71.84857389877553,
  "dvars_std": 1.2147619441326534,
  "dvars_vstd": 0.9990476358673467,
  "efc": 0.5375331205155454,
  "fber": 889.9425048828125,
  "fd_mean": 0.3100388920084182,
  "fd_num": 168,
  "fd_perc": 85.27918781725889,
  "fwhm_avg": 2.7652963696890818,
  "fwhm_x": 3.0315957220178222,
  "fwhm_y": 2.6341433173742397,
  "fwhm_z": 2.630150069675183,
  "gcor": 0.0156708,
  "gsr_x": 0.03501670062541962,
  "gsr_y": -0.0005990992649458349,
  "provenance": {
    "md5sum": "c6e1aabf0610123458b3c8d5fc484dce",
    "settings": {
      "fd_thres": 0.2,
      "hmc_fsl": false
    },
    "software": "mriqc",
    "version": "0.15.1",
    "webapi_port": null,
    "webapi_url": "https://mriqc.nimh.nih.gov/api/v1"
  },
  "size_t": 197,
  "size_x": 112,
  "size_y": 112,
  "size_z": 98,
  "snr": 2.8906770012506886,
  "spacing_tr": 1.3169798851013184,
  "spacing_x": 1.7860000133514404,
  "spacing_y": 1.7860000133514404,
  "spacing_z": 1.7999999523162842,
  "summary_bg_k": 20.817121560033044,
  "summary_bg_mad": 37.018009185791016,
  "summary_bg_mean": 78.61962890625,
  "summary_bg_median": 28.042997360229492,
  "summary_bg_n": 825379.0,
  "summary_bg_p05": 0.820927232503891,
  "summary_bg_p95": 330.8669189453124,
  "summary_bg_stdv": 143.87342834472656,
  "summary_fg_k": 1.2130340432271556,
  "summary_fg_mad": 242.34030151367188,
  "summary_fg_mean": 837.3435668945312,
  "summary_fg_median": 814.4349365234375,
  "summary_fg_n": 269362.0,
  "summary_fg_p05": 402.037158203125,
  "summary_fg_p95": 1327.9400573730459,
  "summary_fg_stdv": 281.744873046875,
  "tsnr": 22.63996696472168
}