{
  "aor": 0.0023306593406593407,
  "aqi": 0.01245746076923077,
  "bids_meta": {
    "AcquisitionMatrixPE": 112,
    "CoilString": "MULTI_COIL",
    "DeviceSerialNumber": "00076",
    "EchoTime": 0.016901,
    "EchoTrainLength": 43,
    "FlipAngle": 13,
    "ImageType": [
      "ORIGINAL",
      "PRIMARY",
      "PHASE",
      "MAP",
      "P",
      "FFE"
    ],
    "ImagingFrequency": 298.03,
    "InstitutionAddress": "Amsterdam",
    "InstitutionName": "Spinoza_Centre",
    "InstitutionalDepartmentName": "Spinoza_Centre",
    "MRAcquisitionType": "3D",
    "MagneticFieldStrength": 7,
    "Manufacturer": "Philips",
    "ManufacturersModelName": "Achieva",
    "Modality": "MR",
    "NumberOfVolumesDiscardedByUser": 3,
    "PatientPosition": "HFS",
    "PercentPhaseFOV": 100,
    "PhaseEncodingDirection": "i",
    "PhaseEncodingSteps": 112,
    "PhilipsRWVIntercept": -3142,
    "PhilipsRWVSlope": 1.53455,
    "PhilipsRescaleIntercept": -3142,
    "PhilipsRescaleSlope": 1.53455,
    "PhilipsScaleSlope": 651.74,
    "PixelBandwidth": 1762,
    "ReconMatrixPE": 112,
    "RepetitionTime": 1.3169799,
    "SAR": 1.96128,
    "ScanOptions": "FS",
    "ScanningSequence": "GR",
    "SequenceVariant": "SK",
    "SeriesInstanceUID": "1.3.46.670589.11.76.5.0.6388.2022071316500147307",
    "SeriesNumber": 601,
    "SliceThickness": 1.8,
    "SoftwareVersions": "5.1.7_5.1.7.0",
    "SpacingBetweenSlices": 1.8,
    "StationName": "7t-acq-multix",
    "StudyID": "694967284",
    "StudyInstanceUID": "1.3.46.670589.11.76.5.0.7360.2022071316280508000",
    "TaskName": "Calib",
    "UsePhilipsFloatNotDisplayScaling": 1,
    "dataset": "unknown",
    "modality": "bold",
    "run_id": 1,
    "session_id": "04",
    "subject_id": "002",
    "task_id": "Calib"
  },
  "dummy_trs": 2,
  "dvars_nstd": 58.94544546344444,
  "dvars_std": 1.2132128626666665,
  "dvars_vstd": 0.986135880888889,
  "efc": 0.5319578286842941,
  "fber": 1025.60302734375,
  "fd_mean": 0.2436065907966915,
  "fd_num": 57,
  "fd_perc": 62.637362637362635,
  "fwhm_avg": 2.7415414508034903,
  "fwhm_x": 2.9948655991121114,
  "fwhm_y": 2.61254757285483,
  "fwhm_z": 2.61721118044353,
  "gcor": 0.0151654,
  "gsr_x": 0.03189903497695923,
  "gsr_y": -0.00047875085147097707,
  "provenance": {
    "md5sum": "55a83c2bf363a5b9dc6447b9134f6e8f",
    "settings": {
      "fd_thres": 0.2,
      "hmc_fsl": false
    },
    "software": "mriqc",
    "version": "0.15.1",
    "webapi_port": null,
    "webapi_url": "https://mriqc.nimh.nih.gov/api/v1"
  },
  "size_t": 91,
  "size_x": 112,
  "size_y": 112,
  "size_z": 98,
  "snr": 2.814462352302067,
  "spacing_tr": 1.3169798851013184,
  "spacing_x": 1.7860000133514404,
  "spacing_y": 1.7860000133514404,
  "spacing_z": 1.7999999523162842,
  "summary_bg_k": 20.74471006127109,
  "summary_bg_mad": 43.813846588134766,
  "summary_bg_mean": 94.12577819824219,
  "summary_bg_median": 32.365440368652344,
  "summary_bg_n": 825265.0,
  "summary_bg_p05": 0.6058057427406311,
  "summary_bg_p95": 402.6043762207023,
  "summary_bg_stdv": 176.58273315429688,
  "summary_fg_k": 1.2889133066266174,
  "summary_fg_mad": 309.00177001953125,
  "summary_fg_mean": 1043.7982177734375,
  "summary_fg_median": 1008.4939575195312,
  "summary_fg_n": 269283.0,
  "summary_fg_p05": 503.71705627441406,
  "summary_fg_p95": 1681.2966918945312,
  "summary_fg_stdv": 358.324951171875,
  "tsnr": 29.400436401367188
}