{
  "aor": 0.0014179008746355685,
  "aqi": 0.014115629679300292,
  "bids_meta": {
    "AcquisitionMatrixPE": 112,
    "CoilString": "MULTI_COIL",
    "DeviceSerialNumber": "00076",
    "EchoTime": 0.016901,
    "EchoTrainLength": 43,
    "FlipAngle": 13,
    "ImageType": [
      "ORIGINAL",
      "PRIMARY",
      "PHASE",
      "MAP",
      "P",
      "FFE"
    ],
    "ImagingFrequency": 298.03,
    "InstitutionAddress": "Amsterdam",
    "InstitutionName": "Spinoza_Centre",
    "InstitutionalDepartmentName": "Spinoza_Centre",
    "MRAcquisitionType": "3D",
    "MagneticFieldStrength": 7,
    "Manufacturer": "Philips",
    "ManufacturersModelName": "Achieva",
    "Modality": "MR",
    "NumberOfVolumesDiscardedByUser": 3,
    "PatientPosition": "HFS",
    "PercentPhaseFOV": 100,
    "PhaseEncodingDirection": "i",
    "PhaseEncodingSteps": 112,
    "PhilipsRWVIntercept": -3142,
    "PhilipsRWVSlope": 1.53455,
    "PhilipsRescaleIntercept": -3142,
    "PhilipsRescaleSlope": 1.53455,
    "PhilipsScaleSlope": 651.74,
    "PixelBandwidth": 1762,
    "ReconMatrixPE": 112,
    "RepetitionTime": 1.3169799,
    "SAR": 1.96128,
    "ScanOptions": "FS",
    "ScanningSequence": "GR",
    "SequenceVariant": "SK",
    "SeriesInstanceUID": "1.3.46.670589.11.76.5.0.6388.2022071316500147307",
    "SeriesNumber": 601,
    "SliceThickness": 1.8,
    "SoftwareVersions": "5.1.7_5.1.7.0",
    "SpacingBetweenSlices": 1.8,
    "StationName": "7t-acq-multix",
    "StudyID": "694967284",
    "StudyInstanceUID": "1.3.46.670589.11.76.5.0.7360.2022071316280508000",
    "TaskName": "GazeCCW",
    "UsePhilipsFloatNotDisplayScaling": 1,
    "dataset": "unknown",
    "modality": "bold",
    "run_id": 3,
    "session_id": "04",
    "subject_id": "002",
    "task_id": "GazeCCW"
  },
  "dummy_trs": 0,
  "dvars_nstd": 59.160024285964944,
  "dvars_std": 1.2181145924269001,
  "dvars_vstd": 0.9672217410818705,
  "efc": 0.5334815834922269,
  "fber": 974.1119384765625,
  "fd_mean": 0.2615388314789725,
  "fd_num": 261,
  "fd_perc": 76.0932944606414,
  "fwhm_avg": 2.7560991837682973,
  "fwhm_x": 3.006976461283613,
  "fwhm_y": 2.6362765760369036,
  "fwhm_z": 2.625044513984376,
  "gcor": 0.0176886,
  "gsr_x": 0.032889485359191895,
  "gsr_y": -0.0022699516266584396,
  "provenance": {
    "md5sum": "50efdc1b1d15b3c74b52e2e2d458decd",
    "settings": {
      "fd_thres": 0.2,
      "hmc_fsl": false
    },
    "software": "mriqc",
    "version": "0.15.1",
    "webapi_port": null,
    "webapi_url": "https://mriqc.nimh.nih.gov/api/v1"
  },
  "size_t": 343,
  "size_x": 112,
  "size_y": 112,
  "size_z": 98,
  "snr": 2.833200449252102,
  "spacing_tr": 1.3169798851013184,
  "spacing_x": 1.7860000133514404,
  "spacing_y": 1.7860000133514404,
  "spacing_z": 1.7999999523162842,
  "summary_bg_k": 20.525829035576617,
  "summary_bg_mad": 44.5426025390625,
  "summary_bg_mean": 98.49481964111328,
  "summary_bg_median": 34.2410888671875,
  "summary_bg_n": 826596.0,
  "summary_bg_p05": 1.1906653344631195,
  "summary_bg_p95": 420.1601867675781,
  "summary_bg_stdv": 182.60215759277344,
  "summary_fg_k": 1.3373217785529539,
  "summary_fg_mad": 314.7800598144531,
  "summary_fg_mean": 1072.388671875,
  "summary_fg_median": 1040.6683349609375,
  "summary_fg_n": 268227.0,
  "summary_fg_p05": 510.7358306884766,
  "summary_fg_p95": 1717.4041015624994,
  "summary_fg_stdv": 367.3112487792969,
  "tsnr": 27.379444122314453
}