{
  "aor": 0.0016523032069970846,
  "aqi": 0.013188963731778426,
  "bids_meta": {
    "AcquisitionMatrixPE": 112,
    "CoilString": "MULTI_COIL",
    "DeviceSerialNumber": "00076",
    "EchoTime": 0.016901,
    "EchoTrainLength": 43,
    "FlipAngle": 13,
    "ImageType": [
      "ORIGINAL",
      "PRIMARY",
      "PHASE",
      "MAP",
      "P",
      "FFE"
    ],
    "ImagingFrequency": 298.03,
    "InstitutionAddress": "Amsterdam",
    "InstitutionName": "Spinoza_Centre",
    "InstitutionalDepartmentName": "Spinoza_Centre",
    "MRAcquisitionType": "3D",
    "MagneticFieldStrength": 7,
    "Manufacturer": "Philips",
    "ManufacturersModelName": "Achieva",
    "Modality": "MR",
    "NumberOfVolumesDiscardedByUser": 3,
    "PatientPosition": "HFS",
    "PercentPhaseFOV": 100,
    "PhaseEncodingDirection": "i",
    "PhaseEncodingSteps": 112,
    "PhilipsRWVIntercept": -3142,
    "PhilipsRWVSlope": 1.53455,
    "PhilipsRescaleIntercept": -3142,
    "PhilipsRescaleSlope": 1.53455,
    "PhilipsScaleSlope": 651.74,
    "PixelBandwidth": 1762,
    "ReconMatrixPE": 112,
    "RepetitionTime": 1.3169799,
    "SAR": 1.96128,
    "ScanOptions": "FS",
    "ScanningSequence": "GR",
    "SequenceVariant": "SK",
    "SeriesInstanceUID": "1.3.46.670589.11.76.5.0.6388.2022071316500147307",
    "SeriesNumber": 601,
    "SliceThickness": 1.8,
    "SoftwareVersions": "5.1.7_5.1.7.0",
    "SpacingBetweenSlices": 1.8,
    "StationName": "7t-acq-multix",
    "StudyID": "694967284",
    "StudyInstanceUID": "1.3.46.670589.11.76.5.0.7360.2022071316280508000",
    "TaskName": "GazeCW",
    "UsePhilipsFloatNotDisplayScaling": 1,
    "dataset": "unknown",
    "modality": "bold",
    "run_id": 3,
    "session_id": "04",
    "subject_id": "002",
    "task_id": "GazeCW"
  },
  "dummy_trs": 0,
  "dvars_nstd": 59.603155816491224,
  "dvars_std": 1.2303808173976618,
  "dvars_vstd": 0.9795144502339183,
  "efc": 0.5337331556748375,
  "fber": 971.7407836914062,
  "fd_mean": 0.24486548531105123,
  "fd_num": 239,
  "fd_perc": 69.67930029154519,
  "fwhm_avg": 2.745859965143373,
  "fwhm_x": 2.9970324523993837,
  "fwhm_y": 2.6232362625845562,
  "fwhm_z": 2.617311180446179,
  "gcor": 0.0200794,
  "gsr_x": 0.03114474192261696,
  "gsr_y": -0.0023370059207081795,
  "provenance": {
    "md5sum": "86f0cb42d8b1a3819a7572c11964b73f",
    "settings": {
      "fd_thres": 0.2,
      "hmc_fsl": false
    },
    "software": "mriqc",
    "version": "0.15.1",
    "webapi_port": null,
    "webapi_url": "https://mriqc.nimh.nih.gov/api/v1"
  },
  "size_t": 343,
  "size_x": 112,
  "size_y": 112,
  "size_z": 98,
  "snr": 2.8444678743980183,
  "spacing_tr": 1.3169798851013184,
  "spacing_x": 1.7860000133514404,
  "spacing_y": 1.7860000133514404,
  "spacing_z": 1.7999999523162842,
  "summary_bg_k": 20.493708225912112,
  "summary_bg_mad": 43.408729553222656,
  "summary_bg_mean": 96.2482681274414,
  "summary_bg_median": 33.406410217285156,
  "summary_bg_n": 826420.0,
  "summary_bg_p05": 1.2073788166046144,
  "summary_bg_p95": 411.1328292846679,
  "summary_bg_stdv": 178.34877014160156,
  "summary_fg_k": 1.3008553303347776,
  "summary_fg_mad": 309.2188415527344,
  "summary_fg_mean": 1049.0228271484375,
  "summary_fg_median": 1017.8818969726562,
  "summary_fg_n": 268134.0,
  "summary_fg_p05": 503.3799713134766,
  "summary_fg_p95": 1677.3682983398435,
  "summary_fg_stdv": 357.8454895019531,
  "tsnr": 27.646812438964844
}