{
  "aor": 0.0016868513119533532,
  "aqi": 0.017668225306122446,
  "bids_meta": {
    "AcquisitionMatrixPE": 112,
    "CoilString": "MULTI_COIL",
    "DeviceSerialNumber": "00076",
    "EchoTime": 0.016901,
    "EchoTrainLength": 43,
    "FlipAngle": 13,
    "ImageType": [
      "ORIGINAL",
      "PRIMARY",
      "PHASE",
      "MAP",
      "P",
      "FFE"
    ],
    "ImagingFrequency": 298.03,
    "InstitutionAddress": "Amsterdam",
    "InstitutionName": "Spinoza_Centre",
    "InstitutionalDepartmentName": "Spinoza_Centre",
    "MRAcquisitionType": "3D",
    "MagneticFieldStrength": 7,
    "Manufacturer": "Philips",
    "ManufacturersModelName": "Achieva",
    "Modality": "MR",
    "NumberOfVolumesDiscardedByUser": 3,
    "PatientPosition": "HFS",
    "PercentPhaseFOV": 100,
    "PhaseEncodingDirection": "i",
    "PhaseEncodingSteps": 112,
    "PhilipsRWVIntercept": -3142,
    "PhilipsRWVSlope": 1.53455,
    "PhilipsRescaleIntercept": -3142,
    "PhilipsRescaleSlope": 1.53455,
    "PhilipsScaleSlope": 651.74,
    "PixelBandwidth": 1762,
    "ReconMatrixPE": 112,
    "RepetitionTime": 1.3169799,
    "SAR": 1.96128,
    "ScanOptions": "FS",
    "ScanningSequence": "GR",
    "SequenceVariant": "SK",
    "SeriesInstanceUID": "1.3.46.670589.11.76.5.0.6388.2022071316500147307",
    "SeriesNumber": 601,
    "SliceThickness": 1.8,
    "SoftwareVersions": "5.1.7_5.1.7.0",
    "SpacingBetweenSlices": 1.8,
    "StationName": "7t-acq-multix",
    "StudyID": "694967284",
    "StudyInstanceUID": "1.3.46.670589.11.76.5.0.7360.2022071316280508000",
    "TaskName": "GazeCW",
    "UsePhilipsFloatNotDisplayScaling": 1,
    "dataset": "unknown",
    "modality": "bold",
    "run_id": 2,
    "session_id": "04",
    "subject_id": "002",
    "task_id": "GazeCW"
  },
  "dummy_trs": 0,
  "dvars_nstd": 60.75342113663746,
  "dvars_std": 1.2137817792105263,
  "dvars_vstd": 0.9746858643859655,
  "efc": 0.5340637485330348,
  "fber": 927.89892578125,
  "fd_mean": 0.2580808008452283,
  "fd_num": 250,
  "fd_perc": 72.8862973760933,
  "fwhm_avg": 2.78592494589112,
  "fwhm_x": 3.0531354754962168,
  "fwhm_y": 2.657911514285024,
  "fwhm_z": 2.6467278478921212,
  "gcor": 0.0177819,
  "gsr_x": 0.032061073929071426,
  "gsr_y": -0.0011356626637279987,
  "provenance": {
    "md5sum": "26f1a0efae5484d10f91e93f93e44946",
    "settings": {
      "fd_thres": 0.2,
      "hmc_fsl": false
    },
    "software": "mriqc",
    "version": "0.15.1",
    "webapi_port": null,
    "webapi_url": "https://mriqc.nimh.nih.gov/api/v1"
  },
  "size_t": 343,
  "size_x": 112,
  "size_y": 112,
  "size_z": 98,
  "snr": 2.8269807568488607,
  "spacing_tr": 1.3169798851013184,
  "spacing_x": 1.7860000133514404,
  "spacing_y": 1.7860000133514404,
  "spacing_z": 1.7999999523162842,
  "summary_bg_k": 20.835589466917348,
  "summary_bg_mad": 40.56977462768555,
  "summary_bg_mean": 87.5262451171875,
  "summary_bg_median": 31.32149887084961,
  "summary_bg_n": 825339.0,
  "summary_bg_p05": 1.2023109674453736,
  "summary_bg_p95": 369.3178314208982,
  "summary_bg_stdv": 161.2639617919922,
  "summary_fg_k": 1.3070386041215727,
  "summary_fg_mad": 283.9205017089844,
  "summary_fg_mean": 958.446533203125,
  "summary_fg_median": 930.481201171875,
  "summary_fg_n": 269647.0,
  "summary_fg_p05": 453.37070007324223,
  "summary_fg_p95": 1536.199865722655,
  "summary_fg_stdv": 329.1424865722656,
  "tsnr": 23.3024959564209
}