{
  "aor": 0.0010162390670553933,
  "aqi": 0.012863002099125363,
  "bids_meta": {
    "AcquisitionMatrixPE": 112,
    "CoilString": "MULTI_COIL",
    "DeviceSerialNumber": "00076",
    "EchoTime": 0.016901,
    "EchoTrainLength": 43,
    "FlipAngle": 13,
    "ImageType": [
      "ORIGINAL",
      "PRIMARY",
      "PHASE",
      "MAP",
      "P",
      "FFE"
    ],
    "ImagingFrequency": 298.03,
    "InstitutionAddress": "Amsterdam",
    "InstitutionName": "Spinoza_Centre",
    "InstitutionalDepartmentName": "Spinoza_Centre",
    "MRAcquisitionType": "3D",
    "MagneticFieldStrength": 7,
    "Manufacturer": "Philips",
    "ManufacturersModelName": "Achieva",
    "Modality": "MR",
    "NumberOfVolumesDiscardedByUser": 3,
    "PatientPosition": "HFS",
    "PercentPhaseFOV": 100,
    "PhaseEncodingDirection": "i",
    "PhaseEncodingSteps": 112,
    "PhilipsRWVIntercept": -3142,
    "PhilipsRWVSlope": 1.53455,
    "PhilipsRescaleIntercept": -3142,
    "PhilipsRescaleSlope": 1.53455,
    "PhilipsScaleSlope": 651.74,
    "PixelBandwidth": 1762,
    "ReconMatrixPE": 112,
    "RepetitionTime": 1.3169799,
    "SAR": 1.96128,
    "ScanOptions": "FS",
    "ScanningSequence": "GR",
    "SequenceVariant": "SK",
    "SeriesInstanceUID": "1.3.46.670589.11.76.5.0.6388.2022071316500147307",
    "SeriesNumber": 601,
    "SliceThickness": 1.8,
    "SoftwareVersions": "5.1.7_5.1.7.0",
    "SpacingBetweenSlices": 1.8,
    "StationName": "7t-acq-multix",
    "StudyID": "694967284",
    "StudyInstanceUID": "1.3.46.670589.11.76.5.0.7360.2022071316280508000",
    "TaskName": "GazeCW",
    "UsePhilipsFloatNotDisplayScaling": 1,
    "dataset": "unknown",
    "modality": "bold",
    "run_id": 1,
    "session_id": "04",
    "subject_id": "002",
    "task_id": "GazeCW"
  },
  "dummy_trs": 0,
  "dvars_nstd": 61.52924217546784,
  "dvars_std": 1.2149737741228075,
  "dvars_vstd": 0.9765494576023394,
  "efc": 0.5335035685768494,
  "fber": 949.2813110351562,
  "fd_mean": 0.2603273161357531,
  "fd_num": 277,
  "fd_perc": 80.75801749271137,
  "fwhm_avg": 2.7489867288513907,
  "fwhm_x": 3.002435587857313,
  "fwhm_y": 2.6260134182188906,
  "fwhm_z": 2.6185111804779684,
  "gcor": 0.0156767,
  "gsr_x": 0.030809469521045685,
  "gsr_y": -0.0013704878510907292,
  "provenance": {
    "md5sum": "2aac9a42eb46eaed86d30c133690b7a3",
    "settings": {
      "fd_thres": 0.2,
      "hmc_fsl": false
    },
    "software": "mriqc",
    "version": "0.15.1",
    "webapi_port": null,
    "webapi_url": "https://mriqc.nimh.nih.gov/api/v1"
  },
  "size_t": 343,
  "size_x": 112,
  "size_y": 112,
  "size_z": 98,
  "snr": 2.8278273553116184,
  "spacing_tr": 1.3169798851013184,
  "spacing_x": 1.7860000133514404,
  "spacing_y": 1.7860000133514404,
  "spacing_z": 1.7999999523162842,
  "summary_bg_k": 20.79295631024197,
  "summary_bg_mad": 41.405052185058594,
  "summary_bg_mean": 90.96781921386719,
  "summary_bg_median": 32.10023880004883,
  "summary_bg_n": 825692.0,
  "summary_bg_p05": 1.1376745462417603,
  "summary_bg_p95": 387.3096023559569,
  "summary_bg_stdv": 169.05291748046875,
  "summary_fg_k": 1.2991798173930071,
  "summary_fg_mad": 294.93359375,
  "summary_fg_mean": 995.6593627929688,
  "summary_fg_median": 965.3299560546875,
  "summary_fg_n": 268947.0,
  "summary_fg_p05": 474.54757385253913,
  "summary_fg_p95": 1597.1363891601559,
  "summary_fg_stdv": 341.367431640625,
  "tsnr": 27.952259063720703
}