{
	"Manufacturer": "Philips",
	"PatientPosition": "HFS",
	"SeriesDescription": "ImageMRSERIES",
	"ProtocolName": "task-AFGCFS_run-1_bold",
	"SeriesNumber": 4,
	"AcquisitionNumber": 4,
	"ImageComments": "sub-01_ses-01_prfGazeMod",
	"PhilipsRescaleSlope": 3.66862,
	"PhilipsRescaleIntercept": 0,
	"PhilipsScaleSlope": 5.24999e-05,
	"UsePhilipsFloatNotDisplayScaling": 1,
	"EchoTime": 0.01689,
	"RepetitionTime": 1.31698,
	"ReconMatrixPE": 112,
	"PhaseEncodingDirection": "i-",
	"ImageOrientationPatientDICOM": [
		0,
		0.924013,
		-0.382361,
		-0,
		-0.382361,
		-0.924013	],
	"ConversionSoftware": "dcm2niix",
	"ConversionSoftwareVersion": "v1.0.20180622 GCC4.9.2",
	"TaskName":"AttendFixGazeCenterFS"
}
