{
  "aor": 0.0007722666666666667,
  "aqi": 0.0054759475999999994,
  "bids_meta": {
    "AcquisitionNumber": 8,
    "ConversionSoftware": "dcm2niix",
    "ConversionSoftwareVersion": "v1.0.20180622 GCC4.9.2",
    "EchoTime": 0.01689,
    "ImageComments": "sub-01_ses-01_prfGazeMod",
    "ImageOrientationPatientDICOM": [
      0,
      0.924013,
      -0.382361,
      0,
      -0.382361,
      -0.924013
    ],
    "Manufacturer": "Philips",
    "PatientPosition": "HFS",
    "PhilipsRescaleIntercept": 0,
    "PhilipsRescaleSlope": 3.78071,
    "PhilipsScaleSlope": 5.22498e-05,
    "ProtocolName": "task-AFGCFS_run-2_bold",
    "ReconMatrixPE": 112,
    "RepetitionTime": 1.31698,
    "SeriesDescription": "ImageMRSERIES",
    "SeriesNumber": 8,
    "TaskName": "AttendFixGazeCenterFS",
    "UsePhilipsFloatNotDisplayScaling": 1,
    "dataset": "unknown",
    "modality": "bold",
    "run_id": 2,
    "session_id": "01",
    "subject_id": "001",
    "task_id": "AttendFixGazeCenterFS"
  },
  "dummy_trs": 0,
  "dvars_nstd": 52.83086556557048,
  "dvars_std": 1.1656578873825505,
  "dvars_vstd": 1.0057543530201343,
  "efc": 0.5382186782686074,
  "fber": 851.4801025390625,
  "fd_mean": 0.2037264422641548,
  "fd_num": 78,
  "fd_perc": 52.0,
  "fwhm_avg": 2.805362901573144,
  "fwhm_x": 3.051886875281587,
  "fwhm_y": 2.706657314592512,
  "fwhm_z": 2.657544514845332,
  "gcor": 0.016276,
  "gsr_x": 0.03608463704586029,
  "gsr_y": 0.0001947243872564286,
  "provenance": {
    "md5sum": "2233804cf30625e9663e1b269d9b7de4",
    "settings": {
      "fd_thres": 0.2,
      "hmc_fsl": false
    },
    "software": "mriqc",
    "version": "0.15.1",
    "webapi_port": null,
    "webapi_url": "https://mriqc.nimh.nih.gov/api/v1"
  },
  "size_t": 150,
  "size_x": 112,
  "size_y": 112,
  "size_z": 98,
  "snr": 2.6459877837319894,
  "spacing_tr": 1.3169798851013184,
  "spacing_x": 1.7860000133514404,
  "spacing_y": 1.7860000133514404,
  "spacing_z": 1.7999999523162842,
  "summary_bg_k": 17.324234433668025,
  "summary_bg_mad": 231091.71875,
  "summary_bg_mean": 503894.0,
  "summary_bg_median": 169004.65625,
  "summary_bg_n": 825232.0,
  "summary_bg_p05": 1400.1269958496096,
  "summary_bg_p95": 2254878.3749999898,
  "summary_bg_stdv": 905360.0,
  "summary_fg_k": 1.8535201480941703,
  "summary_fg_mad": 1606962.5,
  "summary_fg_mean": 5140450.0,
  "summary_fg_median": 4978790.5,
  "summary_fg_n": 268803.0,
  "summary_fg_p05": 2305242.55,
  "summary_fg_p95": 8369231.299999999,
  "summary_fg_stdv": 1881634.25,
  "tsnr": 34.80024719238281
}