{
  "bids_meta": {
    "AcquisitionNumber": 8,
    "ConversionSoftware": "dcm2niix",
    "ConversionSoftwareVersion": "v1.0.20180622 GCC4.9.2",
    "EchoTime": 0.00375,
    "ImageComments": "sub-002_ses-anat_pRFGazeMod",
    "ImageOrientationPatientDICOM": [
      -0.0437325,
      0.998067,
      -0.0441483,
      0.0528588,
      -0.0418171,
      -0.997726
    ],
    "InversionTime": 0.95,
    "Manufacturer": "Philips",
    "PatientPosition": "HFS",
    "PhilipsRescaleIntercept": 0,
    "PhilipsRescaleSlope": 4.18413,
    "PhilipsScaleSlope": 0.00410527,
    "ProtocolName": "acq-1mm-sag_T1w_3m54s_Philips",
    "ReconMatrixPE": 256,
    "RepetitionTime": 0.00817,
    "SeriesDescription": "ImageMRSERIES",
    "SeriesNumber": 8,
    "UsePhilipsFloatNotDisplayScaling": 1,
    "acq_id": "PHILLIPS",
    "dataset": "unknown",
    "modality": "T1w",
    "run_id": 2,
    "session_id": "03",
    "subject_id": "002"
  },
  "cjv": 0.33068790150098815,
  "cnr": 3.7821734468085366,
  "efc": 0.7404342546674284,
  "fber": 1430.694580078125,
  "fwhm_avg": 3.7039334083231332,
  "fwhm_x": 3.7743602249694006,
  "fwhm_y": 3.9388,
  "fwhm_z": 3.39864,
  "icvs_csf": 0.20920696727524565,
  "icvs_gm": 0.41874572315577807,
  "icvs_wm": 0.3720473095689763,
  "inu_med": 2.588580846786499,
  "inu_range": 0.8271242141723616,
  "provenance": {
    "md5sum": "98b5835ef747b3631845aec65fe14ce0",
    "settings": {
      "testing": false
    },
    "software": "mriqc",
    "version": "0.15.1",
    "warnings": {
      "large_rot_frame": true,
      "small_air_mask": false
    },
    "webapi_port": null,
    "webapi_url": "https://mriqc.nimh.nih.gov/api/v1"
  },
  "qi_1": 0.0,
  "qi_2": 5.029188776747277e-05,
  "rpve_csf": 33.45904043104512,
  "rpve_gm": 17.91231205065206,
  "rpve_wm": 25.729064971729137,
  "size_x": 250,
  "size_y": 256,
  "size_z": 256,
  "snr_csf": 1.7638914908954741,
  "snr_gm": 7.017630438982874,
  "snr_total": 8.59848607115984,
  "snr_wm": 17.013936283601172,
  "snrd_csf": 29.54276066671575,
  "snrd_gm": 78.1510883609854,
  "snrd_total": 79.08158591570088,
  "snrd_wm": 129.55090871940152,
  "spacing_x": 0.9999999403953552,
  "spacing_y": 1.0,
  "spacing_z": 1.0,
  "summary_bg_k": 5.7244537365115615,
  "summary_bg_mad": 5.057008266448975,
  "summary_bg_mean": 12.151910781860352,
  "summary_bg_median": 6.506985664367676,
  "summary_bg_n": 441350.0,
  "summary_bg_p05": 0.0,
  "summary_bg_p95": 36.47439308166504,
  "summary_bg_stdv": 12.678483963012695,
  "summary_csf_k": 0.47543661702967643,
  "summary_csf_mad": 156.16793823242188,
  "summary_csf_mean": 236.44927978515625,
  "summary_csf_median": 228.04104614257812,
  "summary_csf_n": 7054.0,
  "summary_csf_p05": 60.28834800720215,
  "summary_csf_p95": 443.70328979492183,
  "summary_csf_stdv": 129.2737579345703,
  "summary_gm_k": 0.4808391256939468,
  "summary_gm_mad": 77.9795913696289,
  "summary_gm_mean": 606.9135131835938,
  "summary_gm_median": 603.24951171875,
  "summary_gm_n": 17303.0,
  "summary_gm_p05": 466.4702117919922,
  "summary_gm_p95": 754.6668518066405,
  "summary_gm_stdv": 85.95951080322266,
  "summary_wm_k": 0.9311925665981118,
  "summary_wm_mad": 53.22283172607422,
  "summary_wm_mean": 998.1051025390625,
  "summary_wm_median": 1000.0055541992188,
  "summary_wm_n": 220087.0,
  "summary_wm_p05": 897.4911926269532,
  "summary_wm_p95": 1089.7143676757812,
  "summary_wm_stdv": 58.77553939819336,
  "tpm_overlap_csf": 0.2031695544719696,
  "tpm_overlap_gm": 0.49525392055511475,
  "tpm_overlap_wm": 0.5647730231285095,
  "wm2max": 0.5590468722369468
}