{
  "bids_meta": {
    "AcquisitionNumber": 3,
    "ConversionSoftware": "dcm2niix",
    "ConversionSoftwareVersion": "v1.0.20180622 GCC4.9.2",
    "EchoTime": 0.00294,
    "ImageComments": "sub-002_ses-anat_pRFGazeMod",
    "ImageOrientationPatientDICOM": [
      -0.0437325,
      0.998067,
      -0.0441483,
      0.0528588,
      -0.0418171,
      -0.997726
    ],
    "InversionTime": 0.9,
    "Manufacturer": "Philips",
    "PatientPosition": "HFS",
    "PhilipsRescaleIntercept": 0,
    "PhilipsRescaleSlope": 2.2061,
    "PhilipsScaleSlope": 0.00610907,
    "ProtocolName": "acq-1mm-sag_T1w_6m12s_ADNI",
    "ReconMatrixPE": 256,
    "RepetitionTime": 0.006428,
    "SeriesDescription": "ImageMRSERIES",
    "SeriesNumber": 3,
    "UsePhilipsFloatNotDisplayScaling": 1,
    "acq_id": "ADNI",
    "dataset": "unknown",
    "modality": "T1w",
    "run_id": 1,
    "session_id": "03",
    "subject_id": "002"
  },
  "cjv": 0.31716220186755584,
  "cnr": 4.056925202957244,
  "efc": 0.6235718750685214,
  "fber": 74848.71875,
  "fwhm_avg": 3.8058167433530143,
  "fwhm_x": 3.8597502300590416,
  "fwhm_y": 4.07706,
  "fwhm_z": 3.48064,
  "icvs_csf": 0.24101995861549397,
  "icvs_gm": 0.38919887191321845,
  "icvs_wm": 0.3697811694712876,
  "inu_med": 2.007213592529297,
  "inu_range": 0.5066424131393432,
  "provenance": {
    "md5sum": "32f81a9d90a90e90d5ef889847cfd9ed",
    "settings": {
      "testing": false
    },
    "software": "mriqc",
    "version": "0.15.1",
    "warnings": {
      "large_rot_frame": true,
      "small_air_mask": false
    },
    "webapi_port": null,
    "webapi_url": "https://mriqc.nimh.nih.gov/api/v1"
  },
  "qi_1": 0.03425232376298573,
  "qi_2": 1.484339999818196e-05,
  "rpve_csf": 24.947859788947614,
  "rpve_gm": 15.251678104002712,
  "rpve_wm": 21.57071488717136,
  "size_x": 211,
  "size_y": 256,
  "size_z": 256,
  "snr_csf": 2.6946812947474683,
  "snr_gm": 8.329829291245582,
  "snr_total": 9.53924760241613,
  "snr_wm": 17.593232221255338,
  "snrd_csf": 69.53308397011232,
  "snrd_gm": 128.85403319656916,
  "snrd_total": 135.5845833076798,
  "snrd_wm": 208.3666327563579,
  "spacing_x": 0.9999999403953552,
  "spacing_y": 1.0,
  "spacing_z": 1.0,
  "summary_bg_k": 1465.7522740203356,
  "summary_bg_mad": 3.144153594970703,
  "summary_bg_mean": 4.766211032867432,
  "summary_bg_median": 2.138015031814575,
  "summary_bg_n": 1419866.0,
  "summary_bg_p05": 0.0,
  "summary_bg_p95": 21.38215923309326,
  "summary_bg_stdv": 10.27953815460205,
  "summary_csf_k": 10.442601359676335,
  "summary_csf_mad": 113.73896026611328,
  "summary_csf_mean": 314.6045227050781,
  "summary_csf_median": 333.70562744140625,
  "summary_csf_n": 12577.0,
  "summary_csf_p05": 102.51763000488283,
  "summary_csf_p95": 479.4746154785155,
  "summary_csf_stdv": 123.83370208740234,
  "summary_gm_k": 0.44962810881237125,
  "summary_gm_mad": 68.85856628417969,
  "summary_gm_mean": 618.6361694335938,
  "summary_gm_median": 618.4008178710938,
  "summary_gm_n": 13963.0,
  "summary_gm_p05": 494.8615478515625,
  "summary_gm_p95": 743.1068176269531,
  "summary_gm_stdv": 74.23665618896484,
  "summary_wm_k": 0.6062766776612691,
  "summary_wm_mad": 52.17042541503906,
  "summary_wm_mean": 999.2711791992188,
  "summary_wm_median": 1000.00048828125,
  "summary_wm_n": 223220.0,
  "summary_wm_p05": 904.4224914550782,
  "summary_wm_p95": 1091.9449645996094,
  "summary_wm_stdv": 56.83993911743164,
  "tpm_overlap_csf": 0.1989198476076126,
  "tpm_overlap_gm": 0.4739364981651306,
  "tpm_overlap_wm": 0.5638043880462646,
  "wm2max": 0.5140898214966179
}