{
  "bids_meta": {
    "AcquisitionNumber": 5,
    "ConversionSoftware": "dcm2niix",
    "ConversionSoftwareVersion": "v1.0.20180622 GCC4.9.2",
    "EchoTime": 0.00375,
    "ImageComments": "sub-002_ses-anat_pRFGazeMod",
    "ImageOrientationPatientDICOM": [
      -0.0437325,
      0.998067,
      -0.0441483,
      0.0528588,
      -0.0418171,
      -0.997726
    ],
    "InversionTime": 0.95,
    "Manufacturer": "Philips",
    "PatientPosition": "HFS",
    "PhilipsRescaleIntercept": 0,
    "PhilipsRescaleSlope": 460.133,
    "PhilipsScaleSlope": 0.00410527,
    "ProtocolName": "acq-1mm-sag_T1w_3m54s_Philips",
    "ReconMatrixPE": 256,
    "RepetitionTime": 0.00817,
    "SeriesDescription": "ImageMRSERIES",
    "SeriesNumber": 5,
    "UsePhilipsFloatNotDisplayScaling": 1,
    "acq_id": "PHILLIPS",
    "dataset": "unknown",
    "modality": "T1w",
    "run_id": 1,
    "session_id": "03",
    "subject_id": "002"
  },
  "cjv": 0.33495778751454286,
  "cnr": 3.7690839727040437,
  "efc": 0.737803853000542,
  "fber": 680.3323364257812,
  "fwhm_avg": 3.6165967404764934,
  "fwhm_x": 3.7149702214294806,
  "fwhm_y": 3.83536,
  "fwhm_z": 3.29946,
  "icvs_csf": 0.20617620074281637,
  "icvs_gm": 0.4192621958414185,
  "icvs_wm": 0.3745616034157651,
  "inu_med": 2.2558541297912598,
  "inu_range": 0.6667735099792478,
  "provenance": {
    "md5sum": "44e9aa082578f44a2dc2dab8b3df77fa",
    "settings": {
      "testing": false
    },
    "software": "mriqc",
    "version": "0.15.1",
    "warnings": {
      "large_rot_frame": true,
      "small_air_mask": false
    },
    "webapi_port": null,
    "webapi_url": "https://mriqc.nimh.nih.gov/api/v1"
  },
  "qi_1": 0.0,
  "qi_2": 3.89634919811745e-05,
  "rpve_csf": 34.16647803271942,
  "rpve_gm": 18.078062513389987,
  "rpve_wm": 25.949339907746143,
  "size_x": 250,
  "size_y": 256,
  "size_z": 256,
  "snr_csf": 2.1169863543599616,
  "snr_gm": 6.8436358912697655,
  "snr_total": 8.706946579986004,
  "snr_wm": 17.160217494328286,
  "snrd_csf": 36.61625429531986,
  "snrd_gm": 82.39757236430711,
  "snrd_total": 85.4692340363077,
  "snrd_wm": 137.3938754492961,
  "spacing_x": 0.9999999403953552,
  "spacing_y": 1.0,
  "spacing_z": 1.0,
  "summary_bg_k": 143.38647610764434,
  "summary_bg_mad": 4.768285751342773,
  "summary_bg_mean": 12.149521827697754,
  "summary_bg_median": 6.25969123840332,
  "summary_bg_n": 443324.0,
  "summary_bg_p05": 0.0,
  "summary_bg_p95": 37.84110069274902,
  "summary_bg_stdv": 14.283565521240234,
  "summary_csf_k": -0.5477007809775163,
  "summary_csf_mad": 147.44094848632812,
  "summary_csf_mean": 253.80868530273438,
  "summary_csf_median": 266.50445556640625,
  "summary_csf_n": 5396.0,
  "summary_csf_p05": 60.998074531555176,
  "summary_csf_p95": 443.2136917114258,
  "summary_csf_stdv": 125.87693786621094,
  "summary_gm_k": 0.4199719365149348,
  "summary_gm_mad": 81.75730895996094,
  "summary_gm_mean": 602.077880859375,
  "summary_gm_median": 599.715087890625,
  "summary_gm_n": 17526.0,
  "summary_gm_p05": 461.19397735595703,
  "summary_gm_p95": 753.4701538085938,
  "summary_gm_stdv": 87.6285629272461,
  "summary_wm_k": 0.9550788487702229,
  "summary_wm_mad": 52.319644927978516,
  "summary_wm_mean": 998.4395751953125,
  "summary_wm_median": 999.9952392578125,
  "summary_wm_n": 214969.0,
  "summary_wm_p05": 899.5260131835937,
  "summary_wm_p95": 1090.47373046875,
  "summary_wm_stdv": 58.27390670776367,
  "tpm_overlap_csf": 0.19406192004680634,
  "tpm_overlap_gm": 0.49196720123291016,
  "tpm_overlap_wm": 0.5672748684883118,
  "wm2max": 0.5668471386160864
}