{
  "bids_meta": {
    "AcquisitionNumber": 9,
    "ConversionSoftware": "dcm2niix",
    "ConversionSoftwareVersion": "v1.0.20180622 GCC4.9.2",
    "EchoTime": 0.00294,
    "ImageComments": "sub-002_ses-anat_pRFGazeMod",
    "ImageOrientationPatientDICOM": [
      -0.0437325,
      0.998067,
      -0.0441483,
      0.0528588,
      -0.0418171,
      -0.997726
    ],
    "InversionTime": 0.9,
    "Manufacturer": "Philips",
    "PatientPosition": "HFS",
    "PhilipsRescaleIntercept": 0,
    "PhilipsRescaleSlope": 2.23565,
    "PhilipsScaleSlope": 0.00610907,
    "ProtocolName": "acq-1mm-sag_T1w_6m12s_ADNI",
    "ReconMatrixPE": 256,
    "RepetitionTime": 0.006428,
    "SeriesDescription": "ImageMRSERIES",
    "SeriesNumber": 9,
    "UsePhilipsFloatNotDisplayScaling": 1,
    "acq_id": "ADNI",
    "dataset": "unknown",
    "modality": "T1w",
    "run_id": 2,
    "session_id": "03",
    "subject_id": "002"
  },
  "cjv": 0.32069298336027985,
  "cnr": 4.097029959625593,
  "efc": 0.6352867343488643,
  "fber": 68598.7421875,
  "fwhm_avg": 3.7672967421323107,
  "fwhm_x": 3.7983102263969317,
  "fwhm_y": 4.06937,
  "fwhm_z": 3.43421,
  "icvs_csf": 0.24129761971302074,
  "icvs_gm": 0.3925710696931047,
  "icvs_wm": 0.3661313105938746,
  "inu_med": 1.854280710220337,
  "inu_range": 0.43777835965156564,
  "provenance": {
    "md5sum": "6bcd062645a4401d741fe5812accc414",
    "settings": {
      "testing": false
    },
    "software": "mriqc",
    "version": "0.15.1",
    "warnings": {
      "large_rot_frame": true,
      "small_air_mask": false
    },
    "webapi_port": null,
    "webapi_url": "https://mriqc.nimh.nih.gov/api/v1"
  },
  "qi_1": 0.03684260281095034,
  "qi_2": 3.871021812477326e-05,
  "rpve_csf": 24.842757932910246,
  "rpve_gm": 15.15723543221533,
  "rpve_wm": 21.513343050260072,
  "size_x": 211,
  "size_y": 256,
  "size_z": 256,
  "snr_csf": 2.756101876458722,
  "snr_gm": 8.293221300145966,
  "snr_total": 9.463892841707562,
  "snr_wm": 17.342355348517998,
  "snrd_csf": 64.9445222831493,
  "snrd_gm": 124.08253846504435,
  "snrd_total": 130.44661278566227,
  "snrd_wm": 202.31277760879317,
  "spacing_x": 0.9999999403953552,
  "spacing_y": 1.0,
  "spacing_z": 1.0,
  "summary_bg_k": 17.8745595180986,
  "summary_bg_mad": 3.2382471561431885,
  "summary_bg_mean": 5.706231117248535,
  "summary_bg_median": 2.184164524078369,
  "summary_bg_n": 1290064.0,
  "summary_bg_p05": 0.0,
  "summary_bg_p95": 28.224357509613036,
  "summary_bg_stdv": 10.66893482208252,
  "summary_csf_k": 0.030841514141079163,
  "summary_csf_mad": 116.02188110351562,
  "summary_csf_mean": 303.4323425292969,
  "summary_csf_median": 321.01165771484375,
  "summary_csf_n": 15650.0,
  "summary_csf_p05": 102.06877098083497,
  "summary_csf_p95": 467.92587738037093,
  "summary_csf_stdv": 116.46935272216797,
  "summary_gm_k": 0.3180794253091008,
  "summary_gm_mad": 70.4007568359375,
  "summary_gm_mean": 614.8248901367188,
  "summary_gm_median": 613.3225708007812,
  "summary_gm_n": 16570.0,
  "summary_gm_p05": 494.89563446044923,
  "summary_gm_p95": 738.6562927246093,
  "summary_gm_stdv": 73.95245361328125,
  "summary_wm_k": 0.4553563122035009,
  "summary_wm_mad": 53.60515594482422,
  "summary_wm_mean": 999.7063598632812,
  "summary_wm_median": 1000.003662109375,
  "summary_wm_n": 223188.0,
  "summary_wm_p05": 903.5467468261718,
  "summary_wm_p95": 1094.5826721191406,
  "summary_wm_stdv": 57.662376403808594,
  "tpm_overlap_csf": 0.19992563128471375,
  "tpm_overlap_gm": 0.4753545820713043,
  "tpm_overlap_wm": 0.5646924376487732,
  "wm2max": 0.5294724956505299
}