{
  "bids_meta": {
    "AcquisitionNumber": 7,
    "ConversionSoftware": "dcm2niix",
    "ConversionSoftwareVersion": "v1.0.20180622 GCC4.9.2",
    "EchoTime": 0.331,
    "ImageComments": "sub-002_ses-anat_pRFGazeMod",
    "ImageOrientationPatientDICOM": [
      -0.0437325,
      0.998067,
      -0.0441483,
      0.0528588,
      -0.0418171,
      -0.997726
    ],
    "Manufacturer": "Philips",
    "PatientPosition": "HFS",
    "PhilipsRescaleIntercept": 0,
    "PhilipsRescaleSlope": 1.51819,
    "PhilipsScaleSlope": 0.00209479,
    "ProtocolName": "3DT2_1mm",
    "ReconMatrixPE": 256,
    "RepetitionTime": 2.5,
    "SeriesDescription": "ImageMRSERIES",
    "SeriesNumber": 7,
    "UsePhilipsFloatNotDisplayScaling": 1,
    "dataset": "unknown",
    "modality": "T2w",
    "session_id": "03",
    "subject_id": "002"
  },
  "cjv": 0.4842712309931393,
  "cnr": 2.812448291561857,
  "efc": 0.4460833730314205,
  "fber": 26568.56640625,
  "fwhm_avg": 2.7126500537620024,
  "fwhm_x": 2.705930161286006,
  "fwhm_y": 2.90206,
  "fwhm_z": 2.52996,
  "icvs_csf": 0.17631675047034887,
  "icvs_gm": 0.4059647217620206,
  "icvs_wm": 0.4177185277676306,
  "inu_med": 2.0977115631103516,
  "inu_range": 0.3892553925514224,
  "provenance": {
    "md5sum": "5a0ab3a87cf8ab0de7acb63d091da257",
    "settings": {
      "testing": false
    },
    "software": "mriqc",
    "version": "0.15.1",
    "warnings": {
      "large_rot_frame": true,
      "small_air_mask": false
    },
    "webapi_port": null,
    "webapi_url": "https://mriqc.nimh.nih.gov/api/v1"
  },
  "qi_1": 0.08339817279308138,
  "qi_2": 3.507086695616264e-06,
  "rpve_csf": 40.84497690964491,
  "rpve_gm": 18.21207780500701,
  "rpve_wm": 20.0668652335319,
  "size_x": 250,
  "size_y": 256,
  "size_z": 256,
  "snr_csf": 3.611246832448815,
  "snr_gm": 10.898735270505622,
  "snr_total": 8.330281425357807,
  "snr_wm": 10.480862173118984,
  "snrd_csf": 609.4115135017317,
  "snrd_gm": 222.47523120241755,
  "snrd_total": 327.3831555109475,
  "snrd_wm": 150.26272182869317,
  "spacing_x": 0.9999999403953552,
  "spacing_y": 1.0,
  "spacing_z": 1.0,
  "summary_bg_k": 213.1266042632379,
  "summary_bg_mad": 4.35975456237793,
  "summary_bg_mean": 8.550909042358398,
  "summary_bg_median": 2.9406096935272217,
  "summary_bg_n": 1356156.0,
  "summary_bg_p05": 0.0,
  "summary_bg_p95": 21.61910629272461,
  "summary_bg_stdv": 40.50473403930664,
  "summary_csf_k": 1.246035152650487,
  "summary_csf_mad": 932.6093139648438,
  "summary_csf_mean": 3886.8623046875,
  "summary_csf_median": 4055.468017578125,
  "summary_csf_n": 44313.0,
  "summary_csf_p05": 1546.0349365234374,
  "summary_csf_p95": 5399.20068359375,
  "summary_csf_stdv": 1122.997802734375,
  "summary_gm_k": 0.22673396162910509,
  "summary_gm_mad": 133.35719299316406,
  "summary_gm_mean": 1482.72705078125,
  "summary_gm_median": 1480.51220703125,
  "summary_gm_n": 19992.0,
  "summary_gm_p05": 1264.6014038085937,
  "summary_gm_p95": 1709.1866271972658,
  "summary_gm_stdv": 135.83917236328125,
  "summary_wm_k": -0.17569334456313257,
  "summary_wm_mad": 99.36158752441406,
  "summary_wm_mean": 993.4882202148438,
  "summary_wm_median": 999.9575805664062,
  "summary_wm_n": 160727.0,
  "summary_wm_p05": 828.506396484375,
  "summary_wm_p95": 1137.7027587890625,
  "summary_wm_stdv": 95.40765380859375,
  "tpm_overlap_csf": 0.20634815096855164,
  "tpm_overlap_gm": 0.44380107522010803,
  "tpm_overlap_wm": 0.4856400787830353,
  "wm2max": 0.19613151705853207
}