{
  "aor": 0.004477866666666667,
  "aqi": 0.010302844933333334,
  "bids_meta": {
    "AcquisitionNumber": 4,
    "ConversionSoftware": "dcm2niix",
    "ConversionSoftwareVersion": "v1.0.20180622 GCC4.9.2",
    "EchoTime": 0.01689,
    "ImageComments": "prfgazemod",
    "ImageOrientationPatientDICOM": [
      0,
      0.924013,
      -0.382361,
      0,
      -0.382361,
      -0.924013
    ],
    "Manufacturer": "Philips",
    "PatientPosition": "HFS",
    "PhilipsRescaleIntercept": 0,
    "PhilipsRescaleSlope": 3.6149,
    "PhilipsScaleSlope": 5.21592e-05,
    "ProtocolName": "task-AFGCFS_run-1_bold",
    "ReconMatrixPE": 112,
    "RepetitionTime": 1.31698,
    "SeriesDescription": "ImageMRSERIES",
    "SeriesNumber": 4,
    "TaskName": "AttendFixGazeCenterFS",
    "UsePhilipsFloatNotDisplayScaling": 1,
    "dataset": "unknown",
    "modality": "bold",
    "run_id": 1,
    "session_id": "01",
    "subject_id": "002",
    "task_id": "AttendFixGazeCenterFS"
  },
  "dummy_trs": 0,
  "dvars_nstd": 66.33346767530202,
  "dvars_std": 1.1948854471140942,
  "dvars_vstd": 1.0439085676510065,
  "efc": 0.5295517182086628,
  "fber": 1221.8466796875,
  "fd_mean": 0.3231997883550084,
  "fd_num": 146,
  "fd_perc": 97.33333333333333,
  "fwhm_avg": 2.8311197703062305,
  "fwhm_x": 3.100509495298842,
  "fwhm_y": 2.6742552991572452,
  "fwhm_z": 2.7185945164626046,
  "gcor": 0.0280021,
  "gsr_x": 0.041722655296325684,
  "gsr_y": -0.0015995390713214874,
  "provenance": {
    "md5sum": "d4111784dfb833f2647ba5e8abb025e7",
    "settings": {
      "fd_thres": 0.2,
      "hmc_fsl": false
    },
    "software": "mriqc",
    "version": "0.15.1",
    "webapi_port": null,
    "webapi_url": "https://mriqc.nimh.nih.gov/api/v1"
  },
  "size_t": 150,
  "size_x": 112,
  "size_y": 112,
  "size_z": 98,
  "snr": 2.971324420333423,
  "spacing_tr": 1.3169798851013184,
  "spacing_x": 1.7860000133514404,
  "spacing_y": 1.7860000133514404,
  "spacing_z": 1.7999999523162842,
  "summary_bg_k": 21.231449000134308,
  "summary_bg_mad": 194426.65625,
  "summary_bg_mean": 429382.46875,
  "summary_bg_median": 138488.453125,
  "summary_bg_n": 828159.0,
  "summary_bg_p05": 1078.7029296875,
  "summary_bg_p95": 1876774.499999999,
  "summary_bg_stdv": 814543.6875,
  "summary_fg_k": 1.0224316771087274,
  "summary_fg_mad": 1455432.125,
  "summary_fg_mean": 4915973.5,
  "summary_fg_median": 4842206.0,
  "summary_fg_n": 266879.0,
  "summary_fg_p05": 2338003.4,
  "summary_fg_p95": 7677193.799999997,
  "summary_fg_stdv": 1629642.625,
  "tsnr": 26.828439712524414
}