{
  "aor": 0.0034432666666666667,
  "aqi": 0.0080285638,
  "bids_meta": {
    "AcquisitionNumber": 10,
    "ConversionSoftware": "dcm2niix",
    "ConversionSoftwareVersion": "v1.0.20180622 GCC4.9.2",
    "EchoTime": 0.01689,
    "ImageComments": "prfgazemod",
    "ImageOrientationPatientDICOM": [
      0,
      0.924013,
      -0.382361,
      0,
      -0.382361,
      -0.924013
    ],
    "Manufacturer": "Philips",
    "PatientPosition": "HFS",
    "PhilipsRescaleIntercept": 0,
    "PhilipsRescaleSlope": 3.8022,
    "PhilipsScaleSlope": 5.24628e-05,
    "ProtocolName": "task-ASGCFS_run-2_bold",
    "ReconMatrixPE": 112,
    "RepetitionTime": 1.31698,
    "SeriesDescription": "ImageMRSERIES",
    "SeriesNumber": 10,
    "TaskName": "AttendStimGazeCenterFS",
    "UsePhilipsFloatNotDisplayScaling": 1,
    "dataset": "unknown",
    "modality": "bold",
    "run_id": 2,
    "session_id": "01",
    "subject_id": "002",
    "task_id": "AttendStimGazeCenterFS"
  },
  "dummy_trs": 0,
  "dvars_nstd": 62.7877453286577,
  "dvars_std": 1.233908831879194,
  "dvars_vstd": 1.0447650988590604,
  "efc": 0.5294521571825859,
  "fber": 1220.2139892578125,
  "fd_mean": 0.3027859344102036,
  "fd_num": 133,
  "fd_perc": 88.66666666666667,
  "fwhm_avg": 2.8045739011103854,
  "fwhm_x": 3.073353840406663,
  "fwhm_y": 2.6472900138045157,
  "fwhm_z": 2.693077849119977,
  "gcor": 0.024454,
  "gsr_x": 0.04321708530187607,
  "gsr_y": -0.0019275794038549066,
  "provenance": {
    "md5sum": "91ae8660585af0f5e77cab8d0baf7d11",
    "settings": {
      "fd_thres": 0.2,
      "hmc_fsl": false
    },
    "software": "mriqc",
    "version": "0.15.1",
    "webapi_port": null,
    "webapi_url": "https://mriqc.nimh.nih.gov/api/v1"
  },
  "size_t": 150,
  "size_x": 112,
  "size_y": 112,
  "size_z": 98,
  "snr": 2.9886012978670142,
  "spacing_tr": 1.3169798851013184,
  "spacing_x": 1.7860000133514404,
  "spacing_y": 1.7860000133514404,
  "spacing_z": 1.7999999523162842,
  "summary_bg_k": 21.367027982312372,
  "summary_bg_mad": 193289.703125,
  "summary_bg_mean": 426243.8125,
  "summary_bg_median": 137257.78125,
  "summary_bg_n": 828973.0,
  "summary_bg_p05": 1029.5362548828125,
  "summary_bg_p95": 1860630.1749999975,
  "summary_bg_stdv": 808738.9375,
  "summary_fg_k": 1.0611904945922328,
  "summary_fg_mad": 1430114.375,
  "summary_fg_mean": 4887821.5,
  "summary_fg_median": 4809494.5,
  "summary_fg_n": 266099.0,
  "summary_fg_p05": 2356692.625,
  "summary_fg_p95": 7622718.949999996,
  "summary_fg_stdv": 1609276.375,
  "tsnr": 31.30998420715332
}