{
  "aor": 0.0012131333333333335,
  "aqi": 0.008456080133333333,
  "bids_meta": {
    "AcquisitionNumber": 6,
    "ConversionSoftware": "dcm2niix",
    "ConversionSoftwareVersion": "v1.0.20180622 GCC4.9.2",
    "EchoTime": 0.01689,
    "ImageComments": "prfgazemod",
    "ImageOrientationPatientDICOM": [
      0,
      0.924013,
      -0.382361,
      0,
      -0.382361,
      -0.924013
    ],
    "Manufacturer": "Philips",
    "PatientPosition": "HFS",
    "PhilipsRescaleIntercept": 0,
    "PhilipsRescaleSlope": 3.65714,
    "PhilipsScaleSlope": 5.24385e-05,
    "ProtocolName": "task-ASGCFS_run-1_bold",
    "ReconMatrixPE": 112,
    "RepetitionTime": 1.31698,
    "SeriesDescription": "ImageMRSERIES",
    "SeriesNumber": 6,
    "TaskName": "AttendStimGazeCenterFS",
    "UsePhilipsFloatNotDisplayScaling": 1,
    "dataset": "unknown",
    "modality": "bold",
    "run_id": 1,
    "session_id": "01",
    "subject_id": "002",
    "task_id": "AttendStimGazeCenterFS"
  },
  "dummy_trs": 0,
  "dvars_nstd": 61.85980265577181,
  "dvars_std": 1.1895401158389263,
  "dvars_vstd": 1.025251976241611,
  "efc": 0.5284792229662421,
  "fber": 1307.57080078125,
  "fd_mean": 0.2949504845023757,
  "fd_num": 141,
  "fd_perc": 94.0,
  "fwhm_avg": 2.813830456207949,
  "fwhm_x": 3.0833090474990943,
  "fwhm_y": 2.6591489162914512,
  "fwhm_z": 2.6990334048333007,
  "gcor": 0.0164296,
  "gsr_x": 0.04376593232154846,
  "gsr_y": -0.0018038118723779917,
  "provenance": {
    "md5sum": "bfa41491ea88164df1059ec2b3ee6974",
    "settings": {
      "fd_thres": 0.2,
      "hmc_fsl": false
    },
    "software": "mriqc",
    "version": "0.15.1",
    "webapi_port": null,
    "webapi_url": "https://mriqc.nimh.nih.gov/api/v1"
  },
  "size_t": 150,
  "size_x": 112,
  "size_y": 112,
  "size_z": 98,
  "snr": 2.9820446610135627,
  "spacing_tr": 1.3169798851013184,
  "spacing_x": 1.7860000133514404,
  "spacing_y": 1.7860000133514404,
  "spacing_z": 1.7999999523162842,
  "summary_bg_k": 21.218100063669347,
  "summary_bg_mad": 186922.578125,
  "summary_bg_mean": 425868.0625,
  "summary_bg_median": 133128.8125,
  "summary_bg_n": 829145.0,
  "summary_bg_p05": 1106.8784912109377,
  "summary_bg_p95": 1871745.7999999998,
  "summary_bg_stdv": 814258.4375,
  "summary_fg_k": 1.0683848850010174,
  "summary_fg_mad": 1430809.375,
  "summary_fg_mean": 4899547.0,
  "summary_fg_median": 4818285.0,
  "summary_fg_n": 265810.0,
  "summary_fg_p05": 2350340.725,
  "summary_fg_p95": 7647319.499999998,
  "summary_fg_stdv": 1615762.5,
  "tsnr": 31.165006637573242
}