{
  "aor": 0.0027795939086294416,
  "aqi": 0.0059505411675126905,
  "bids_meta": {
    "AcquisitionMatrixPE": 112,
    "CoilString": "MULTI_COIL",
    "DeviceSerialNumber": "00076",
    "EchoTime": 0.016901,
    "EchoTrainLength": 43,
    "FlipAngle": 13,
    "ImageType": [
      "ORIGINAL",
      "PRIMARY",
      "PHASE",
      "MAP",
      "P",
      "FFE"
    ],
    "ImagingFrequency": 298.03,
    "InstitutionAddress": "Amsterdam",
    "InstitutionName": "Spinoza_Centre",
    "InstitutionalDepartmentName": "Spinoza_Centre",
    "MRAcquisitionType": "3D",
    "MagneticFieldStrength": 7,
    "Manufacturer": "Philips",
    "ManufacturersModelName": "Achieva",
    "Modality": "MR",
    "NumberOfVolumesDiscardedByUser": 3,
    "PatientPosition": "HFS",
    "PercentPhaseFOV": 100,
    "PhaseEncodingDirection": "i",
    "PhaseEncodingSteps": 112,
    "PhilipsRWVIntercept": -3142,
    "PhilipsRWVSlope": 1.53455,
    "PhilipsRescaleIntercept": -3142,
    "PhilipsRescaleSlope": 1.53455,
    "PhilipsScaleSlope": 651.74,
    "PixelBandwidth": 1762,
    "ReconMatrixPE": 112,
    "RepetitionTime": 1.3169799,
    "SAR": 1.96128,
    "ScanOptions": "FS",
    "ScanningSequence": "GR",
    "SequenceVariant": "SK",
    "SeriesInstanceUID": "1.3.46.670589.11.76.5.0.6388.2022071316500147307",
    "SeriesNumber": 601,
    "SliceThickness": 1.8,
    "SoftwareVersions": "5.1.7_5.1.7.0",
    "SpacingBetweenSlices": 1.8,
    "StationName": "7t-acq-multix",
    "StudyID": "694967284",
    "StudyInstanceUID": "1.3.46.670589.11.76.5.0.7360.2022071316280508000",
    "TaskName": "GazeColumns",
    "UsePhilipsFloatNotDisplayScaling": 1,
    "dataset": "unknown",
    "modality": "bold",
    "run_id": 4,
    "session_id": "05",
    "subject_id": "001",
    "task_id": "GazeColumns"
  },
  "dummy_trs": 0,
  "dvars_nstd": 45.63777761086737,
  "dvars_std": 1.1937434671938778,
  "dvars_vstd": 1.016463619744897,
  "efc": 0.5413692665240893,
  "fber": 759.0316772460938,
  "fd_mean": 0.21003636965902536,
  "fd_num": 102,
  "fd_perc": 51.776649746192895,
  "fwhm_avg": 2.663500508161475,
  "fwhm_x": 2.923107480947539,
  "fwhm_y": 2.5677995328757994,
  "fwhm_z": 2.499594510661086,
  "gcor": 0.0167118,
  "gsr_x": 0.01852635107934475,
  "gsr_y": -0.0007846375228837132,
  "provenance": {
    "md5sum": "1a6e2a84c9ce139158913467bb9d32f6",
    "settings": {
      "fd_thres": 0.2,
      "hmc_fsl": false
    },
    "software": "mriqc",
    "version": "0.15.1",
    "webapi_port": null,
    "webapi_url": "https://mriqc.nimh.nih.gov/api/v1"
  },
  "size_t": 197,
  "size_x": 112,
  "size_y": 112,
  "size_z": 98,
  "snr": 2.617791357054716,
  "spacing_tr": 1.3169798851013184,
  "spacing_x": 1.7860000133514404,
  "spacing_y": 1.7860000133514404,
  "spacing_z": 1.7999999523162842,
  "summary_bg_k": 19.98633031077234,
  "summary_bg_mad": 57.9532356262207,
  "summary_bg_mean": 119.95824432373047,
  "summary_bg_median": 43.26594161987305,
  "summary_bg_n": 818073.0,
  "summary_bg_p05": 0.8645425200462341,
  "summary_bg_p95": 509.2581298828113,
  "summary_bg_stdv": 216.7018280029297,
  "summary_fg_k": 2.231296362178286,
  "summary_fg_mad": 367.25897216796875,
  "summary_fg_mean": 1203.31005859375,
  "summary_fg_median": 1156.3121337890625,
  "summary_fg_n": 274867.0,
  "summary_fg_p05": 554.1873474121094,
  "summary_fg_p95": 1978.1314086914058,
  "summary_fg_stdv": 441.7120666503906,
  "tsnr": 39.638328552246094
}