{
  "aor": 0.0023419796954314716,
  "aqi": 0.005850550913705584,
  "bids_meta": {
    "AcquisitionMatrixPE": 112,
    "CoilString": "MULTI_COIL",
    "DeviceSerialNumber": "00076",
    "EchoTime": 0.016901,
    "EchoTrainLength": 43,
    "FlipAngle": 13,
    "ImageType": [
      "ORIGINAL",
      "PRIMARY",
      "PHASE",
      "MAP",
      "P",
      "FFE"
    ],
    "ImagingFrequency": 298.03,
    "InstitutionAddress": "Amsterdam",
    "InstitutionName": "Spinoza_Centre",
    "InstitutionalDepartmentName": "Spinoza_Centre",
    "MRAcquisitionType": "3D",
    "MagneticFieldStrength": 7,
    "Manufacturer": "Philips",
    "ManufacturersModelName": "Achieva",
    "Modality": "MR",
    "NumberOfVolumesDiscardedByUser": 3,
    "PatientPosition": "HFS",
    "PercentPhaseFOV": 100,
    "PhaseEncodingDirection": "i",
    "PhaseEncodingSteps": 112,
    "PhilipsRWVIntercept": -3142,
    "PhilipsRWVSlope": 1.53455,
    "PhilipsRescaleIntercept": -3142,
    "PhilipsRescaleSlope": 1.53455,
    "PhilipsScaleSlope": 651.74,
    "PixelBandwidth": 1762,
    "ReconMatrixPE": 112,
    "RepetitionTime": 1.3169799,
    "SAR": 1.96128,
    "ScanOptions": "FS",
    "ScanningSequence": "GR",
    "SequenceVariant": "SK",
    "SeriesInstanceUID": "1.3.46.670589.11.76.5.0.6388.2022071316500147307",
    "SeriesNumber": 601,
    "SliceThickness": 1.8,
    "SoftwareVersions": "5.1.7_5.1.7.0",
    "SpacingBetweenSlices": 1.8,
    "StationName": "7t-acq-multix",
    "StudyID": "694967284",
    "StudyInstanceUID": "1.3.46.670589.11.76.5.0.7360.2022071316280508000",
    "TaskName": "GazeColumns",
    "UsePhilipsFloatNotDisplayScaling": 1,
    "dataset": "unknown",
    "modality": "bold",
    "run_id": 2,
    "session_id": "05",
    "subject_id": "001",
    "task_id": "GazeColumns"
  },
  "dummy_trs": 0,
  "dvars_nstd": 48.040589488061244,
  "dvars_std": 1.1990692630612243,
  "dvars_vstd": 1.009353150918367,
  "efc": 0.5408000412759449,
  "fber": 761.8141479492188,
  "fd_mean": 0.20634181309889404,
  "fd_num": 100,
  "fd_perc": 50.76142131979695,
  "fwhm_avg": 2.6547914479439876,
  "fwhm_x": 2.9114781417287645,
  "fwhm_y": 2.562362802793262,
  "fwhm_z": 2.4905333993099372,
  "gcor": 0.0170788,
  "gsr_x": 0.018445340916514397,
  "gsr_y": 0.0008532694773748517,
  "provenance": {
    "md5sum": "193efdbb9aa137a301563092267edbde",
    "settings": {
      "fd_thres": 0.2,
      "hmc_fsl": false
    },
    "software": "mriqc",
    "version": "0.15.1",
    "webapi_port": null,
    "webapi_url": "https://mriqc.nimh.nih.gov/api/v1"
  },
  "size_t": 197,
  "size_x": 112,
  "size_y": 112,
  "size_z": 98,
  "snr": 2.62646125268766,
  "spacing_tr": 1.3169798851013184,
  "spacing_x": 1.7860000133514404,
  "spacing_y": 1.7860000133514404,
  "spacing_z": 1.7999999523162842,
  "summary_bg_k": 20.341225243940983,
  "summary_bg_mad": 59.48521423339844,
  "summary_bg_mean": 122.6324462890625,
  "summary_bg_median": 44.386260986328125,
  "summary_bg_n": 819034.0,
  "summary_bg_p05": 0.9015938669443132,
  "summary_bg_p95": 522.3124755859375,
  "summary_bg_stdv": 222.52423095703125,
  "summary_fg_k": 2.2669280459813796,
  "summary_fg_mad": 374.64013671875,
  "summary_fg_mean": 1234.5106201171875,
  "summary_fg_median": 1184.922607421875,
  "summary_fg_n": 273818.0,
  "summary_fg_p05": 575.9879791259766,
  "summary_fg_p95": 2027.8669982910155,
  "summary_fg_stdv": 451.1471252441406,
  "tsnr": 39.62877655029297
}