{
  "aor": 0.0007911340206185568,
  "aqi": 0.005699821804123711,
  "bids_meta": {
    "AcquisitionMatrixPE": 112,
    "CoilString": "MULTI_COIL",
    "DeviceSerialNumber": "00076",
    "EchoTime": 0.016901,
    "EchoTrainLength": 43,
    "FlipAngle": 13,
    "ImageType": [
      "ORIGINAL",
      "PRIMARY",
      "PHASE",
      "MAP",
      "P",
      "FFE"
    ],
    "ImagingFrequency": 298.03,
    "InstitutionAddress": "Amsterdam",
    "InstitutionName": "Spinoza_Centre",
    "InstitutionalDepartmentName": "Spinoza_Centre",
    "MRAcquisitionType": "3D",
    "MagneticFieldStrength": 7,
    "Manufacturer": "Philips",
    "ManufacturersModelName": "Achieva",
    "Modality": "MR",
    "NumberOfVolumesDiscardedByUser": 3,
    "PatientPosition": "HFS",
    "PercentPhaseFOV": 100,
    "PhaseEncodingDirection": "i",
    "PhaseEncodingSteps": 112,
    "PhilipsRWVIntercept": -3142,
    "PhilipsRWVSlope": 1.53455,
    "PhilipsRescaleIntercept": -3142,
    "PhilipsRescaleSlope": 1.53455,
    "PhilipsScaleSlope": 651.74,
    "PixelBandwidth": 1762,
    "ReconMatrixPE": 112,
    "RepetitionTime": 1.3169799,
    "SAR": 1.96128,
    "ScanOptions": "FS",
    "ScanningSequence": "GR",
    "SequenceVariant": "SK",
    "SeriesInstanceUID": "1.3.46.670589.11.76.5.0.6388.2022071316500147307",
    "SeriesNumber": 601,
    "SliceThickness": 1.8,
    "SoftwareVersions": "5.1.7_5.1.7.0",
    "SpacingBetweenSlices": 1.8,
    "StationName": "7t-acq-multix",
    "StudyID": "694967284",
    "StudyInstanceUID": "1.3.46.670589.11.76.5.0.7360.2022071316280508000",
    "TaskName": "GazeLines",
    "UsePhilipsFloatNotDisplayScaling": 1,
    "dataset": "unknown",
    "modality": "bold",
    "run_id": 2,
    "session_id": "05",
    "subject_id": "001",
    "task_id": "GazeLines"
  },
  "dummy_trs": 3,
  "dvars_nstd": 49.39759399756474,
  "dvars_std": 1.202996384404145,
  "dvars_vstd": 1.003732436735751,
  "efc": 0.5399070071385725,
  "fber": 788.1399536132812,
  "fd_mean": 0.21236245709629145,
  "fd_num": 116,
  "fd_perc": 59.79381443298969,
  "fwhm_avg": 2.6571659284760645,
  "fwhm_x": 2.9137849726185743,
  "fwhm_y": 2.5652127467809156,
  "fwhm_z": 2.492500066028703,
  "gcor": 0.016866,
  "gsr_x": 0.01708291657269001,
  "gsr_y": -4.477575930650346e-05,
  "provenance": {
    "md5sum": "0f7efc342a2b2b7f6c10f03257724610",
    "settings": {
      "fd_thres": 0.2,
      "hmc_fsl": false
    },
    "software": "mriqc",
    "version": "0.15.1",
    "webapi_port": null,
    "webapi_url": "https://mriqc.nimh.nih.gov/api/v1"
  },
  "size_t": 194,
  "size_x": 112,
  "size_y": 112,
  "size_z": 98,
  "snr": 2.621416539136264,
  "spacing_tr": 1.3169798851013184,
  "spacing_x": 1.7860000133514404,
  "spacing_y": 1.7860000133514404,
  "spacing_z": 1.7999999523162842,
  "summary_bg_k": 20.313182783776128,
  "summary_bg_mad": 59.3645133972168,
  "summary_bg_mean": 124.41346740722656,
  "summary_bg_median": 44.386505126953125,
  "summary_bg_n": 818983.0,
  "summary_bg_p05": 0.8904166638851166,
  "summary_bg_p95": 534.3577697753905,
  "summary_bg_stdv": 227.64584350585938,
  "summary_fg_k": 2.2321811017619213,
  "summary_fg_mad": 383.0168762207031,
  "summary_fg_mean": 1256.328125,
  "summary_fg_median": 1206.34228515625,
  "summary_fg_n": 273979.0,
  "summary_fg_p05": 583.8233581542969,
  "summary_fg_p95": 2065.8394531249996,
  "summary_fg_stdv": 460.18634033203125,
  "tsnr": 41.0172004699707
}