{
  "aor": 0.002369289340101523,
  "aqi": 0.0058448252791878175,
  "bids_meta": {
    "AcquisitionMatrixPE": 112,
    "CoilString": "MULTI_COIL",
    "DeviceSerialNumber": "00076",
    "EchoTime": 0.016901,
    "EchoTrainLength": 43,
    "FlipAngle": 13,
    "ImageType": [
      "ORIGINAL",
      "PRIMARY",
      "PHASE",
      "MAP",
      "P",
      "FFE"
    ],
    "ImagingFrequency": 298.03,
    "InstitutionAddress": "Amsterdam",
    "InstitutionName": "Spinoza_Centre",
    "InstitutionalDepartmentName": "Spinoza_Centre",
    "MRAcquisitionType": "3D",
    "MagneticFieldStrength": 7,
    "Manufacturer": "Philips",
    "ManufacturersModelName": "Achieva",
    "Modality": "MR",
    "NumberOfVolumesDiscardedByUser": 3,
    "PatientPosition": "HFS",
    "PercentPhaseFOV": 100,
    "PhaseEncodingDirection": "i",
    "PhaseEncodingSteps": 112,
    "PhilipsRWVIntercept": -3142,
    "PhilipsRWVSlope": 1.53455,
    "PhilipsRescaleIntercept": -3142,
    "PhilipsRescaleSlope": 1.53455,
    "PhilipsScaleSlope": 651.74,
    "PixelBandwidth": 1762,
    "ReconMatrixPE": 112,
    "RepetitionTime": 1.3169799,
    "SAR": 1.96128,
    "ScanOptions": "FS",
    "ScanningSequence": "GR",
    "SequenceVariant": "SK",
    "SeriesInstanceUID": "1.3.46.670589.11.76.5.0.6388.2022071316500147307",
    "SeriesNumber": 601,
    "SliceThickness": 1.8,
    "SoftwareVersions": "5.1.7_5.1.7.0",
    "SpacingBetweenSlices": 1.8,
    "StationName": "7t-acq-multix",
    "StudyID": "694967284",
    "StudyInstanceUID": "1.3.46.670589.11.76.5.0.7360.2022071316280508000",
    "TaskName": "GazeColumns",
    "UsePhilipsFloatNotDisplayScaling": 1,
    "dataset": "unknown",
    "modality": "bold",
    "run_id": 3,
    "session_id": "05",
    "subject_id": "001",
    "task_id": "GazeColumns"
  },
  "dummy_trs": 0,
  "dvars_nstd": 46.534116861785726,
  "dvars_std": 1.1908392726530623,
  "dvars_vstd": 1.0079738750000002,
  "efc": 0.5417195831439195,
  "fber": 732.6505737304688,
  "fd_mean": 0.21249846004620349,
  "fd_num": 105,
  "fd_perc": 53.2994923857868,
  "fwhm_avg": 2.6569550579205075,
  "fwhm_x": 2.9178331248839444,
  "fwhm_y": 2.560543093960281,
  "fwhm_z": 2.4924889549172975,
  "gcor": 0.0157,
  "gsr_x": 0.01875833235681057,
  "gsr_y": 7.678946712985635e-05,
  "provenance": {
    "md5sum": "e0b17a899322396a4e25b6fb09409d56",
    "settings": {
      "fd_thres": 0.2,
      "hmc_fsl": false
    },
    "software": "mriqc",
    "version": "0.15.1",
    "webapi_port": null,
    "webapi_url": "https://mriqc.nimh.nih.gov/api/v1"
  },
  "size_t": 197,
  "size_x": 112,
  "size_y": 112,
  "size_z": 98,
  "snr": 2.6284404186624215,
  "spacing_tr": 1.3169798851013184,
  "spacing_x": 1.7860000133514404,
  "spacing_y": 1.7860000133514404,
  "spacing_z": 1.7999999523162842,
  "summary_bg_k": 20.41105437761671,
  "summary_bg_mad": 58.013214111328125,
  "summary_bg_mean": 118.83644104003906,
  "summary_bg_median": 43.478981018066406,
  "summary_bg_n": 818886.0,
  "summary_bg_p05": 0.8904423266649246,
  "summary_bg_p95": 502.7805938720703,
  "summary_bg_stdv": 214.85960388183594,
  "summary_fg_k": 2.2588278814220253,
  "summary_fg_mad": 359.5214538574219,
  "summary_fg_mean": 1187.5382080078125,
  "summary_fg_median": 1139.8375244140625,
  "summary_fg_n": 273971.0,
  "summary_fg_p05": 552.2432556152344,
  "summary_fg_p95": 1951.1683349609375,
  "summary_fg_stdv": 433.6546630859375,
  "tsnr": 39.95924377441406
}