{
  "aor": 0.0014924873096446702,
  "aqi": 0.027181819289340096,
  "bids_meta": {
    "AcquisitionMatrixPE": 112,
    "CoilString": "MULTI_COIL",
    "DeviceSerialNumber": "00076",
    "EchoTime": 0.016901,
    "EchoTrainLength": 43,
    "FlipAngle": 13,
    "ImageType": [
      "ORIGINAL",
      "PRIMARY",
      "PHASE",
      "MAP",
      "P",
      "FFE"
    ],
    "ImagingFrequency": 298.03,
    "InstitutionAddress": "Amsterdam",
    "InstitutionName": "Spinoza_Centre",
    "InstitutionalDepartmentName": "Spinoza_Centre",
    "MRAcquisitionType": "3D",
    "MagneticFieldStrength": 7,
    "Manufacturer": "Philips",
    "ManufacturersModelName": "Achieva",
    "Modality": "MR",
    "NumberOfVolumesDiscardedByUser": 3,
    "PatientPosition": "HFS",
    "PercentPhaseFOV": 100,
    "PhaseEncodingDirection": "i",
    "PhaseEncodingSteps": 112,
    "PhilipsRWVIntercept": -3142,
    "PhilipsRWVSlope": 1.53455,
    "PhilipsRescaleIntercept": -3142,
    "PhilipsRescaleSlope": 1.53455,
    "PhilipsScaleSlope": 651.74,
    "PixelBandwidth": 1762,
    "ReconMatrixPE": 112,
    "RepetitionTime": 1.3169799,
    "SAR": 1.96128,
    "ScanOptions": "FS",
    "ScanningSequence": "GR",
    "SequenceVariant": "SK",
    "SeriesInstanceUID": "1.3.46.670589.11.76.5.0.6388.2022071316500147307",
    "SeriesNumber": 601,
    "SliceThickness": 1.8,
    "SoftwareVersions": "5.1.7_5.1.7.0",
    "SpacingBetweenSlices": 1.8,
    "StationName": "7t-acq-multix",
    "StudyID": "694967284",
    "StudyInstanceUID": "1.3.46.670589.11.76.5.0.7360.2022071316280508000",
    "TaskName": "GazeColumns",
    "UsePhilipsFloatNotDisplayScaling": 1,
    "dataset": "unknown",
    "modality": "bold",
    "run_id": 1,
    "session_id": "05",
    "subject_id": "002",
    "task_id": "GazeColumns"
  },
  "dummy_trs": 0,
  "dvars_nstd": 71.3107970101021,
  "dvars_std": 1.1872133501530608,
  "dvars_vstd": 0.9715537708163255,
  "efc": 0.5386672368094371,
  "fber": 799.986328125,
  "fd_mean": 0.33616880535269,
  "fd_num": 182,
  "fd_perc": 92.38578680203045,
  "fwhm_avg": 2.8160685214635,
  "fwhm_x": 3.096539730490893,
  "fwhm_y": 2.6827435409750895,
  "fwhm_z": 2.6689222929245178,
  "gcor": 0.0118691,
  "gsr_x": 0.0367189459502697,
  "gsr_y": -0.0006243947427719831,
  "provenance": {
    "md5sum": "b21941ee0d90402cf30cc29f23570781",
    "settings": {
      "fd_thres": 0.2,
      "hmc_fsl": false
    },
    "software": "mriqc",
    "version": "0.15.1",
    "webapi_port": null,
    "webapi_url": "https://mriqc.nimh.nih.gov/api/v1"
  },
  "size_t": 197,
  "size_x": 112,
  "size_y": 112,
  "size_z": 98,
  "snr": 2.8787634797961967,
  "spacing_tr": 1.3169798851013184,
  "spacing_x": 1.7860000133514404,
  "spacing_y": 1.7860000133514404,
  "spacing_z": 1.7999999523162842,
  "summary_bg_k": 21.083256659015444,
  "summary_bg_mad": 41.59616470336914,
  "summary_bg_mean": 84.0167465209961,
  "summary_bg_median": 31.620365142822266,
  "summary_bg_n": 824311.0,
  "summary_bg_p05": 0.983300656080246,
  "summary_bg_p95": 347.34922790527344,
  "summary_bg_stdv": 151.8390655517578,
  "summary_fg_k": 1.2019060408298037,
  "summary_fg_mad": 258.57672119140625,
  "summary_fg_mean": 895.8134155273438,
  "summary_fg_median": 871.4830322265625,
  "summary_fg_n": 270785.0,
  "summary_fg_p05": 422.8583129882812,
  "summary_fg_p95": 1423.2624267578121,
  "summary_fg_stdv": 302.7276916503906,
  "tsnr": 19.120803833007812
}