{
  "aor": 0.001833299492385787,
  "aqi": 0.022506111675126905,
  "bids_meta": {
    "AcquisitionMatrixPE": 112,
    "CoilString": "MULTI_COIL",
    "DeviceSerialNumber": "00076",
    "EchoTime": 0.016901,
    "EchoTrainLength": 43,
    "FlipAngle": 13,
    "ImageType": [
      "ORIGINAL",
      "PRIMARY",
      "PHASE",
      "MAP",
      "P",
      "FFE"
    ],
    "ImagingFrequency": 298.03,
    "InstitutionAddress": "Amsterdam",
    "InstitutionName": "Spinoza_Centre",
    "InstitutionalDepartmentName": "Spinoza_Centre",
    "MRAcquisitionType": "3D",
    "MagneticFieldStrength": 7,
    "Manufacturer": "Philips",
    "ManufacturersModelName": "Achieva",
    "Modality": "MR",
    "NumberOfVolumesDiscardedByUser": 3,
    "PatientPosition": "HFS",
    "PercentPhaseFOV": 100,
    "PhaseEncodingDirection": "i",
    "PhaseEncodingSteps": 112,
    "PhilipsRWVIntercept": -3142,
    "PhilipsRWVSlope": 1.53455,
    "PhilipsRescaleIntercept": -3142,
    "PhilipsRescaleSlope": 1.53455,
    "PhilipsScaleSlope": 651.74,
    "PixelBandwidth": 1762,
    "ReconMatrixPE": 112,
    "RepetitionTime": 1.3169799,
    "SAR": 1.96128,
    "ScanOptions": "FS",
    "ScanningSequence": "GR",
    "SequenceVariant": "SK",
    "SeriesInstanceUID": "1.3.46.670589.11.76.5.0.6388.2022071316500147307",
    "SeriesNumber": 601,
    "SliceThickness": 1.8,
    "SoftwareVersions": "5.1.7_5.1.7.0",
    "SpacingBetweenSlices": 1.8,
    "StationName": "7t-acq-multix",
    "StudyID": "694967284",
    "StudyInstanceUID": "1.3.46.670589.11.76.5.0.7360.2022071316280508000",
    "TaskName": "GazeColumns",
    "UsePhilipsFloatNotDisplayScaling": 1,
    "dataset": "unknown",
    "modality": "bold",
    "run_id": 2,
    "session_id": "05",
    "subject_id": "002",
    "task_id": "GazeColumns"
  },
  "dummy_trs": 0,
  "dvars_nstd": 73.32127177948978,
  "dvars_std": 1.217407343571428,
  "dvars_vstd": 0.9859631090816325,
  "efc": 0.5385198111134103,
  "fber": 798.4598999023438,
  "fd_mean": 0.3505977181192548,
  "fd_num": 177,
  "fd_perc": 89.84771573604061,
  "fwhm_avg": 2.80146331232781,
  "fwhm_x": 3.0578723175660696,
  "fwhm_y": 2.6779731042806283,
  "fwhm_z": 2.668544515136732,
  "gcor": 0.0167987,
  "gsr_x": 0.04363657906651497,
  "gsr_y": -0.0030061928555369377,
  "provenance": {
    "md5sum": "336918f71b1e9887df5151cd5e626a24",
    "settings": {
      "fd_thres": 0.2,
      "hmc_fsl": false
    },
    "software": "mriqc",
    "version": "0.15.1",
    "webapi_port": null,
    "webapi_url": "https://mriqc.nimh.nih.gov/api/v1"
  },
  "size_t": 197,
  "size_x": 112,
  "size_y": 112,
  "size_z": 98,
  "snr": 2.878424192388705,
  "spacing_tr": 1.3169798851013184,
  "spacing_x": 1.7860000133514404,
  "spacing_y": 1.7860000133514404,
  "spacing_z": 1.7999999523162842,
  "summary_bg_k": 21.341068436906063,
  "summary_bg_mad": 44.98313903808594,
  "summary_bg_mean": 91.03518676757812,
  "summary_bg_median": 34.30501937866211,
  "summary_bg_n": 824374.0,
  "summary_bg_p05": 1.051625943183899,
  "summary_bg_p95": 378.1619674682617,
  "summary_bg_stdv": 164.06361389160156,
  "summary_fg_k": 1.2219618332834923,
  "summary_fg_mad": 282.2619934082031,
  "summary_fg_mean": 969.50830078125,
  "summary_fg_median": 944.7874755859375,
  "summary_fg_n": 270831.0,
  "summary_fg_p05": 457.586669921875,
  "summary_fg_p95": 1543.412353515625,
  "summary_fg_stdv": 328.2301940917969,
  "tsnr": 19.97296905517578
}