{
  "aor": 0.0037586956521739137,
  "aqi": 0.014959845760869566,
  "bids_meta": {
    "AcquisitionMatrixPE": 112,
    "CoilString": "MULTI_COIL",
    "DeviceSerialNumber": "00076",
    "EchoTime": 0.016901,
    "EchoTrainLength": 43,
    "FlipAngle": 13,
    "ImageType": [
      "ORIGINAL",
      "PRIMARY",
      "PHASE",
      "MAP",
      "P",
      "FFE"
    ],
    "ImagingFrequency": 298.03,
    "InstitutionAddress": "Amsterdam",
    "InstitutionName": "Spinoza_Centre",
    "InstitutionalDepartmentName": "Spinoza_Centre",
    "MRAcquisitionType": "3D",
    "MagneticFieldStrength": 7,
    "Manufacturer": "Philips",
    "ManufacturersModelName": "Achieva",
    "Modality": "MR",
    "NumberOfVolumesDiscardedByUser": 3,
    "PatientPosition": "HFS",
    "PercentPhaseFOV": 100,
    "PhaseEncodingDirection": "i",
    "PhaseEncodingSteps": 112,
    "PhilipsRWVIntercept": -3142,
    "PhilipsRWVSlope": 1.53455,
    "PhilipsRescaleIntercept": -3142,
    "PhilipsRescaleSlope": 1.53455,
    "PhilipsScaleSlope": 651.74,
    "PixelBandwidth": 1762,
    "ReconMatrixPE": 112,
    "RepetitionTime": 1.3169799,
    "SAR": 1.96128,
    "ScanOptions": "FS",
    "ScanningSequence": "GR",
    "SequenceVariant": "SK",
    "SeriesInstanceUID": "1.3.46.670589.11.76.5.0.6388.2022071316500147307",
    "SeriesNumber": 601,
    "SliceThickness": 1.8,
    "SoftwareVersions": "5.1.7_5.1.7.0",
    "SpacingBetweenSlices": 1.8,
    "StationName": "7t-acq-multix",
    "StudyID": "694967284",
    "StudyInstanceUID": "1.3.46.670589.11.76.5.0.7360.2022071316280508000",
    "TaskName": "Calib",
    "UsePhilipsFloatNotDisplayScaling": 1,
    "dataset": "unknown",
    "modality": "bold",
    "run_id": 1,
    "session_id": "05",
    "subject_id": "002",
    "task_id": "Calib"
  },
  "dummy_trs": 1,
  "dvars_nstd": 71.39010167395602,
  "dvars_std": 1.2168026521978024,
  "dvars_vstd": 1.0062144987912085,
  "efc": 0.533202372917519,
  "fber": 933.8248291015625,
  "fd_mean": 0.3521998013907146,
  "fd_num": 84,
  "fd_perc": 91.30434782608695,
  "fwhm_avg": 2.7409211820296164,
  "fwhm_x": 2.99172450171118,
  "fwhm_y": 2.6157278639844708,
  "fwhm_z": 2.6153111803931974,
  "gcor": 0.0262623,
  "gsr_x": 0.033999476581811905,
  "gsr_y": -0.0025845097843557596,
  "provenance": {
    "md5sum": "611f8947567d095047a19a8d7db180f9",
    "settings": {
      "fd_thres": 0.2,
      "hmc_fsl": false
    },
    "software": "mriqc",
    "version": "0.15.1",
    "webapi_port": null,
    "webapi_url": "https://mriqc.nimh.nih.gov/api/v1"
  },
  "size_t": 92,
  "size_x": 112,
  "size_y": 112,
  "size_z": 98,
  "snr": 2.854750801262247,
  "spacing_tr": 1.3169798851013184,
  "spacing_x": 1.7860000133514404,
  "spacing_y": 1.7860000133514404,
  "spacing_z": 1.7999999523162842,
  "summary_bg_k": 22.5525340528335,
  "summary_bg_mad": 44.00034713745117,
  "summary_bg_mean": 91.86651611328125,
  "summary_bg_median": 32.77699279785156,
  "summary_bg_n": 826814.0,
  "summary_bg_p05": 0.5645730376243592,
  "summary_bg_p95": 387.7407272338867,
  "summary_bg_stdv": 171.45452880859375,
  "summary_fg_k": 1.2272295636668078,
  "summary_fg_mad": 294.1183776855469,
  "summary_fg_mean": 1007.3419799804688,
  "summary_fg_median": 976.3217163085938,
  "summary_fg_n": 268073.0,
  "summary_fg_p05": 484.19842529296875,
  "summary_fg_p95": 1609.2532714843749,
  "summary_fg_stdv": 341.998291015625,
  "tsnr": 25.5261287689209
}