{
  "aor": 0.002665583756345178,
  "aqi": 0.018929767868020305,
  "bids_meta": {
    "AcquisitionMatrixPE": 112,
    "CoilString": "MULTI_COIL",
    "DeviceSerialNumber": "00076",
    "EchoTime": 0.016901,
    "EchoTrainLength": 43,
    "FlipAngle": 13,
    "ImageType": [
      "ORIGINAL",
      "PRIMARY",
      "PHASE",
      "MAP",
      "P",
      "FFE"
    ],
    "ImagingFrequency": 298.03,
    "InstitutionAddress": "Amsterdam",
    "InstitutionName": "Spinoza_Centre",
    "InstitutionalDepartmentName": "Spinoza_Centre",
    "MRAcquisitionType": "3D",
    "MagneticFieldStrength": 7,
    "Manufacturer": "Philips",
    "ManufacturersModelName": "Achieva",
    "Modality": "MR",
    "NumberOfVolumesDiscardedByUser": 3,
    "PatientPosition": "HFS",
    "PercentPhaseFOV": 100,
    "PhaseEncodingDirection": "i",
    "PhaseEncodingSteps": 112,
    "PhilipsRWVIntercept": -3142,
    "PhilipsRWVSlope": 1.53455,
    "PhilipsRescaleIntercept": -3142,
    "PhilipsRescaleSlope": 1.53455,
    "PhilipsScaleSlope": 651.74,
    "PixelBandwidth": 1762,
    "ReconMatrixPE": 112,
    "RepetitionTime": 1.3169799,
    "SAR": 1.96128,
    "ScanOptions": "FS",
    "ScanningSequence": "GR",
    "SequenceVariant": "SK",
    "SeriesInstanceUID": "1.3.46.670589.11.76.5.0.6388.2022071316500147307",
    "SeriesNumber": 601,
    "SliceThickness": 1.8,
    "SoftwareVersions": "5.1.7_5.1.7.0",
    "SpacingBetweenSlices": 1.8,
    "StationName": "7t-acq-multix",
    "StudyID": "694967284",
    "StudyInstanceUID": "1.3.46.670589.11.76.5.0.7360.2022071316280508000",
    "TaskName": "GazeLines",
    "UsePhilipsFloatNotDisplayScaling": 1,
    "dataset": "unknown",
    "modality": "bold",
    "run_id": 2,
    "session_id": "05",
    "subject_id": "002",
    "task_id": "GazeLines"
  },
  "dummy_trs": 0,
  "dvars_nstd": 68.9341578582653,
  "dvars_std": 1.2333675385204081,
  "dvars_vstd": 1.0044551008673468,
  "efc": 0.5397071941266164,
  "fber": 795.8121948242188,
  "fd_mean": 0.3089386213036986,
  "fd_num": 169,
  "fd_perc": 85.78680203045685,
  "fwhm_avg": 2.7535632872254396,
  "fwhm_x": 3.007334803946108,
  "fwhm_y": 2.6356438772734365,
  "fwhm_z": 2.6177111804567756,
  "gcor": 0.0133718,
  "gsr_x": 0.0373716875910759,
  "gsr_y": -0.0010231886990368366,
  "provenance": {
    "md5sum": "83914eeddf62ba3493de7feb6f3e33dd",
    "settings": {
      "fd_thres": 0.2,
      "hmc_fsl": false
    },
    "software": "mriqc",
    "version": "0.15.1",
    "webapi_port": null,
    "webapi_url": "https://mriqc.nimh.nih.gov/api/v1"
  },
  "size_t": 197,
  "size_x": 112,
  "size_y": 112,
  "size_z": 98,
  "snr": 2.880689847034941,
  "spacing_tr": 1.3169798851013184,
  "spacing_x": 1.7860000133514404,
  "spacing_y": 1.7860000133514404,
  "spacing_z": 1.7999999523162842,
  "summary_bg_k": 20.714365995129985,
  "summary_bg_mad": 40.1151008605957,
  "summary_bg_mean": 81.7660140991211,
  "summary_bg_median": 30.28364372253418,
  "summary_bg_n": 825695.0,
  "summary_bg_p05": 0.8610611438751221,
  "summary_bg_p95": 339.8571472167963,
  "summary_bg_stdv": 147.2140350341797,
  "summary_fg_k": 1.2189488167167202,
  "summary_fg_mad": 249.6328887939453,
  "summary_fg_mean": 855.2247314453125,
  "summary_fg_median": 831.289794921875,
  "summary_fg_n": 269155.0,
  "summary_fg_p05": 412.0075134277344,
  "summary_fg_p95": 1360.1876708984373,
  "summary_fg_stdv": 288.5726318359375,
  "tsnr": 22.468490600585938
}