{
  "aor": 0.0017006598984771572,
  "aqi": 0.02232073654822335,
  "bids_meta": {
    "AcquisitionMatrixPE": 112,
    "CoilString": "MULTI_COIL",
    "DeviceSerialNumber": "00076",
    "EchoTime": 0.016901,
    "EchoTrainLength": 43,
    "FlipAngle": 13,
    "ImageType": [
      "ORIGINAL",
      "PRIMARY",
      "PHASE",
      "MAP",
      "P",
      "FFE"
    ],
    "ImagingFrequency": 298.03,
    "InstitutionAddress": "Amsterdam",
    "InstitutionName": "Spinoza_Centre",
    "InstitutionalDepartmentName": "Spinoza_Centre",
    "MRAcquisitionType": "3D",
    "MagneticFieldStrength": 7,
    "Manufacturer": "Philips",
    "ManufacturersModelName": "Achieva",
    "Modality": "MR",
    "NumberOfVolumesDiscardedByUser": 3,
    "PatientPosition": "HFS",
    "PercentPhaseFOV": 100,
    "PhaseEncodingDirection": "i",
    "PhaseEncodingSteps": 112,
    "PhilipsRWVIntercept": -3142,
    "PhilipsRWVSlope": 1.53455,
    "PhilipsRescaleIntercept": -3142,
    "PhilipsRescaleSlope": 1.53455,
    "PhilipsScaleSlope": 651.74,
    "PixelBandwidth": 1762,
    "ReconMatrixPE": 112,
    "RepetitionTime": 1.3169799,
    "SAR": 1.96128,
    "ScanOptions": "FS",
    "ScanningSequence": "GR",
    "SequenceVariant": "SK",
    "SeriesInstanceUID": "1.3.46.670589.11.76.5.0.6388.2022071316500147307",
    "SeriesNumber": 601,
    "SliceThickness": 1.8,
    "SoftwareVersions": "5.1.7_5.1.7.0",
    "SpacingBetweenSlices": 1.8,
    "StationName": "7t-acq-multix",
    "StudyID": "694967284",
    "StudyInstanceUID": "1.3.46.670589.11.76.5.0.7360.2022071316280508000",
    "TaskName": "GazeColumns",
    "UsePhilipsFloatNotDisplayScaling": 1,
    "dataset": "unknown",
    "modality": "bold",
    "run_id": 3,
    "session_id": "05",
    "subject_id": "002",
    "task_id": "GazeColumns"
  },
  "dummy_trs": 0,
  "dvars_nstd": 72.28713707015304,
  "dvars_std": 1.2208227790306119,
  "dvars_vstd": 0.9737491195408167,
  "efc": 0.5391445644038587,
  "fber": 831.7937622070312,
  "fd_mean": 0.332767742130761,
  "fd_num": 173,
  "fd_perc": 87.81725888324873,
  "fwhm_avg": 2.801926418317848,
  "fwhm_x": 3.072346001668396,
  "fwhm_y": 2.6699831827278153,
  "fwhm_z": 2.663450070557331,
  "gcor": 0.0170455,
  "gsr_x": 0.038025543093681335,
  "gsr_y": -0.0013124407269060612,
  "provenance": {
    "md5sum": "f6dab432c664e6ba9d5d10828c1cafc3",
    "settings": {
      "fd_thres": 0.2,
      "hmc_fsl": false
    },
    "software": "mriqc",
    "version": "0.15.1",
    "webapi_port": null,
    "webapi_url": "https://mriqc.nimh.nih.gov/api/v1"
  },
  "size_t": 197,
  "size_x": 112,
  "size_y": 112,
  "size_z": 98,
  "snr": 2.8700840945751582,
  "spacing_tr": 1.3169798851013184,
  "spacing_x": 1.7860000133514404,
  "spacing_y": 1.7860000133514404,
  "spacing_z": 1.7999999523162842,
  "summary_bg_k": 20.660459922114118,
  "summary_bg_mad": 42.155033111572266,
  "summary_bg_mean": 87.79072570800781,
  "summary_bg_median": 32.08258056640625,
  "summary_bg_n": 823713.0,
  "summary_bg_p05": 1.021684765815735,
  "summary_bg_p95": 365.4660339355455,
  "summary_bg_stdv": 158.5930633544922,
  "summary_fg_k": 1.2199761452831819,
  "summary_fg_mad": 269.8558654785156,
  "summary_fg_mean": 927.7742919921875,
  "summary_fg_median": 903.0405883789062,
  "summary_fg_n": 270985.0,
  "summary_fg_p05": 438.1638488769531,
  "summary_fg_p95": 1476.0094970703126,
  "summary_fg_stdv": 314.63848876953125,
  "tsnr": 20.52373695373535
}