{
  "aor": 0.004052795698924731,
  "aqi": 0.007307521612903226,
  "bids_meta": {
    "AcquisitionMatrixPE": 112,
    "CoilString": "MULTI_COIL",
    "DeviceSerialNumber": "00076",
    "EchoTime": 0.016901,
    "EchoTrainLength": 43,
    "FlipAngle": 13,
    "ImageType": [
      "ORIGINAL",
      "PRIMARY",
      "PHASE",
      "MAP",
      "P",
      "FFE"
    ],
    "ImagingFrequency": 298.03,
    "InstitutionAddress": "Amsterdam",
    "InstitutionName": "Spinoza_Centre",
    "InstitutionalDepartmentName": "Spinoza_Centre",
    "MRAcquisitionType": "3D",
    "MagneticFieldStrength": 7,
    "Manufacturer": "Philips",
    "ManufacturersModelName": "Achieva",
    "Modality": "MR",
    "NumberOfVolumesDiscardedByUser": 3,
    "PatientPosition": "HFS",
    "PercentPhaseFOV": 100,
    "PhaseEncodingDirection": "i",
    "PhaseEncodingSteps": 112,
    "PhilipsRWVIntercept": -3142,
    "PhilipsRWVSlope": 1.53455,
    "PhilipsRescaleIntercept": -3142,
    "PhilipsRescaleSlope": 1.53455,
    "PhilipsScaleSlope": 651.74,
    "PixelBandwidth": 1762,
    "ReconMatrixPE": 112,
    "RepetitionTime": 1.3169799,
    "SAR": 1.96128,
    "ScanOptions": "FS",
    "ScanningSequence": "GR",
    "SequenceVariant": "SK",
    "SeriesInstanceUID": "1.3.46.670589.11.76.5.0.6388.2022071316500147307",
    "SeriesNumber": 601,
    "SliceThickness": 1.8,
    "SoftwareVersions": "5.1.7_5.1.7.0",
    "SpacingBetweenSlices": 1.8,
    "StationName": "7t-acq-multix",
    "StudyID": "694967284",
    "StudyInstanceUID": "1.3.46.670589.11.76.5.0.7360.2022071316280508000",
    "TaskName": "Calib",
    "UsePhilipsFloatNotDisplayScaling": 1,
    "dataset": "unknown",
    "modality": "bold",
    "run_id": 1,
    "session_id": "04",
    "subject_id": "001",
    "task_id": "Calib"
  },
  "dummy_trs": 0,
  "dvars_nstd": 56.288348280869585,
  "dvars_std": 1.196633384347827,
  "dvars_vstd": 1.027473744347826,
  "efc": 0.5304270386492821,
  "fber": 1253.36279296875,
  "fd_mean": 0.19235317266803845,
  "fd_num": 38,
  "fd_perc": 40.86021505376344,
  "fwhm_avg": 2.6376542867002217,
  "fwhm_x": 2.8698935955670697,
  "fwhm_y": 2.544613642791569,
  "fwhm_z": 2.4984556217420266,
  "gcor": 0.0125084,
  "gsr_x": 0.030507724732160568,
  "gsr_y": 0.0013232218334451318,
  "provenance": {
    "md5sum": "e45b074f7fcbf01f5062e8194658bdbb",
    "settings": {
      "fd_thres": 0.2,
      "hmc_fsl": false
    },
    "software": "mriqc",
    "version": "0.15.1",
    "webapi_port": null,
    "webapi_url": "https://mriqc.nimh.nih.gov/api/v1"
  },
  "size_t": 93,
  "size_x": 112,
  "size_y": 112,
  "size_z": 98,
  "snr": 2.5846382656796885,
  "spacing_tr": 1.3169798851013184,
  "spacing_x": 1.7860000133514404,
  "spacing_y": 1.7860000133514404,
  "spacing_z": 1.7999999523162842,
  "summary_bg_k": 18.709726400524502,
  "summary_bg_mad": 50.80181884765625,
  "summary_bg_mean": 119.95281982421875,
  "summary_bg_median": 35.113243103027344,
  "summary_bg_n": 821974.0,
  "summary_bg_p05": 0.1266527481377125,
  "summary_bg_p95": 549.0945678710937,
  "summary_bg_stdv": 231.39739990234375,
  "summary_fg_k": 2.8400942579444575,
  "summary_fg_mad": 390.09088134765625,
  "summary_fg_mean": 1302.7120361328125,
  "summary_fg_median": 1248.23681640625,
  "summary_fg_n": 271522.0,
  "summary_fg_p05": 612.1760528564453,
  "summary_fg_p95": 2153.762927246093,
  "summary_fg_stdv": 482.943603515625,
  "tsnr": 33.269859313964844
}