{
  "aor": 0.0005680645161290323,
  "aqi": 0.009035983782991202,
  "bids_meta": {
    "AcquisitionMatrixPE": 112,
    "CoilString": "MULTI_COIL",
    "DeviceSerialNumber": "00076",
    "EchoTime": 0.016901,
    "EchoTrainLength": 43,
    "FlipAngle": 13,
    "ImageType": [
      "ORIGINAL",
      "PRIMARY",
      "PHASE",
      "MAP",
      "P",
      "FFE"
    ],
    "ImagingFrequency": 298.03,
    "InstitutionAddress": "Amsterdam",
    "InstitutionName": "Spinoza_Centre",
    "InstitutionalDepartmentName": "Spinoza_Centre",
    "MRAcquisitionType": "3D",
    "MagneticFieldStrength": 7,
    "Manufacturer": "Philips",
    "ManufacturersModelName": "Achieva",
    "Modality": "MR",
    "NumberOfVolumesDiscardedByUser": 3,
    "PatientPosition": "HFS",
    "PercentPhaseFOV": 100,
    "PhaseEncodingDirection": "i",
    "PhaseEncodingSteps": 112,
    "PhilipsRWVIntercept": -3142,
    "PhilipsRWVSlope": 1.53455,
    "PhilipsRescaleIntercept": -3142,
    "PhilipsRescaleSlope": 1.53455,
    "PhilipsScaleSlope": 651.74,
    "PixelBandwidth": 1762,
    "ReconMatrixPE": 112,
    "RepetitionTime": 1.3169799,
    "SAR": 1.96128,
    "ScanOptions": "FS",
    "ScanningSequence": "GR",
    "SequenceVariant": "SK",
    "SeriesInstanceUID": "1.3.46.670589.11.76.5.0.6388.2022071316500147307",
    "SeriesNumber": 601,
    "SliceThickness": 1.8,
    "SoftwareVersions": "5.1.7_5.1.7.0",
    "SpacingBetweenSlices": 1.8,
    "StationName": "7t-acq-multix",
    "StudyID": "694967284",
    "StudyInstanceUID": "1.3.46.670589.11.76.5.0.7360.2022071316280508000",
    "TaskName": "GazeCCW",
    "UsePhilipsFloatNotDisplayScaling": 1,
    "dataset": "unknown",
    "modality": "bold",
    "run_id": 2,
    "session_id": "04",
    "subject_id": "001",
    "task_id": "GazeCCW"
  },
  "dummy_trs": 2,
  "dvars_nstd": 49.61386241900003,
  "dvars_std": 1.0961476784999993,
  "dvars_vstd": 0.9776065976764711,
  "efc": 0.5333989195740456,
  "fber": 1096.9603271484375,
  "fd_mean": 0.20832479283751393,
  "fd_num": 180,
  "fd_perc": 52.78592375366569,
  "fwhm_avg": 2.6595908716622545,
  "fwhm_x": 2.9095576490219566,
  "fwhm_y": 2.5562037882816337,
  "fwhm_z": 2.5130111776831727,
  "gcor": 0.0137172,
  "gsr_x": 0.035184357315301895,
  "gsr_y": -0.002094769151881337,
  "provenance": {
    "md5sum": "4fd68a659ce185ec3f0b262041433c62",
    "settings": {
      "fd_thres": 0.2,
      "hmc_fsl": false
    },
    "software": "mriqc",
    "version": "0.15.1",
    "webapi_port": null,
    "webapi_url": "https://mriqc.nimh.nih.gov/api/v1"
  },
  "size_t": 341,
  "size_x": 112,
  "size_y": 112,
  "size_z": 98,
  "snr": 2.5387620903038295,
  "spacing_tr": 1.3169798851013184,
  "spacing_x": 1.7860000133514404,
  "spacing_y": 1.7860000133514404,
  "spacing_z": 1.7999999523162842,
  "summary_bg_k": 19.650710668511035,
  "summary_bg_mad": 45.33986282348633,
  "summary_bg_mean": 111.27932739257812,
  "summary_bg_median": 34.04144287109375,
  "summary_bg_n": 820263.0,
  "summary_bg_p05": 0.8486937105655673,
  "summary_bg_p95": 492.7682098388657,
  "summary_bg_stdv": 210.22373962402344,
  "summary_fg_k": 2.6761586767683,
  "summary_fg_mad": 364.2719421386719,
  "summary_fg_mean": 1184.236083984375,
  "summary_fg_median": 1132.8724365234375,
  "summary_fg_n": 273227.0,
  "summary_fg_p05": 543.4178527832031,
  "summary_fg_p95": 1975.8351928710938,
  "summary_fg_stdv": 446.22943115234375,
  "tsnr": 30.358116149902344
}