{
  "aor": 0.0009317333333333333,
  "aqi": 0.0048222086,
  "bids_meta": {
    "AcquisitionNumber": 11,
    "ConversionSoftware": "dcm2niix",
    "ConversionSoftwareVersion": "v1.0.20180622 GCC4.9.2",
    "EchoTime": 0.01689,
    "ImageComments": "pRFgazeMod",
    "ImageOrientationPatientDICOM": [
      0,
      0.924013,
      -0.382361,
      0,
      -0.382361,
      -0.924013
    ],
    "Manufacturer": "Philips",
    "PatientPosition": "HFS",
    "PhilipsRescaleIntercept": 0,
    "PhilipsRescaleSlope": 3.82491,
    "PhilipsScaleSlope": 5.50139e-05,
    "ProtocolName": "task-ASGCFS_run-2_bold",
    "ReconMatrixPE": 112,
    "RepetitionTime": 1.31698,
    "SeriesDescription": "ImageMRSERIES",
    "SeriesNumber": 11,
    "TaskName": "AttendStimGazeCenterFS",
    "UsePhilipsFloatNotDisplayScaling": 1,
    "dataset": "unknown",
    "modality": "bold",
    "run_id": 2,
    "session_id": "02",
    "subject_id": "001",
    "task_id": "AttendStimGazeCenterFS"
  },
  "dummy_trs": 0,
  "dvars_nstd": 45.85399593100671,
  "dvars_std": 1.1343521705369126,
  "dvars_vstd": 1.0115744495302015,
  "efc": 0.5393561865469837,
  "fber": 804.06396484375,
  "fd_mean": 0.17728918776328417,
  "fd_num": 40,
  "fd_perc": 26.666666666666668,
  "fwhm_avg": 2.762229242548127,
  "fwhm_x": 2.9857838522595097,
  "fwhm_y": 2.6819204726721715,
  "fwhm_z": 2.6189834027127,
  "gcor": 0.0201339,
  "gsr_x": 0.0291117113083601,
  "gsr_y": -0.0007655880181118846,
  "provenance": {
    "md5sum": "583ef5aa7d94b24c0b44513447a495b3",
    "settings": {
      "fd_thres": 0.2,
      "hmc_fsl": false
    },
    "software": "mriqc",
    "version": "0.15.1",
    "webapi_port": null,
    "webapi_url": "https://mriqc.nimh.nih.gov/api/v1"
  },
  "size_t": 150,
  "size_x": 112,
  "size_y": 112,
  "size_z": 98,
  "snr": 2.684064616022429,
  "spacing_tr": 1.3169798851013184,
  "spacing_x": 1.7860000133514404,
  "spacing_y": 1.7860000133514404,
  "spacing_z": 1.7999999523162842,
  "summary_bg_k": 18.79805395135863,
  "summary_bg_mad": 221847.9375,
  "summary_bg_mean": 473066.71875,
  "summary_bg_median": 167320.140625,
  "summary_bg_n": 821509.0,
  "summary_bg_p05": 1468.9003662109376,
  "summary_bg_p95": 2076903.2499999986,
  "summary_bg_stdv": 850562.75,
  "summary_fg_k": 1.8534003968957808,
  "summary_fg_mad": 1520144.75,
  "summary_fg_mean": 4917761.5,
  "summary_fg_median": 4777468.0,
  "summary_fg_n": 271765.0,
  "summary_fg_p05": 2222357.05,
  "summary_fg_p95": 7968357.5,
  "summary_fg_stdv": 1779934.5,
  "tsnr": 37.44900894165039
}