{
  "aor": 0.0017673333333333334,
  "aqi": 0.005404815800000001,
  "bids_meta": {
    "AcquisitionNumber": 7,
    "ConversionSoftware": "dcm2niix",
    "ConversionSoftwareVersion": "v1.0.20180622 GCC4.9.2",
    "EchoTime": 0.01689,
    "ImageComments": "pRFgazeMod",
    "ImageOrientationPatientDICOM": [
      0,
      0.924013,
      -0.382361,
      0,
      -0.382361,
      -0.924013
    ],
    "Manufacturer": "Philips",
    "PatientPosition": "HFS",
    "PhilipsRescaleIntercept": 0,
    "PhilipsRescaleSlope": 3.59512,
    "PhilipsScaleSlope": 5.52044e-05,
    "ProtocolName": "task-ASGCFS_run-1_bold",
    "ReconMatrixPE": 112,
    "RepetitionTime": 1.31698,
    "SeriesDescription": "ImageMRSERIES",
    "SeriesNumber": 7,
    "TaskName": "AttendStimGazeCenterFS",
    "UsePhilipsFloatNotDisplayScaling": 1,
    "dataset": "unknown",
    "modality": "bold",
    "run_id": 1,
    "session_id": "02",
    "subject_id": "001",
    "task_id": "AttendStimGazeCenterFS"
  },
  "dummy_trs": 0,
  "dvars_nstd": 45.57390184845638,
  "dvars_std": 1.1358317593288585,
  "dvars_vstd": 1.0179705430872488,
  "efc": 0.5367732531764587,
  "fber": 865.5073852539062,
  "fd_mean": 0.1758044540615347,
  "fd_num": 45,
  "fd_perc": 30.0,
  "fwhm_avg": 2.7671630403585703,
  "fwhm_x": 2.9927379395535487,
  "fwhm_y": 2.6901455565972463,
  "fwhm_z": 2.618605624924915,
  "gcor": 0.030691,
  "gsr_x": 0.02922193519771099,
  "gsr_y": -0.0011934820795431733,
  "provenance": {
    "md5sum": "9eb3454e63146309d4aca51a1c823315",
    "settings": {
      "fd_thres": 0.2,
      "hmc_fsl": false
    },
    "software": "mriqc",
    "version": "0.15.1",
    "webapi_port": null,
    "webapi_url": "https://mriqc.nimh.nih.gov/api/v1"
  },
  "size_t": 150,
  "size_x": 112,
  "size_y": 112,
  "size_z": 98,
  "snr": 2.7069952845377485,
  "spacing_tr": 1.3169798851013184,
  "spacing_x": 1.7860000133514404,
  "spacing_y": 1.7860000133514404,
  "spacing_z": 1.7999999523162842,
  "summary_bg_k": 18.98521274842161,
  "summary_bg_mad": 211998.046875,
  "summary_bg_mean": 459792.84375,
  "summary_bg_median": 160180.59375,
  "summary_bg_n": 823510.0,
  "summary_bg_p05": 1822.3774230957042,
  "summary_bg_p95": 2027854.3312499996,
  "summary_bg_stdv": 837980.4375,
  "summary_fg_k": 1.7819544813880812,
  "summary_fg_mad": 1505934.0,
  "summary_fg_mean": 4884512.0,
  "summary_fg_median": 4754935.0,
  "summary_fg_n": 270467.0,
  "summary_fg_p05": 2223745.55,
  "summary_fg_p95": 7896171.249999998,
  "summary_fg_stdv": 1756532.875,
  "tsnr": 35.25084686279297
}