{
  "aor": 0.0009318,
  "aqi": 0.0072510099333333335,
  "bids_meta": {
    "AcquisitionNumber": 5,
    "ConversionSoftware": "dcm2niix",
    "ConversionSoftwareVersion": "v1.0.20180622 GCC4.9.2",
    "EchoTime": 0.01689,
    "ImageComments": "pRFgazeMod",
    "ImageOrientationPatientDICOM": [
      0,
      0.924013,
      -0.382361,
      0,
      -0.382361,
      -0.924013
    ],
    "Manufacturer": "Philips",
    "PatientPosition": "HFS",
    "PhilipsRescaleIntercept": 0,
    "PhilipsRescaleSlope": 3.74042,
    "PhilipsScaleSlope": 5.49778e-05,
    "ProtocolName": "task-AFGCFS_run-1_bold",
    "ReconMatrixPE": 112,
    "RepetitionTime": 1.31698,
    "SeriesDescription": "ImageMRSERIES",
    "SeriesNumber": 5,
    "TaskName": "AttendFixGazeCenterFS",
    "UsePhilipsFloatNotDisplayScaling": 1,
    "dataset": "unknown",
    "modality": "bold",
    "run_id": 1,
    "session_id": "02",
    "subject_id": "001",
    "task_id": "AttendFixGazeCenterFS"
  },
  "dummy_trs": 0,
  "dvars_nstd": 46.76953398939599,
  "dvars_std": 1.11421195557047,
  "dvars_vstd": 0.9870584430872482,
  "efc": 0.5376432343822412,
  "fber": 821.0462036132812,
  "fd_mean": 0.19598826107247752,
  "fd_num": 62,
  "fd_perc": 41.333333333333336,
  "fwhm_avg": 2.788434576140142,
  "fwhm_x": 3.0138129673915204,
  "fwhm_y": 2.7216629135844794,
  "fwhm_z": 2.6298278474444245,
  "gcor": 0.0159406,
  "gsr_x": 0.03152946010231972,
  "gsr_y": -0.0019759938586503267,
  "provenance": {
    "md5sum": "6f40f771810fe2b283f3a23970eafdd9",
    "settings": {
      "fd_thres": 0.2,
      "hmc_fsl": false
    },
    "software": "mriqc",
    "version": "0.15.1",
    "webapi_port": null,
    "webapi_url": "https://mriqc.nimh.nih.gov/api/v1"
  },
  "size_t": 150,
  "size_x": 112,
  "size_y": 112,
  "size_z": 98,
  "snr": 2.7285752451482623,
  "spacing_tr": 1.3169798851013184,
  "spacing_x": 1.7860000133514404,
  "spacing_y": 1.7860000133514404,
  "spacing_z": 1.7999999523162842,
  "summary_bg_k": 19.247803004933697,
  "summary_bg_mad": 218796.21875,
  "summary_bg_mean": 465645.40625,
  "summary_bg_median": 166383.21875,
  "summary_bg_n": 823422.0,
  "summary_bg_p05": 2560.838439941407,
  "summary_bg_p95": 2053358.4749999952,
  "summary_bg_stdv": 845423.625,
  "summary_fg_k": 1.7779897300340188,
  "summary_fg_mad": 1508499.5,
  "summary_fg_mean": 4925397.5,
  "summary_fg_median": 4800055.0,
  "summary_fg_n": 270636.0,
  "summary_fg_p05": 2234312.5,
  "summary_fg_p95": 7935425.75,
  "summary_fg_stdv": 1759176.75,
  "tsnr": 31.668895721435547
}