{
  "aor": 0.0008516000000000001,
  "aqi": 0.004815333066666667,
  "bids_meta": {
    "AcquisitionNumber": 9,
    "ConversionSoftware": "dcm2niix",
    "ConversionSoftwareVersion": "v1.0.20180622 GCC4.9.2",
    "EchoTime": 0.01689,
    "ImageComments": "pRFgazeMod",
    "ImageOrientationPatientDICOM": [
      0,
      0.924013,
      -0.382361,
      0,
      -0.382361,
      -0.924013
    ],
    "Manufacturer": "Philips",
    "PatientPosition": "HFS",
    "PhilipsRescaleIntercept": 0,
    "PhilipsRescaleSlope": 3.93065,
    "PhilipsScaleSlope": 5.5246e-05,
    "ProtocolName": "task-AFGCFS_run-2_bold",
    "ReconMatrixPE": 112,
    "RepetitionTime": 1.31698,
    "SeriesDescription": "ImageMRSERIES",
    "SeriesNumber": 9,
    "TaskName": "AttendFixGazeCenterFS",
    "UsePhilipsFloatNotDisplayScaling": 1,
    "dataset": "unknown",
    "modality": "bold",
    "run_id": 2,
    "session_id": "02",
    "subject_id": "001",
    "task_id": "AttendFixGazeCenterFS"
  },
  "dummy_trs": 0,
  "dvars_nstd": 43.639283468389266,
  "dvars_std": 1.1173047724161072,
  "dvars_vstd": 1.006787694496644,
  "efc": 0.5382931134836869,
  "fber": 841.9728393554688,
  "fd_mean": 0.18198147554226765,
  "fd_num": 50,
  "fd_perc": 33.333333333333336,
  "fwhm_avg": 2.7603025928544436,
  "fwhm_x": 2.985716663010292,
  "fwhm_y": 2.6802799351704376,
  "fwhm_z": 2.6149111803826006,
  "gcor": 0.0155394,
  "gsr_x": 0.02852814830839634,
  "gsr_y": -0.0009186590905301273,
  "provenance": {
    "md5sum": "27b344eaec16102bbf296a5559b6ec9d",
    "settings": {
      "fd_thres": 0.2,
      "hmc_fsl": false
    },
    "software": "mriqc",
    "version": "0.15.1",
    "webapi_port": null,
    "webapi_url": "https://mriqc.nimh.nih.gov/api/v1"
  },
  "size_t": 150,
  "size_x": 112,
  "size_y": 112,
  "size_z": 98,
  "snr": 2.6963890387978733,
  "spacing_tr": 1.3169798851013184,
  "spacing_x": 1.7860000133514404,
  "spacing_y": 1.7860000133514404,
  "spacing_z": 1.7999999523162842,
  "summary_bg_k": 18.85029690367059,
  "summary_bg_mad": 216404.984375,
  "summary_bg_mean": 468029.84375,
  "summary_bg_median": 162771.359375,
  "summary_bg_n": 822522.0,
  "summary_bg_p05": 1412.6055175781253,
  "summary_bg_p95": 2068236.993749998,
  "summary_bg_stdv": 848738.4375,
  "summary_fg_k": 1.8718215008882515,
  "summary_fg_mad": 1507415.25,
  "summary_fg_mean": 4895324.0,
  "summary_fg_median": 4759504.5,
  "summary_fg_n": 271096.0,
  "summary_fg_p05": 2224801.6875,
  "summary_fg_p95": 7921920.875,
  "summary_fg_stdv": 1765136.875,
  "tsnr": 38.08882141113281
}