{
	"Manufacturer": "Philips",
	"PatientPosition": "HFS",
	"SeriesDescription": "ImageMRSERIES",
	"ProtocolName": "3DT2_1mm",
	"SeriesNumber": 6,
	"AcquisitionNumber": 6,
	"ImageComments": "sub-001_ses-anat_pRFGazeMod",
	"PhilipsRescaleSlope": 1.43297,
	"PhilipsRescaleIntercept": 0,
	"PhilipsScaleSlope": 0.00193286,
	"UsePhilipsFloatNotDisplayScaling": 1,
	"EchoTime": 0.331,
	"RepetitionTime": 2.5,
	"ReconMatrixPE": 256,
	"ImageOrientationPatientDICOM": [
		0,
		1,
		0,
		-0,
		-0,
		-1	],
	"ConversionSoftware": "dcm2niix",
	"ConversionSoftwareVersion": "v1.0.20180622 GCC4.9.2"
}
