{
	"Manufacturer": "Philips",
	"PatientPosition": "HFS",
	"SeriesDescription": "ImageMRSERIES",
	"ProtocolName": "acq-1mm-sag_T1w_6m12s_ADNI",
	"SeriesNumber": 7,
	"AcquisitionNumber": 7,
	"ImageComments": "sub-001_ses-anat_pRFGazeMod",
	"PhilipsRescaleSlope": 2.26886,
	"PhilipsRescaleIntercept": 0,
	"PhilipsScaleSlope": 0.00615021,
	"UsePhilipsFloatNotDisplayScaling": 1,
	"EchoTime": 0.00294,
	"RepetitionTime": 0.006528,
	"InversionTime": 0.9,
	"ReconMatrixPE": 256,
	"ImageOrientationPatientDICOM": [
		0,
		1,
		0,
		-0,
		-0,
		-1	],
	"ConversionSoftware": "dcm2niix",
	"ConversionSoftwareVersion": "v1.0.20180622 GCC4.9.2"
}
