{
  "aor": 0.0006430666666666666,
  "aqi": 0.005801495933333334,
  "bids_meta": {
    "AcquisitionNumber": 6,
    "ConversionSoftware": "dcm2niix",
    "ConversionSoftwareVersion": "v1.0.20180622 GCC4.9.2",
    "EchoTime": 0.01689,
    "ImageComments": "sub-01_ses-01_prfGazeMod",
    "ImageOrientationPatientDICOM": [
      0,
      0.924013,
      -0.382361,
      0,
      -0.382361,
      -0.924013
    ],
    "Manufacturer": "Philips",
    "PatientPosition": "HFS",
    "PhilipsRescaleIntercept": 0,
    "PhilipsRescaleSlope": 3.79658,
    "PhilipsScaleSlope": 5.15344e-05,
    "ProtocolName": "task-ASGCFS_run-1_bold",
    "ReconMatrixPE": 112,
    "RepetitionTime": 1.31698,
    "SeriesDescription": "ImageMRSERIES",
    "SeriesNumber": 6,
    "TaskName": "AttendStimGazeCenterFS",
    "UsePhilipsFloatNotDisplayScaling": 1,
    "dataset": "unknown",
    "modality": "bold",
    "run_id": 1,
    "session_id": "01",
    "subject_id": "001",
    "task_id": "AttendStimGazeCenterFS"
  },
  "dummy_trs": 0,
  "dvars_nstd": 53.7055813324161,
  "dvars_std": 1.1598892949664428,
  "dvars_vstd": 1.0011299095973152,
  "efc": 0.5387959437762708,
  "fber": 823.0888061523438,
  "fd_mean": 0.1948861020760513,
  "fd_num": 65,
  "fd_perc": 43.333333333333336,
  "fwhm_avg": 2.8044860238289644,
  "fwhm_x": 3.0523963937548215,
  "fwhm_y": 2.7014949406109467,
  "fwhm_z": 2.6595667371211245,
  "gcor": 0.0183366,
  "gsr_x": 0.035755228251218796,
  "gsr_y": 0.0008618521387688816,
  "provenance": {
    "md5sum": "f2324046fdb8926678717eb92c5fad1b",
    "settings": {
      "fd_thres": 0.2,
      "hmc_fsl": false
    },
    "software": "mriqc",
    "version": "0.15.1",
    "webapi_port": null,
    "webapi_url": "https://mriqc.nimh.nih.gov/api/v1"
  },
  "size_t": 150,
  "size_x": 112,
  "size_y": 112,
  "size_z": 98,
  "snr": 2.655890543036093,
  "spacing_tr": 1.3169798851013184,
  "spacing_x": 1.7860000133514404,
  "spacing_y": 1.7860000133514404,
  "spacing_z": 1.7999999523162842,
  "summary_bg_k": 17.248686507374995,
  "summary_bg_mad": 238356.515625,
  "summary_bg_mean": 513281.5,
  "summary_bg_median": 174963.1875,
  "summary_bg_n": 824992.0,
  "summary_bg_p05": 1197.772351074219,
  "summary_bg_p95": 2293002.5249999994,
  "summary_bg_stdv": 918328.375,
  "summary_fg_k": 1.8522561901037475,
  "summary_fg_mad": 1631434.75,
  "summary_fg_mean": 5228242.5,
  "summary_fg_median": 5070138.0,
  "summary_fg_n": 269038.0,
  "summary_fg_p05": 2335601.075,
  "summary_fg_p95": 8495752.399999999,
  "summary_fg_stdv": 1909012.625,
  "tsnr": 34.29601287841797
}