{
  "aor": 0.0010155333333333335,
  "aqi": 0.006415951666666667,
  "bids_meta": {
    "AcquisitionNumber": 10,
    "ConversionSoftware": "dcm2niix",
    "ConversionSoftwareVersion": "v1.0.20180622 GCC4.9.2",
    "EchoTime": 0.01689,
    "ImageComments": "sub-01_ses-01_prfGazeMod",
    "ImageOrientationPatientDICOM": [
      0,
      0.924013,
      -0.382361,
      0,
      -0.382361,
      -0.924013
    ],
    "Manufacturer": "Philips",
    "PatientPosition": "HFS",
    "PhilipsRescaleIntercept": 0,
    "PhilipsRescaleSlope": 3.67692,
    "PhilipsScaleSlope": 5.2489e-05,
    "ProtocolName": "task-ASGCFS_run-2_bold",
    "ReconMatrixPE": 112,
    "RepetitionTime": 1.31698,
    "SeriesDescription": "ImageMRSERIES",
    "SeriesNumber": 10,
    "TaskName": "AttendStimGazeCenterFS",
    "UsePhilipsFloatNotDisplayScaling": 1,
    "dataset": "unknown",
    "modality": "bold",
    "run_id": 2,
    "session_id": "01",
    "subject_id": "001",
    "task_id": "AttendStimGazeCenterFS"
  },
  "dummy_trs": 0,
  "dvars_nstd": 55.115759471812055,
  "dvars_std": 1.1726461351006714,
  "dvars_vstd": 1.0040486551006713,
  "efc": 0.5393065002557365,
  "fber": 849.339111328125,
  "fd_mean": 0.219971255679915,
  "fd_num": 81,
  "fd_perc": 54.0,
  "fwhm_avg": 2.8176859470784987,
  "fwhm_x": 3.0655878830179093,
  "fwhm_y": 2.7211309986948384,
  "fwhm_z": 2.6663389595227494,
  "gcor": 0.016075,
  "gsr_x": 0.03486108034849167,
  "gsr_y": 0.00042516097892075777,
  "provenance": {
    "md5sum": "f1df92c4792add3ef7d88b6163e83784",
    "settings": {
      "fd_thres": 0.2,
      "hmc_fsl": false
    },
    "software": "mriqc",
    "version": "0.15.1",
    "webapi_port": null,
    "webapi_url": "https://mriqc.nimh.nih.gov/api/v1"
  },
  "size_t": 150,
  "size_x": 112,
  "size_y": 112,
  "size_z": 98,
  "snr": 2.650876341178658,
  "spacing_tr": 1.3169798851013184,
  "spacing_x": 1.7860000133514404,
  "spacing_y": 1.7860000133514404,
  "spacing_z": 1.7999999523162842,
  "summary_bg_k": 16.992726396153415,
  "summary_bg_mad": 229914.84375,
  "summary_bg_mean": 503307.40625,
  "summary_bg_median": 168877.5,
  "summary_bg_n": 824282.0,
  "summary_bg_p05": 1850.8531433105468,
  "summary_bg_p95": 2239746.674999999,
  "summary_bg_stdv": 897572.375,
  "summary_fg_k": 1.836699388828694,
  "summary_fg_mad": 1598601.75,
  "summary_fg_mean": 5128557.0,
  "summary_fg_median": 4965311.0,
  "summary_fg_n": 269864.0,
  "summary_fg_p05": 2298811.1625,
  "summary_fg_p95": 8343155.624999994,
  "summary_fg_stdv": 1873079.375,
  "tsnr": 32.30572509765625
}