{
  "aor": 0.0007688666666666666,
  "aqi": 0.006859248266666666,
  "bids_meta": {
    "AcquisitionNumber": 4,
    "ConversionSoftware": "dcm2niix",
    "ConversionSoftwareVersion": "v1.0.20180622 GCC4.9.2",
    "EchoTime": 0.01689,
    "ImageComments": "sub-01_ses-01_prfGazeMod",
    "ImageOrientationPatientDICOM": [
      0,
      0.924013,
      -0.382361,
      0,
      -0.382361,
      -0.924013
    ],
    "Manufacturer": "Philips",
    "PatientPosition": "HFS",
    "PhilipsRescaleIntercept": 0,
    "PhilipsRescaleSlope": 3.66862,
    "PhilipsScaleSlope": 5.24999e-05,
    "ProtocolName": "task-AFGCFS_run-1_bold",
    "ReconMatrixPE": 112,
    "RepetitionTime": 1.31698,
    "SeriesDescription": "ImageMRSERIES",
    "SeriesNumber": 4,
    "TaskName": "AttendFixGazeCenterFS",
    "UsePhilipsFloatNotDisplayScaling": 1,
    "dataset": "unknown",
    "modality": "bold",
    "run_id": 1,
    "session_id": "01",
    "subject_id": "001",
    "task_id": "AttendFixGazeCenterFS"
  },
  "dummy_trs": 0,
  "dvars_nstd": 58.410164110134225,
  "dvars_std": 1.1779152938926178,
  "dvars_vstd": 0.9981954594630872,
  "efc": 0.5376196161199036,
  "fber": 838.353515625,
  "fd_mean": 0.22571942346451476,
  "fd_num": 103,
  "fd_perc": 68.66666666666667,
  "fwhm_avg": 2.8034393106603006,
  "fwhm_x": 3.0468812762148634,
  "fwhm_y": 2.7089921410028293,
  "fwhm_z": 2.6544445147632096,
  "gcor": 0.0234529,
  "gsr_x": 0.03536289557814598,
  "gsr_y": 0.0013471848797053099,
  "provenance": {
    "md5sum": "1e85565376cc691696fdd7549c9a36aa",
    "settings": {
      "fd_thres": 0.2,
      "hmc_fsl": false
    },
    "software": "mriqc",
    "version": "0.15.1",
    "webapi_port": null,
    "webapi_url": "https://mriqc.nimh.nih.gov/api/v1"
  },
  "size_t": 150,
  "size_x": 112,
  "size_y": 112,
  "size_z": 98,
  "snr": 2.672792007720049,
  "spacing_tr": 1.3169798851013184,
  "spacing_x": 1.7860000133514404,
  "spacing_y": 1.7860000133514404,
  "spacing_z": 1.7999999523162842,
  "summary_bg_k": 17.452879322818983,
  "summary_bg_mad": 233389.9375,
  "summary_bg_mean": 502028.375,
  "summary_bg_median": 171662.65625,
  "summary_bg_n": 826830.0,
  "summary_bg_p05": 1755.7955993652345,
  "summary_bg_p95": 2247911.9124999996,
  "summary_bg_stdv": 901048.375,
  "summary_fg_k": 1.8773162853362706,
  "summary_fg_mad": 1594832.25,
  "summary_fg_mean": 5169912.5,
  "summary_fg_median": 5013802.0,
  "summary_fg_n": 267725.0,
  "summary_fg_p05": 2331550.4,
  "summary_fg_p95": 8380727.4999999935,
  "summary_fg_stdv": 1875863.375,
  "tsnr": 31.367555618286133
}