{
  "aor": 0.0012836666666666667,
  "aqi": 0.007233408199999999,
  "bids_meta": {
    "AcquisitionNumber": 8,
    "ConversionSoftware": "dcm2niix",
    "ConversionSoftwareVersion": "v1.0.20180622 GCC4.9.2",
    "EchoTime": 0.01689,
    "ImageComments": "prfgazemod",
    "ImageOrientationPatientDICOM": [
      0,
      0.924013,
      -0.382361,
      0,
      -0.382361,
      -0.924013
    ],
    "Manufacturer": "Philips",
    "PatientPosition": "HFS",
    "PhilipsRescaleIntercept": 0,
    "PhilipsRescaleSlope": 3.66935,
    "PhilipsScaleSlope": 5.23999e-05,
    "ProtocolName": "task-AFGCFS_run-2_bold",
    "ReconMatrixPE": 112,
    "RepetitionTime": 1.31698,
    "SeriesDescription": "ImageMRSERIES",
    "SeriesNumber": 8,
    "TaskName": "AttendFixGazeCenterFS",
    "UsePhilipsFloatNotDisplayScaling": 1,
    "dataset": "unknown",
    "modality": "bold",
    "run_id": 2,
    "session_id": "01",
    "subject_id": "002",
    "task_id": "AttendFixGazeCenterFS"
  },
  "dummy_trs": 0,
  "dvars_nstd": 62.843138982885904,
  "dvars_std": 1.2030810018791944,
  "dvars_vstd": 1.0120294796644296,
  "efc": 0.5287570516213449,
  "fber": 1295.9189453125,
  "fd_mean": 0.3036432308988324,
  "fd_num": 135,
  "fd_perc": 90.0,
  "fwhm_avg": 2.803629512672156,
  "fwhm_x": 3.0720100554223073,
  "fwhm_y": 2.6450839667885324,
  "fwhm_z": 2.6937945158056293,
  "gcor": 0.0261358,
  "gsr_x": 0.04326627403497696,
  "gsr_y": -0.002544606802985072,
  "provenance": {
    "md5sum": "53d5280d4601aaa851098c5b451a7391",
    "settings": {
      "fd_thres": 0.2,
      "hmc_fsl": false
    },
    "software": "mriqc",
    "version": "0.15.1",
    "webapi_port": null,
    "webapi_url": "https://mriqc.nimh.nih.gov/api/v1"
  },
  "size_t": 150,
  "size_x": 112,
  "size_y": 112,
  "size_z": 98,
  "snr": 2.981594948900781,
  "spacing_tr": 1.3169798851013184,
  "spacing_x": 1.7860000133514404,
  "spacing_y": 1.7860000133514404,
  "spacing_z": 1.7999999523162842,
  "summary_bg_k": 21.37392618883845,
  "summary_bg_mad": 189625.9375,
  "summary_bg_mean": 424785.3125,
  "summary_bg_median": 133619.703125,
  "summary_bg_n": 828795.0,
  "summary_bg_p05": 537.6089782714846,
  "summary_bg_p95": 1861885.9249999984,
  "summary_bg_stdv": 810460.5,
  "summary_fg_k": 1.018065934233916,
  "summary_fg_mad": 1435164.5,
  "summary_fg_mean": 4887109.5,
  "summary_fg_median": 4816177.5,
  "summary_fg_n": 266307.0,
  "summary_fg_p05": 2325884.625,
  "summary_fg_p95": 7628635.6,
  "summary_fg_stdv": 1615299.375,
  "tsnr": 33.34943389892578
}