{
  "aor": 0.0007582564102564102,
  "aqi": 0.00545449517948718,
  "bids_meta": {
    "AcquisitionMatrixPE": 112,
    "CoilString": "MULTI_COIL",
    "DeviceSerialNumber": "00076",
    "EchoTime": 0.016901,
    "EchoTrainLength": 43,
    "FlipAngle": 13,
    "ImageType": [
      "ORIGINAL",
      "PRIMARY",
      "PHASE",
      "MAP",
      "P",
      "FFE"
    ],
    "ImagingFrequency": 298.03,
    "InstitutionAddress": "Amsterdam",
    "InstitutionName": "Spinoza_Centre",
    "InstitutionalDepartmentName": "Spinoza_Centre",
    "MRAcquisitionType": "3D",
    "MagneticFieldStrength": 7,
    "Manufacturer": "Philips",
    "ManufacturersModelName": "Achieva",
    "Modality": "MR",
    "NumberOfVolumesDiscardedByUser": 3,
    "PatientPosition": "HFS",
    "PercentPhaseFOV": 100,
    "PhaseEncodingDirection": "i",
    "PhaseEncodingSteps": 112,
    "PhilipsRWVIntercept": -3142,
    "PhilipsRWVSlope": 1.53455,
    "PhilipsRescaleIntercept": -3142,
    "PhilipsRescaleSlope": 1.53455,
    "PhilipsScaleSlope": 651.74,
    "PixelBandwidth": 1762,
    "ReconMatrixPE": 112,
    "RepetitionTime": 1.3169799,
    "SAR": 1.96128,
    "ScanOptions": "FS",
    "ScanningSequence": "GR",
    "SequenceVariant": "SK",
    "SeriesInstanceUID": "1.3.46.670589.11.76.5.0.6388.2022071316500147307",
    "SeriesNumber": 601,
    "SliceThickness": 1.8,
    "SoftwareVersions": "5.1.7_5.1.7.0",
    "SpacingBetweenSlices": 1.8,
    "StationName": "7t-acq-multix",
    "StudyID": "694967284",
    "StudyInstanceUID": "1.3.46.670589.11.76.5.0.7360.2022071316280508000",
    "TaskName": "GazeColumns",
    "UsePhilipsFloatNotDisplayScaling": 1,
    "dataset": "unknown",
    "modality": "bold",
    "run_id": 1,
    "session_id": "05",
    "subject_id": "001",
    "task_id": "GazeColumns"
  },
  "dummy_trs": 2,
  "dvars_nstd": 49.37201655262891,
  "dvars_std": 1.1948044203092787,
  "dvars_vstd": 0.9958043626804124,
  "efc": 0.5400378497993411,
  "fber": 763.6498413085938,
  "fd_mean": 0.20158384004872515,
  "fd_num": 94,
  "fd_perc": 48.205128205128204,
  "fwhm_avg": 2.6561757849604355,
  "fwhm_x": 2.911298970397517,
  "fwhm_y": 2.566500540724256,
  "fwhm_z": 2.4907278437595326,
  "gcor": 0.0155738,
  "gsr_x": 0.016037555411458015,
  "gsr_y": 0.0013201958499848843,
  "provenance": {
    "md5sum": "9a16df1e5137e24b531df53459639c0f",
    "settings": {
      "fd_thres": 0.2,
      "hmc_fsl": false
    },
    "software": "mriqc",
    "version": "0.15.1",
    "webapi_port": null,
    "webapi_url": "https://mriqc.nimh.nih.gov/api/v1"
  },
  "size_t": 195,
  "size_x": 112,
  "size_y": 112,
  "size_z": 98,
  "snr": 2.6233229727096123,
  "spacing_tr": 1.3169798851013184,
  "spacing_x": 1.7860000133514404,
  "spacing_y": 1.7860000133514404,
  "spacing_z": 1.7999999523162842,
  "summary_bg_k": 20.383741415128707,
  "summary_bg_mad": 57.4837760925293,
  "summary_bg_mean": 118.26505279541016,
  "summary_bg_median": 42.96617126464844,
  "summary_bg_n": 819330.0,
  "summary_bg_p05": 0.854658105969429,
  "summary_bg_p95": 504.9760482788084,
  "summary_bg_stdv": 215.03091430664062,
  "summary_fg_k": 2.232759073174594,
  "summary_fg_mad": 365.85418701171875,
  "summary_fg_mean": 1199.064697265625,
  "summary_fg_median": 1150.51904296875,
  "summary_fg_n": 273518.0,
  "summary_fg_p05": 562.6609130859375,
  "summary_fg_p95": 1972.9460876464843,
  "summary_fg_stdv": 438.5723571777344,
  "tsnr": 41.64623260498047
}