{
  "aor": 0.002601827411167512,
  "aqi": 0.005551819390862944,
  "bids_meta": {
    "AcquisitionMatrixPE": 112,
    "CoilString": "MULTI_COIL",
    "DeviceSerialNumber": "00076",
    "EchoTime": 0.016901,
    "EchoTrainLength": 43,
    "FlipAngle": 13,
    "ImageType": [
      "ORIGINAL",
      "PRIMARY",
      "PHASE",
      "MAP",
      "P",
      "FFE"
    ],
    "ImagingFrequency": 298.03,
    "InstitutionAddress": "Amsterdam",
    "InstitutionName": "Spinoza_Centre",
    "InstitutionalDepartmentName": "Spinoza_Centre",
    "MRAcquisitionType": "3D",
    "MagneticFieldStrength": 7,
    "Manufacturer": "Philips",
    "ManufacturersModelName": "Achieva",
    "Modality": "MR",
    "NumberOfVolumesDiscardedByUser": 3,
    "PatientPosition": "HFS",
    "PercentPhaseFOV": 100,
    "PhaseEncodingDirection": "i",
    "PhaseEncodingSteps": 112,
    "PhilipsRWVIntercept": -3142,
    "PhilipsRWVSlope": 1.53455,
    "PhilipsRescaleIntercept": -3142,
    "PhilipsRescaleSlope": 1.53455,
    "PhilipsScaleSlope": 651.74,
    "PixelBandwidth": 1762,
    "ReconMatrixPE": 112,
    "RepetitionTime": 1.3169799,
    "SAR": 1.96128,
    "ScanOptions": "FS",
    "ScanningSequence": "GR",
    "SequenceVariant": "SK",
    "SeriesInstanceUID": "1.3.46.670589.11.76.5.0.6388.2022071316500147307",
    "SeriesNumber": 601,
    "SliceThickness": 1.8,
    "SoftwareVersions": "5.1.7_5.1.7.0",
    "SpacingBetweenSlices": 1.8,
    "StationName": "7t-acq-multix",
    "StudyID": "694967284",
    "StudyInstanceUID": "1.3.46.670589.11.76.5.0.7360.2022071316280508000",
    "TaskName": "GazeLines",
    "UsePhilipsFloatNotDisplayScaling": 1,
    "dataset": "unknown",
    "modality": "bold",
    "run_id": 4,
    "session_id": "05",
    "subject_id": "001",
    "task_id": "GazeLines"
  },
  "dummy_trs": 0,
  "dvars_nstd": 46.16905626959185,
  "dvars_std": 1.1922173536224494,
  "dvars_vstd": 1.016328677040816,
  "efc": 0.5415675091728582,
  "fber": 758.0565795898438,
  "fd_mean": 0.21785443522030487,
  "fd_num": 120,
  "fd_perc": 60.91370558375635,
  "fwhm_avg": 2.642274179854235,
  "fwhm_x": 2.901047010787706,
  "fwhm_y": 2.54684768532806,
  "fwhm_z": 2.478927843446939,
  "gcor": 0.0158437,
  "gsr_x": 0.01881450042128563,
  "gsr_y": -0.0003504234191495925,
  "provenance": {
    "md5sum": "1f8e0f2ea5cdcde7361765ca6e882373",
    "settings": {
      "fd_thres": 0.2,
      "hmc_fsl": false
    },
    "software": "mriqc",
    "version": "0.15.1",
    "webapi_port": null,
    "webapi_url": "https://mriqc.nimh.nih.gov/api/v1"
  },
  "size_t": 197,
  "size_x": 112,
  "size_y": 112,
  "size_z": 98,
  "snr": 2.6410493459516178,
  "spacing_tr": 1.3169798851013184,
  "spacing_x": 1.7860000133514404,
  "spacing_y": 1.7860000133514404,
  "spacing_z": 1.7999999523162842,
  "summary_bg_k": 20.454364211445792,
  "summary_bg_mad": 57.96302795410156,
  "summary_bg_mean": 119.97572326660156,
  "summary_bg_median": 43.327232360839844,
  "summary_bg_n": 819107.0,
  "summary_bg_p05": 0.8734105050563814,
  "summary_bg_p95": 507.3632415771485,
  "summary_bg_stdv": 217.22535705566406,
  "summary_fg_k": 2.269242376388881,
  "summary_fg_mad": 363.2474365234375,
  "summary_fg_mean": 1203.9530029296875,
  "summary_fg_median": 1155.26171875,
  "summary_fg_n": 273628.0,
  "summary_fg_p05": 563.424139404297,
  "summary_fg_p95": 1973.3642944335938,
  "summary_fg_stdv": 437.4244689941406,
  "tsnr": 41.61208724975586
}