{
  "aor": 0.0008911855670103093,
  "aqi": 0.005458222731958763,
  "bids_meta": {
    "AcquisitionMatrixPE": 112,
    "CoilString": "MULTI_COIL",
    "DeviceSerialNumber": "00076",
    "EchoTime": 0.016901,
    "EchoTrainLength": 43,
    "FlipAngle": 13,
    "ImageType": [
      "ORIGINAL",
      "PRIMARY",
      "PHASE",
      "MAP",
      "P",
      "FFE"
    ],
    "ImagingFrequency": 298.03,
    "InstitutionAddress": "Amsterdam",
    "InstitutionName": "Spinoza_Centre",
    "InstitutionalDepartmentName": "Spinoza_Centre",
    "MRAcquisitionType": "3D",
    "MagneticFieldStrength": 7,
    "Manufacturer": "Philips",
    "ManufacturersModelName": "Achieva",
    "Modality": "MR",
    "NumberOfVolumesDiscardedByUser": 3,
    "PatientPosition": "HFS",
    "PercentPhaseFOV": 100,
    "PhaseEncodingDirection": "i",
    "PhaseEncodingSteps": 112,
    "PhilipsRWVIntercept": -3142,
    "PhilipsRWVSlope": 1.53455,
    "PhilipsRescaleIntercept": -3142,
    "PhilipsRescaleSlope": 1.53455,
    "PhilipsScaleSlope": 651.74,
    "PixelBandwidth": 1762,
    "ReconMatrixPE": 112,
    "RepetitionTime": 1.3169799,
    "SAR": 1.96128,
    "ScanOptions": "FS",
    "ScanningSequence": "GR",
    "SequenceVariant": "SK",
    "SeriesInstanceUID": "1.3.46.670589.11.76.5.0.6388.2022071316500147307",
    "SeriesNumber": 601,
    "SliceThickness": 1.8,
    "SoftwareVersions": "5.1.7_5.1.7.0",
    "SpacingBetweenSlices": 1.8,
    "StationName": "7t-acq-multix",
    "StudyID": "694967284",
    "StudyInstanceUID": "1.3.46.670589.11.76.5.0.7360.2022071316280508000",
    "TaskName": "GazeLines",
    "UsePhilipsFloatNotDisplayScaling": 1,
    "dataset": "unknown",
    "modality": "bold",
    "run_id": 3,
    "session_id": "05",
    "subject_id": "001",
    "task_id": "GazeLines"
  },
  "dummy_trs": 3,
  "dvars_nstd": 46.98733371274609,
  "dvars_std": 1.1876413437823836,
  "dvars_vstd": 1.0030242417098445,
  "efc": 0.5408874790982157,
  "fber": 787.2842407226562,
  "fd_mean": 0.21178254270952518,
  "fd_num": 108,
  "fd_perc": 55.670103092783506,
  "fwhm_avg": 2.6524634855746325,
  "fwhm_x": 2.9108062492365865,
  "fwhm_y": 2.560106363840365,
  "fwhm_z": 2.4864778436469464,
  "gcor": 0.0152855,
  "gsr_x": 0.017532188445329666,
  "gsr_y": 0.000705710903275758,
  "provenance": {
    "md5sum": "122e6b35b17c3918cd749c6a4cbdfad8",
    "settings": {
      "fd_thres": 0.2,
      "hmc_fsl": false
    },
    "software": "mriqc",
    "version": "0.15.1",
    "webapi_port": null,
    "webapi_url": "https://mriqc.nimh.nih.gov/api/v1"
  },
  "size_t": 194,
  "size_x": 112,
  "size_y": 112,
  "size_z": 98,
  "snr": 2.6250847714386185,
  "spacing_tr": 1.3169798851013184,
  "spacing_x": 1.7860000133514404,
  "spacing_y": 1.7860000133514404,
  "spacing_z": 1.7999999523162842,
  "summary_bg_k": 20.1902514882207,
  "summary_bg_mad": 56.800941467285156,
  "summary_bg_mean": 118.6589126586914,
  "summary_bg_median": 42.25785446166992,
  "summary_bg_n": 818208.0,
  "summary_bg_p05": 0.8407754749059677,
  "summary_bg_p95": 507.12475433349437,
  "summary_bg_stdv": 215.554931640625,
  "summary_fg_k": 2.272751695441647,
  "summary_fg_mad": 362.0165710449219,
  "summary_fg_mean": 1195.403076171875,
  "summary_fg_median": 1148.3272705078125,
  "summary_fg_n": 274661.0,
  "summary_fg_p05": 554.0249633789062,
  "summary_fg_p95": 1963.4423828125,
  "summary_fg_stdv": 437.4430847167969,
  "tsnr": 42.255435943603516
}