{
  "aor": 0.002697142857142857,
  "aqi": 0.0057955468131868125,
  "bids_meta": {
    "AcquisitionMatrixPE": 112,
    "CoilString": "MULTI_COIL",
    "DeviceSerialNumber": "00076",
    "EchoTime": 0.016901,
    "EchoTrainLength": 43,
    "FlipAngle": 13,
    "ImageType": [
      "ORIGINAL",
      "PRIMARY",
      "PHASE",
      "MAP",
      "P",
      "FFE"
    ],
    "ImagingFrequency": 298.03,
    "InstitutionAddress": "Amsterdam",
    "InstitutionName": "Spinoza_Centre",
    "InstitutionalDepartmentName": "Spinoza_Centre",
    "MRAcquisitionType": "3D",
    "MagneticFieldStrength": 7,
    "Manufacturer": "Philips",
    "ManufacturersModelName": "Achieva",
    "Modality": "MR",
    "NumberOfVolumesDiscardedByUser": 3,
    "PatientPosition": "HFS",
    "PercentPhaseFOV": 100,
    "PhaseEncodingDirection": "i",
    "PhaseEncodingSteps": 112,
    "PhilipsRWVIntercept": -3142,
    "PhilipsRWVSlope": 1.53455,
    "PhilipsRescaleIntercept": -3142,
    "PhilipsRescaleSlope": 1.53455,
    "PhilipsScaleSlope": 651.74,
    "PixelBandwidth": 1762,
    "ReconMatrixPE": 112,
    "RepetitionTime": 1.3169799,
    "SAR": 1.96128,
    "ScanOptions": "FS",
    "ScanningSequence": "GR",
    "SequenceVariant": "SK",
    "SeriesInstanceUID": "1.3.46.670589.11.76.5.0.6388.2022071316500147307",
    "SeriesNumber": 601,
    "SliceThickness": 1.8,
    "SoftwareVersions": "5.1.7_5.1.7.0",
    "SpacingBetweenSlices": 1.8,
    "StationName": "7t-acq-multix",
    "StudyID": "694967284",
    "StudyInstanceUID": "1.3.46.670589.11.76.5.0.7360.2022071316280508000",
    "TaskName": "Calib",
    "UsePhilipsFloatNotDisplayScaling": 1,
    "dataset": "unknown",
    "modality": "bold",
    "run_id": 1,
    "session_id": "05",
    "subject_id": "001",
    "task_id": "Calib"
  },
  "dummy_trs": 2,
  "dvars_nstd": 46.98090900844445,
  "dvars_std": 1.2015167902222226,
  "dvars_vstd": 1.0236394863333333,
  "efc": 0.5368349370424572,
  "fber": 839.7219848632812,
  "fd_mean": 0.2036505745154,
  "fd_num": 50,
  "fd_perc": 54.94505494505494,
  "fwhm_avg": 2.6774299055623207,
  "fwhm_x": 2.9287065850490195,
  "fwhm_y": 2.5921108428844266,
  "fwhm_z": 2.511472288753517,
  "gcor": 0.01776,
  "gsr_x": 0.01937633380293846,
  "gsr_y": -0.0002494842337910086,
  "provenance": {
    "md5sum": "4aae2e2e88ee2d0bcf3a328460d1bed8",
    "settings": {
      "fd_thres": 0.2,
      "hmc_fsl": false
    },
    "software": "mriqc",
    "version": "0.15.1",
    "webapi_port": null,
    "webapi_url": "https://mriqc.nimh.nih.gov/api/v1"
  },
  "size_t": 91,
  "size_x": 112,
  "size_y": 112,
  "size_z": 98,
  "snr": 2.6142336323827005,
  "spacing_tr": 1.3169798851013184,
  "spacing_x": 1.7860000133514404,
  "spacing_y": 1.7860000133514404,
  "spacing_z": 1.7999999523162842,
  "summary_bg_k": 20.663015866150136,
  "summary_bg_mad": 58.40046310424805,
  "summary_bg_mean": 122.74638366699219,
  "summary_bg_median": 43.4739875793457,
  "summary_bg_n": 819834.0,
  "summary_bg_p05": 0.6934946447610856,
  "summary_bg_p95": 532.1104187011716,
  "summary_bg_stdv": 227.8256072998047,
  "summary_fg_k": 2.053116127510183,
  "summary_fg_mad": 391.11724853515625,
  "summary_fg_mean": 1269.8323974609375,
  "summary_fg_median": 1219.8760986328125,
  "summary_fg_n": 273577.0,
  "summary_fg_p05": 582.9640625,
  "summary_fg_p95": 2092.2008300781245,
  "summary_fg_stdv": 466.6277160644531,
  "tsnr": 40.34344482421875
}