{
  "aor": 0.0008121538461538462,
  "aqi": 0.006160083384615385,
  "bids_meta": {
    "AcquisitionMatrixPE": 112,
    "CoilString": "MULTI_COIL",
    "DeviceSerialNumber": "00076",
    "EchoTime": 0.016901,
    "EchoTrainLength": 43,
    "FlipAngle": 13,
    "ImageType": [
      "ORIGINAL",
      "PRIMARY",
      "PHASE",
      "MAP",
      "P",
      "FFE"
    ],
    "ImagingFrequency": 298.03,
    "InstitutionAddress": "Amsterdam",
    "InstitutionName": "Spinoza_Centre",
    "InstitutionalDepartmentName": "Spinoza_Centre",
    "MRAcquisitionType": "3D",
    "MagneticFieldStrength": 7,
    "Manufacturer": "Philips",
    "ManufacturersModelName": "Achieva",
    "Modality": "MR",
    "NumberOfVolumesDiscardedByUser": 3,
    "PatientPosition": "HFS",
    "PercentPhaseFOV": 100,
    "PhaseEncodingDirection": "i",
    "PhaseEncodingSteps": 112,
    "PhilipsRWVIntercept": -3142,
    "PhilipsRWVSlope": 1.53455,
    "PhilipsRescaleIntercept": -3142,
    "PhilipsRescaleSlope": 1.53455,
    "PhilipsScaleSlope": 651.74,
    "PixelBandwidth": 1762,
    "ReconMatrixPE": 112,
    "RepetitionTime": 1.3169799,
    "SAR": 1.96128,
    "ScanOptions": "FS",
    "ScanningSequence": "GR",
    "SequenceVariant": "SK",
    "SeriesInstanceUID": "1.3.46.670589.11.76.5.0.6388.2022071316500147307",
    "SeriesNumber": 601,
    "SliceThickness": 1.8,
    "SoftwareVersions": "5.1.7_5.1.7.0",
    "SpacingBetweenSlices": 1.8,
    "StationName": "7t-acq-multix",
    "StudyID": "694967284",
    "StudyInstanceUID": "1.3.46.670589.11.76.5.0.7360.2022071316280508000",
    "TaskName": "GazeLines",
    "UsePhilipsFloatNotDisplayScaling": 1,
    "dataset": "unknown",
    "modality": "bold",
    "run_id": 1,
    "session_id": "05",
    "subject_id": "001",
    "task_id": "GazeLines"
  },
  "dummy_trs": 2,
  "dvars_nstd": 49.748266160773206,
  "dvars_std": 1.1908719980927838,
  "dvars_vstd": 0.9920063841752578,
  "efc": 0.5383806769350126,
  "fber": 821.8530883789062,
  "fd_mean": 0.20750715007546047,
  "fd_num": 105,
  "fd_perc": 53.84615384615385,
  "fwhm_avg": 2.6588885571390204,
  "fwhm_x": 2.911674110372316,
  "fwhm_y": 2.572480383904637,
  "fwhm_z": 2.492511177140108,
  "gcor": 0.0156081,
  "gsr_x": 0.016297604888677597,
  "gsr_y": 0.0006431753281503916,
  "provenance": {
    "md5sum": "3380e0726b03a2cf901b82415e48626f",
    "settings": {
      "fd_thres": 0.2,
      "hmc_fsl": false
    },
    "software": "mriqc",
    "version": "0.15.1",
    "webapi_port": null,
    "webapi_url": "https://mriqc.nimh.nih.gov/api/v1"
  },
  "size_t": 195,
  "size_x": 112,
  "size_y": 112,
  "size_z": 98,
  "snr": 2.635521600524235,
  "spacing_tr": 1.3169798851013184,
  "spacing_x": 1.7860000133514404,
  "spacing_y": 1.7860000133514404,
  "spacing_z": 1.7999999523162842,
  "summary_bg_k": 20.21715147709293,
  "summary_bg_mad": 55.59541320800781,
  "summary_bg_mean": 118.19561004638672,
  "summary_bg_median": 41.6229248046875,
  "summary_bg_n": 820475.0,
  "summary_bg_p05": 0.8859114170074462,
  "summary_bg_p95": 512.9476867675769,
  "summary_bg_stdv": 218.22439575195312,
  "summary_fg_k": 2.222244796099548,
  "summary_fg_mad": 366.33233642578125,
  "summary_fg_mean": 1209.6947021484375,
  "summary_fg_median": 1159.7830810546875,
  "summary_fg_n": 272553.0,
  "summary_fg_p05": 570.09326171875,
  "summary_fg_p95": 1989.2661621093748,
  "summary_fg_stdv": 440.0574645996094,
  "tsnr": 39.256229400634766
}