{
  "aor": 0.0005977712609970675,
  "aqi": 0.011629679706744868,
  "bids_meta": {
    "AcquisitionMatrixPE": 112,
    "CoilString": "MULTI_COIL",
    "DeviceSerialNumber": "00076",
    "EchoTime": 0.016901,
    "EchoTrainLength": 43,
    "FlipAngle": 13,
    "ImageType": [
      "ORIGINAL",
      "PRIMARY",
      "PHASE",
      "MAP",
      "P",
      "FFE"
    ],
    "ImagingFrequency": 298.03,
    "InstitutionAddress": "Amsterdam",
    "InstitutionName": "Spinoza_Centre",
    "InstitutionalDepartmentName": "Spinoza_Centre",
    "MRAcquisitionType": "3D",
    "MagneticFieldStrength": 7,
    "Manufacturer": "Philips",
    "ManufacturersModelName": "Achieva",
    "Modality": "MR",
    "NumberOfVolumesDiscardedByUser": 3,
    "PatientPosition": "HFS",
    "PercentPhaseFOV": 100,
    "PhaseEncodingDirection": "i",
    "PhaseEncodingSteps": 112,
    "PhilipsRWVIntercept": -3142,
    "PhilipsRWVSlope": 1.53455,
    "PhilipsRescaleIntercept": -3142,
    "PhilipsRescaleSlope": 1.53455,
    "PhilipsScaleSlope": 651.74,
    "PixelBandwidth": 1762,
    "ReconMatrixPE": 112,
    "RepetitionTime": 1.3169799,
    "SAR": 1.96128,
    "ScanOptions": "FS",
    "ScanningSequence": "GR",
    "SequenceVariant": "SK",
    "SeriesInstanceUID": "1.3.46.670589.11.76.5.0.6388.2022071316500147307",
    "SeriesNumber": 601,
    "SliceThickness": 1.8,
    "SoftwareVersions": "5.1.7_5.1.7.0",
    "SpacingBetweenSlices": 1.8,
    "StationName": "7t-acq-multix",
    "StudyID": "694967284",
    "StudyInstanceUID": "1.3.46.670589.11.76.5.0.7360.2022071316280508000",
    "TaskName": "GazeCCW",
    "UsePhilipsFloatNotDisplayScaling": 1,
    "dataset": "unknown",
    "modality": "bold",
    "run_id": 1,
    "session_id": "04",
    "subject_id": "001",
    "task_id": "GazeCCW"
  },
  "dummy_trs": 2,
  "dvars_nstd": 51.54406557614709,
  "dvars_std": 1.083470184558823,
  "dvars_vstd": 0.9594897100000003,
  "efc": 0.533020022344206,
  "fber": 1056.487548828125,
  "fd_mean": 0.21399836467302888,
  "fd_num": 190,
  "fd_perc": 55.71847507331378,
  "fwhm_avg": 2.676302667167937,
  "fwhm_x": 2.911416551583648,
  "fwhm_y": 2.5881802718051876,
  "fwhm_z": 2.5293111781149755,
  "gcor": 0.0113828,
  "gsr_x": 0.035850606858730316,
  "gsr_y": -0.0012661784421652555,
  "provenance": {
    "md5sum": "5974a1906e000c0a4c248744d2ccbf7b",
    "settings": {
      "fd_thres": 0.2,
      "hmc_fsl": false
    },
    "software": "mriqc",
    "version": "0.15.1",
    "webapi_port": null,
    "webapi_url": "https://mriqc.nimh.nih.gov/api/v1"
  },
  "size_t": 341,
  "size_x": 112,
  "size_y": 112,
  "size_z": 98,
  "snr": 2.540297859175813,
  "spacing_tr": 1.3169798851013184,
  "spacing_x": 1.7860000133514404,
  "spacing_y": 1.7860000133514404,
  "spacing_z": 1.7999999523162842,
  "summary_bg_k": 20.332767385072277,
  "summary_bg_mad": 48.67485809326172,
  "summary_bg_mean": 117.29663848876953,
  "summary_bg_median": 36.682769775390625,
  "summary_bg_n": 820836.0,
  "summary_bg_p05": 1.063683569431305,
  "summary_bg_p95": 515.7029724121094,
  "summary_bg_stdv": 222.78366088867188,
  "summary_fg_k": 2.7253149435330135,
  "summary_fg_mad": 384.15216064453125,
  "summary_fg_mean": 1246.47021484375,
  "summary_fg_median": 1191.0858154296875,
  "summary_fg_n": 272715.0,
  "summary_fg_p05": 579.6595275878906,
  "summary_fg_p95": 2075.9571533203116,
  "summary_fg_stdv": 468.8755798339844,
  "tsnr": 27.063039779663086
}