{
  "aor": 0.00045697058823529404,
  "aqi": 0.007509087588235294,
  "bids_meta": {
    "AcquisitionMatrixPE": 112,
    "CoilString": "MULTI_COIL",
    "DeviceSerialNumber": "00076",
    "EchoTime": 0.016901,
    "EchoTrainLength": 43,
    "FlipAngle": 13,
    "ImageType": [
      "ORIGINAL",
      "PRIMARY",
      "PHASE",
      "MAP",
      "P",
      "FFE"
    ],
    "ImagingFrequency": 298.03,
    "InstitutionAddress": "Amsterdam",
    "InstitutionName": "Spinoza_Centre",
    "InstitutionalDepartmentName": "Spinoza_Centre",
    "MRAcquisitionType": "3D",
    "MagneticFieldStrength": 7,
    "Manufacturer": "Philips",
    "ManufacturersModelName": "Achieva",
    "Modality": "MR",
    "NumberOfVolumesDiscardedByUser": 3,
    "PatientPosition": "HFS",
    "PercentPhaseFOV": 100,
    "PhaseEncodingDirection": "i",
    "PhaseEncodingSteps": 112,
    "PhilipsRWVIntercept": -3142,
    "PhilipsRWVSlope": 1.53455,
    "PhilipsRescaleIntercept": -3142,
    "PhilipsRescaleSlope": 1.53455,
    "PhilipsScaleSlope": 651.74,
    "PixelBandwidth": 1762,
    "ReconMatrixPE": 112,
    "RepetitionTime": 1.3169799,
    "SAR": 1.96128,
    "ScanOptions": "FS",
    "ScanningSequence": "GR",
    "SequenceVariant": "SK",
    "SeriesInstanceUID": "1.3.46.670589.11.76.5.0.6388.2022071316500147307",
    "SeriesNumber": 601,
    "SliceThickness": 1.8,
    "SoftwareVersions": "5.1.7_5.1.7.0",
    "SpacingBetweenSlices": 1.8,
    "StationName": "7t-acq-multix",
    "StudyID": "694967284",
    "StudyInstanceUID": "1.3.46.670589.11.76.5.0.7360.2022071316280508000",
    "TaskName": "GazeCW",
    "UsePhilipsFloatNotDisplayScaling": 1,
    "dataset": "unknown",
    "modality": "bold",
    "run_id": 2,
    "session_id": "04",
    "subject_id": "001",
    "task_id": "GazeCW"
  },
  "dummy_trs": 3,
  "dvars_nstd": 48.998507699350995,
  "dvars_std": 1.102002144365782,
  "dvars_vstd": 1.0090432510029501,
  "efc": 0.5332435164330271,
  "fber": 1101.43701171875,
  "fd_mean": 0.20209017783444216,
  "fd_num": 168,
  "fd_perc": 49.411764705882355,
  "fwhm_avg": 2.647300742703076,
  "fwhm_x": 2.887777134067198,
  "fwhm_y": 2.546791694287045,
  "fwhm_z": 2.507333399754985,
  "gcor": 0.0115969,
  "gsr_x": 0.03476438671350479,
  "gsr_y": -0.0016917595639824867,
  "provenance": {
    "md5sum": "a88a2efd3c19e76310a9493076a667d1",
    "settings": {
      "fd_thres": 0.2,
      "hmc_fsl": false
    },
    "software": "mriqc",
    "version": "0.15.1",
    "webapi_port": null,
    "webapi_url": "https://mriqc.nimh.nih.gov/api/v1"
  },
  "size_t": 340,
  "size_x": 112,
  "size_y": 112,
  "size_z": 98,
  "snr": 2.5306927439728484,
  "spacing_tr": 1.3169798851013184,
  "spacing_x": 1.7860000133514404,
  "spacing_y": 1.7860000133514404,
  "spacing_z": 1.7999999523162842,
  "summary_bg_k": 19.828875312249938,
  "summary_bg_mad": 47.69715881347656,
  "summary_bg_mean": 117.46693420410156,
  "summary_bg_median": 35.794883728027344,
  "summary_bg_n": 820290.0,
  "summary_bg_p05": 0.8257000416517264,
  "summary_bg_p95": 521.6997772216793,
  "summary_bg_stdv": 222.67213439941406,
  "summary_fg_k": 2.7607935265239583,
  "summary_fg_mad": 381.2288513183594,
  "summary_fg_mean": 1246.987060546875,
  "summary_fg_median": 1190.959716796875,
  "summary_fg_n": 273071.0,
  "summary_fg_p05": 575.3195190429688,
  "summary_fg_p95": 2080.0902099609375,
  "summary_fg_stdv": 470.6053466796875,
  "tsnr": 33.319034576416016
}