{
  "aor": 0.0013431195335276969,
  "aqi": 0.01042598918367347,
  "bids_meta": {
    "AcquisitionMatrixPE": 112,
    "CoilString": "MULTI_COIL",
    "DeviceSerialNumber": "00076",
    "EchoTime": 0.016901,
    "EchoTrainLength": 43,
    "FlipAngle": 13,
    "ImageType": [
      "ORIGINAL",
      "PRIMARY",
      "PHASE",
      "MAP",
      "P",
      "FFE"
    ],
    "ImagingFrequency": 298.03,
    "InstitutionAddress": "Amsterdam",
    "InstitutionName": "Spinoza_Centre",
    "InstitutionalDepartmentName": "Spinoza_Centre",
    "MRAcquisitionType": "3D",
    "MagneticFieldStrength": 7,
    "Manufacturer": "Philips",
    "ManufacturersModelName": "Achieva",
    "Modality": "MR",
    "NumberOfVolumesDiscardedByUser": 3,
    "PatientPosition": "HFS",
    "PercentPhaseFOV": 100,
    "PhaseEncodingDirection": "i",
    "PhaseEncodingSteps": 112,
    "PhilipsRWVIntercept": -3142,
    "PhilipsRWVSlope": 1.53455,
    "PhilipsRescaleIntercept": -3142,
    "PhilipsRescaleSlope": 1.53455,
    "PhilipsScaleSlope": 651.74,
    "PixelBandwidth": 1762,
    "ReconMatrixPE": 112,
    "RepetitionTime": 1.3169799,
    "SAR": 1.96128,
    "ScanOptions": "FS",
    "ScanningSequence": "GR",
    "SequenceVariant": "SK",
    "SeriesInstanceUID": "1.3.46.670589.11.76.5.0.6388.2022071316500147307",
    "SeriesNumber": 601,
    "SliceThickness": 1.8,
    "SoftwareVersions": "5.1.7_5.1.7.0",
    "SpacingBetweenSlices": 1.8,
    "StationName": "7t-acq-multix",
    "StudyID": "694967284",
    "StudyInstanceUID": "1.3.46.670589.11.76.5.0.7360.2022071316280508000",
    "TaskName": "GazeCW",
    "UsePhilipsFloatNotDisplayScaling": 1,
    "dataset": "unknown",
    "modality": "bold",
    "run_id": 1,
    "session_id": "04",
    "subject_id": "001",
    "task_id": "GazeCW"
  },
  "dummy_trs": 0,
  "dvars_nstd": 51.77159650701752,
  "dvars_std": 1.113394429035088,
  "dvars_vstd": 0.9811036970467832,
  "efc": 0.5327818296559513,
  "fber": 1080.7796630859375,
  "fd_mean": 0.19898736087477362,
  "fd_num": 163,
  "fd_perc": 47.521865889212826,
  "fwhm_avg": 2.6761085648924188,
  "fwhm_x": 2.9155878841392506,
  "fwhm_y": 2.583426632423031,
  "fwhm_z": 2.5293111781149755,
  "gcor": 0.0115941,
  "gsr_x": 0.03381701931357384,
  "gsr_y": -0.0006692811148241162,
  "provenance": {
    "md5sum": "3cd56807412b87817a1cc8e4c6e2fc1e",
    "settings": {
      "fd_thres": 0.2,
      "hmc_fsl": false
    },
    "software": "mriqc",
    "version": "0.15.1",
    "webapi_port": null,
    "webapi_url": "https://mriqc.nimh.nih.gov/api/v1"
  },
  "size_t": 343,
  "size_x": 112,
  "size_y": 112,
  "size_z": 98,
  "snr": 2.5429809440932463,
  "spacing_tr": 1.3169798851013184,
  "spacing_x": 1.7860000133514404,
  "spacing_y": 1.7860000133514404,
  "spacing_z": 1.7999999523162842,
  "summary_bg_k": 19.827874664578488,
  "summary_bg_mad": 48.86708068847656,
  "summary_bg_mean": 118.3349380493164,
  "summary_bg_median": 36.74664306640625,
  "summary_bg_n": 820228.0,
  "summary_bg_p05": 0.9451092004776006,
  "summary_bg_p95": 524.9566833496066,
  "summary_bg_stdv": 224.1682891845703,
  "summary_fg_k": 2.69154623130333,
  "summary_fg_mad": 388.938232421875,
  "summary_fg_mean": 1263.6204833984375,
  "summary_fg_median": 1208.870849609375,
  "summary_fg_n": 272935.0,
  "summary_fg_p05": 582.8406005859375,
  "summary_fg_p95": 2102.2556640625,
  "summary_fg_stdv": 475.3746337890625,
  "tsnr": 29.085453033447266
}