{
	"Manufacturer": "Philips",
	"PatientPosition": "HFS",
	"SeriesDescription": "ImageMRSERIES",
	"ProtocolName": "task-ASGCFS_run-2_bold",
	"SeriesNumber": 10,
	"AcquisitionNumber": 10,
	"ImageComments": "prfgazemod",
	"PhilipsRescaleSlope": 3.8022,
	"PhilipsRescaleIntercept": 0,
	"PhilipsScaleSlope": 5.24628e-05,
	"UsePhilipsFloatNotDisplayScaling": 1,
	"EchoTime": 0.01689,
	"RepetitionTime": 1.31698,
	"PhaseEncodingDirection": "i-",
	"ReconMatrixPE": 112,
	"ImageOrientationPatientDICOM": [
		0,
		0.924013,
		-0.382361,
		-0,
		-0.382361,
		-0.924013	],
	"ConversionSoftware": "dcm2niix",
	"ConversionSoftwareVersion": "v1.0.20180622 GCC4.9.2",
	"TaskName":"AttendStimGazeCenterFS"
}
