{
  "aor": 0.0012466666666666668,
  "aqi": 0.007136951733333333,
  "bids_meta": {
    "AcquisitionNumber": 10,
    "ConversionSoftware": "dcm2niix",
    "ConversionSoftwareVersion": "v1.0.20180622 GCC4.9.2",
    "EchoTime": 0.01689,
    "ImageComments": "pRFGazeMod",
    "ImageOrientationPatientDICOM": [
      0,
      0.911116,
      -0.412151,
      0,
      -0.412151,
      -0.911116
    ],
    "Manufacturer": "Philips",
    "PatientPosition": "HFS",
    "PhilipsRescaleIntercept": 0,
    "PhilipsRescaleSlope": 3.53529,
    "PhilipsScaleSlope": 5.29947e-05,
    "ProtocolName": "task-ASGCFS_run-2_bold",
    "ReconMatrixPE": 112,
    "RepetitionTime": 1.31698,
    "SeriesDescription": "ImageMRSERIES",
    "SeriesNumber": 10,
    "TaskName": "AttendStimGazeCenterFS",
    "UsePhilipsFloatNotDisplayScaling": 1,
    "dataset": "unknown",
    "modality": "bold",
    "run_id": 2,
    "session_id": "02",
    "subject_id": "002",
    "task_id": "AttendStimGazeCenterFS"
  },
  "dummy_trs": 0,
  "dvars_nstd": 58.13822238067113,
  "dvars_std": 1.2193143892617448,
  "dvars_vstd": 1.0086727197315433,
  "efc": 0.5335666343624528,
  "fber": 1009.3335571289062,
  "fd_mean": 0.24470346069980323,
  "fd_num": 115,
  "fd_perc": 76.66666666666667,
  "fwhm_avg": 2.8050425750823504,
  "fwhm_x": 3.066052608658332,
  "fwhm_y": 2.662508378752339,
  "fwhm_z": 2.6865667378363804,
  "gcor": 0.0152717,
  "gsr_x": 0.04370526224374771,
  "gsr_y": -0.000925107451621443,
  "provenance": {
    "md5sum": "b513a16d137daeb030c53fc38ac457c0",
    "settings": {
      "fd_thres": 0.2,
      "hmc_fsl": false
    },
    "software": "mriqc",
    "version": "0.15.1",
    "webapi_port": null,
    "webapi_url": "https://mriqc.nimh.nih.gov/api/v1"
  },
  "size_t": 150,
  "size_x": 112,
  "size_y": 112,
  "size_z": 98,
  "snr": 2.9749332403075455,
  "spacing_tr": 1.3169798851013184,
  "spacing_x": 1.7860000133514404,
  "spacing_y": 1.7860000133514404,
  "spacing_z": 1.7999999523162842,
  "summary_bg_k": 21.160910771713734,
  "summary_bg_mad": 207859.140625,
  "summary_bg_mean": 438288.8125,
  "summary_bg_median": 152507.125,
  "summary_bg_n": 826224.0,
  "summary_bg_p05": 1468.586962890625,
  "summary_bg_p95": 1874615.9249999998,
  "summary_bg_stdv": 808797.5,
  "summary_fg_k": 1.0569441762931877,
  "summary_fg_mad": 1440995.5,
  "summary_fg_mean": 4906254.0,
  "summary_fg_median": 4831177.5,
  "summary_fg_n": 268232.0,
  "summary_fg_p05": 2337870.1,
  "summary_fg_p95": 7657881.549999998,
  "summary_fg_stdv": 1623958.625,
  "tsnr": 33.94596862792969
}