{
  "aor": 0.0022283333333333335,
  "aqi": 0.0081201262,
  "bids_meta": {
    "AcquisitionNumber": 6,
    "ConversionSoftware": "dcm2niix",
    "ConversionSoftwareVersion": "v1.0.20180622 GCC4.9.2",
    "EchoTime": 0.01689,
    "ImageComments": "pRFGazeMod",
    "ImageOrientationPatientDICOM": [
      0,
      0.911116,
      -0.412151,
      0,
      -0.412151,
      -0.911116
    ],
    "Manufacturer": "Philips",
    "PatientPosition": "HFS",
    "PhilipsRescaleIntercept": 0,
    "PhilipsRescaleSlope": 3.86325,
    "PhilipsScaleSlope": 5.3067e-05,
    "ProtocolName": "task-ASGCFS_run-1_bold",
    "ReconMatrixPE": 112,
    "RepetitionTime": 1.31698,
    "SeriesDescription": "ImageMRSERIES",
    "SeriesNumber": 6,
    "TaskName": "AttendStimGazeCenterFS",
    "UsePhilipsFloatNotDisplayScaling": 1,
    "dataset": "unknown",
    "modality": "bold",
    "run_id": 1,
    "session_id": "02",
    "subject_id": "002",
    "task_id": "AttendStimGazeCenterFS"
  },
  "dummy_trs": 0,
  "dvars_nstd": 60.84323168798656,
  "dvars_std": 1.2376970434899324,
  "dvars_vstd": 1.0206391732885909,
  "efc": 0.5335906923264827,
  "fber": 1000.0552368164062,
  "fd_mean": 0.2622068037190562,
  "fd_num": 123,
  "fd_perc": 82.0,
  "fwhm_avg": 2.823471196921027,
  "fwhm_x": 3.0904255088120762,
  "fwhm_y": 2.677032454791579,
  "fwhm_z": 2.7029556271594264,
  "gcor": 0.0193334,
  "gsr_x": 0.0440559908747673,
  "gsr_y": -0.0001510434376541525,
  "provenance": {
    "md5sum": "9ccc8242911df4783dd8cf423341d87f",
    "settings": {
      "fd_thres": 0.2,
      "hmc_fsl": false
    },
    "software": "mriqc",
    "version": "0.15.1",
    "webapi_port": null,
    "webapi_url": "https://mriqc.nimh.nih.gov/api/v1"
  },
  "size_t": 150,
  "size_x": 112,
  "size_y": 112,
  "size_z": 98,
  "snr": 2.9728701555275054,
  "spacing_tr": 1.3169798851013184,
  "spacing_x": 1.7860000133514404,
  "spacing_y": 1.7860000133514404,
  "spacing_z": 1.7999999523162842,
  "summary_bg_k": 21.295848481399172,
  "summary_bg_mad": 209164.046875,
  "summary_bg_mean": 437945.9375,
  "summary_bg_median": 153756.671875,
  "summary_bg_n": 826459.0,
  "summary_bg_p05": 1640.9013427734376,
  "summary_bg_p95": 1865299.3499999985,
  "summary_bg_stdv": 807224.0,
  "summary_fg_k": 1.0298664082768836,
  "summary_fg_mad": 1447373.0,
  "summary_fg_mean": 4909704.5,
  "summary_fg_median": 4834609.0,
  "summary_fg_n": 268295.0,
  "summary_fg_p05": 2339028.575,
  "summary_fg_p95": 7663439.300000001,
  "summary_fg_stdv": 1626239.875,
  "tsnr": 31.82729148864746
}