{
	"Manufacturer": "Philips",
	"PatientPosition": "HFS",
	"SeriesDescription": "ImageMRSERIES",
	"ProtocolName": "acq-1mm-sag_T1w_3m54s_Philips",
	"SeriesNumber": 5,
	"AcquisitionNumber": 5,
	"ImageComments": "sub-002_ses-anat_pRFGazeMod",
	"PhilipsRescaleSlope": 460.133,
	"PhilipsRescaleIntercept": 0,
	"PhilipsScaleSlope": 0.00410527,
	"UsePhilipsFloatNotDisplayScaling": 1,
	"EchoTime": 0.00375,
	"RepetitionTime": 0.00817,
	"InversionTime": 0.95,
	"ReconMatrixPE": 256,
	"ImageOrientationPatientDICOM": [
		-0.0437325,
		0.998067,
		-0.0441483,
		0.0528588,
		-0.0418171,
		-0.997726	],
	"ConversionSoftware": "dcm2niix",
	"ConversionSoftwareVersion": "v1.0.20180622 GCC4.9.2"
}
