{
    "AcquisitionMatrixPE": 112,
    "CoilString": "MULTI_COIL",
    "DeviceSerialNumber": "00076",
    "EchoTime": 0.0169,
    "EchoTrainLength": 43,
    "FlipAngle": 13,
    "ImageType": [
        "ORIGINAL",
        "PRIMARY",
        "PHASE",
        "MAP",
        "P",
        "FFE"
    ],
    "ImagingFrequency": 298.03,
    "InstitutionAddress": "Amsterdam",
    "InstitutionName": "Spinoza_Centre",
    "InstitutionalDepartmentName": "Spinoza_Centre",
    "IntendedFor": [
        "ses-05/func/sub-001_ses-05_task-GazeColumns_run-03_bold.nii.gz",
        "ses-05/func/sub-001_ses-05_task-GazeLines_run-04_bold.nii.gz",
        "ses-05/func/sub-001_ses-05_task-GazeLines_run-01_bold.nii.gz",
        "ses-05/func/sub-001_ses-05_task-GazeColumns_run-04_bold.nii.gz",
        "ses-05/func/sub-001_ses-05_task-GazeLines_run-03_bold.nii.gz",
        "ses-05/func/sub-001_ses-05_task-Calib_run-01_bold.nii.gz",
        "ses-05/func/sub-001_ses-05_task-GazeLines_run-02_bold.nii.gz",
        "ses-05/func/sub-001_ses-05_task-GazeColumns_run-02_bold.nii.gz",
        "ses-05/func/sub-001_ses-05_task-GazeColumns_run-01_bold.nii.gz"
    ],
    "MRAcquisitionType": "3D",
    "MagneticFieldStrength": 7,
    "Manufacturer": "Philips",
    "ManufacturersModelName": "Achieva",
    "Modality": "MR",
    "NumberOfVolumesDiscardedByUser": 3,
    "PatientPosition": "HFS",
    "PercentPhaseFOV": 100,
    "PhaseEncodingDirection": "i-",
    "PhaseEncodingSteps": 112,
    "PhilipsRWVIntercept": 0,
    "PhilipsRWVSlope": 2.04005,
    "PhilipsRescaleIntercept": 0,
    "PhilipsRescaleSlope": 2.04005,
    "PhilipsScaleSlope": 7.09759e-05,
    "PixelBandwidth": 1714,
    "ReconMatrixPE": 112,
    "RepetitionTime": 1.33,
    "SAR": 2.24486,
    "ScanOptions": "FS",
    "ScanningSequence": "GR",
    "SequenceVariant": "SK",
    "SeriesInstanceUID": "1.3.46.670589.11.76.5.0.6388.2022071316500147307",
    "SeriesNumber": 601,
    "SliceThickness": 1.8,
    "SoftwareVersions": "5.1.7_5.1.7.0",
    "SpacingBetweenSlices": 1.8,
    "StationName": "7t-acq-multix",
    "StudyID": "694967284",
    "StudyInstanceUID": "1.3.46.670589.11.76.5.0.7360.2022071316280508000",
    "TotalReadoutTime": 0.0322,
    "UsePhilipsFloatNotDisplayScaling": 1
}