{
  "aor": 0.001075072886297376,
  "aqi": 0.017135988629737607,
  "bids_meta": {
    "AcquisitionMatrixPE": 112,
    "CoilString": "MULTI_COIL",
    "DeviceSerialNumber": "00076",
    "EchoTime": 0.016901,
    "EchoTrainLength": 43,
    "FlipAngle": 13,
    "ImageType": [
      "ORIGINAL",
      "PRIMARY",
      "PHASE",
      "MAP",
      "P",
      "FFE"
    ],
    "ImagingFrequency": 298.03,
    "InstitutionAddress": "Amsterdam",
    "InstitutionName": "Spinoza_Centre",
    "InstitutionalDepartmentName": "Spinoza_Centre",
    "MRAcquisitionType": "3D",
    "MagneticFieldStrength": 7,
    "Manufacturer": "Philips",
    "ManufacturersModelName": "Achieva",
    "Modality": "MR",
    "NumberOfVolumesDiscardedByUser": 3,
    "PatientPosition": "HFS",
    "PercentPhaseFOV": 100,
    "PhaseEncodingDirection": "i",
    "PhaseEncodingSteps": 112,
    "PhilipsRWVIntercept": -3142,
    "PhilipsRWVSlope": 1.53455,
    "PhilipsRescaleIntercept": -3142,
    "PhilipsRescaleSlope": 1.53455,
    "PhilipsScaleSlope": 651.74,
    "PixelBandwidth": 1762,
    "ReconMatrixPE": 112,
    "RepetitionTime": 1.3169799,
    "SAR": 1.96128,
    "ScanOptions": "FS",
    "ScanningSequence": "GR",
    "SequenceVariant": "SK",
    "SeriesInstanceUID": "1.3.46.670589.11.76.5.0.6388.2022071316500147307",
    "SeriesNumber": 601,
    "SliceThickness": 1.8,
    "SoftwareVersions": "5.1.7_5.1.7.0",
    "SpacingBetweenSlices": 1.8,
    "StationName": "7t-acq-multix",
    "StudyID": "694967284",
    "StudyInstanceUID": "1.3.46.670589.11.76.5.0.7360.2022071316280508000",
    "TaskName": "GazeCCW",
    "UsePhilipsFloatNotDisplayScaling": 1,
    "dataset": "unknown",
    "modality": "bold",
    "run_id": 2,
    "session_id": "04",
    "subject_id": "002",
    "task_id": "GazeCCW"
  },
  "dummy_trs": 0,
  "dvars_nstd": 59.70361467576021,
  "dvars_std": 1.1860734094444438,
  "dvars_vstd": 0.9501214012280697,
  "efc": 0.5346979240026073,
  "fber": 916.0828247070312,
  "fd_mean": 0.25317064660589667,
  "fd_num": 249,
  "fd_perc": 72.59475218658892,
  "fwhm_avg": 2.7731980410604984,
  "fwhm_x": 3.032273213614101,
  "fwhm_y": 2.657681951016863,
  "fwhm_z": 2.6296389585505313,
  "gcor": 0.0156303,
  "gsr_x": 0.03441144526004791,
  "gsr_y": -0.0016346113989129663,
  "provenance": {
    "md5sum": "e9d6af5315db7b5b66d070daaa93ca3b",
    "settings": {
      "fd_thres": 0.2,
      "hmc_fsl": false
    },
    "software": "mriqc",
    "version": "0.15.1",
    "webapi_port": null,
    "webapi_url": "https://mriqc.nimh.nih.gov/api/v1"
  },
  "size_t": 343,
  "size_x": 112,
  "size_y": 112,
  "size_z": 98,
  "snr": 2.8242788157922614,
  "spacing_tr": 1.3169798851013184,
  "spacing_x": 1.7860000133514404,
  "spacing_y": 1.7860000133514404,
  "spacing_z": 1.7999999523162842,
  "summary_bg_k": 20.711643080350942,
  "summary_bg_mad": 43.50013732910156,
  "summary_bg_mean": 93.50835418701172,
  "summary_bg_median": 33.3925666809082,
  "summary_bg_n": 825613.0,
  "summary_bg_p05": 1.2024945974349976,
  "summary_bg_p95": 394.40165405273325,
  "summary_bg_stdv": 172.0028839111328,
  "summary_fg_k": 1.3261626863390665,
  "summary_fg_mad": 300.02471923828125,
  "summary_fg_mean": 1015.6016845703125,
  "summary_fg_median": 986.2455444335938,
  "summary_fg_n": 269273.0,
  "summary_fg_p05": 480.07488403320315,
  "summary_fg_p95": 1628.7260742187498,
  "summary_fg_stdv": 349.20196533203125,
  "tsnr": 24.344226837158203
}