{
  "aor": 0.001119737609329446,
  "aqi": 0.01778952860058309,
  "bids_meta": {
    "AcquisitionMatrixPE": 112,
    "CoilString": "MULTI_COIL",
    "DeviceSerialNumber": "00076",
    "EchoTime": 0.016901,
    "EchoTrainLength": 43,
    "FlipAngle": 13,
    "ImageType": [
      "ORIGINAL",
      "PRIMARY",
      "PHASE",
      "MAP",
      "P",
      "FFE"
    ],
    "ImagingFrequency": 298.03,
    "InstitutionAddress": "Amsterdam",
    "InstitutionName": "Spinoza_Centre",
    "InstitutionalDepartmentName": "Spinoza_Centre",
    "MRAcquisitionType": "3D",
    "MagneticFieldStrength": 7,
    "Manufacturer": "Philips",
    "ManufacturersModelName": "Achieva",
    "Modality": "MR",
    "NumberOfVolumesDiscardedByUser": 3,
    "PatientPosition": "HFS",
    "PercentPhaseFOV": 100,
    "PhaseEncodingDirection": "i",
    "PhaseEncodingSteps": 112,
    "PhilipsRWVIntercept": -3142,
    "PhilipsRWVSlope": 1.53455,
    "PhilipsRescaleIntercept": -3142,
    "PhilipsRescaleSlope": 1.53455,
    "PhilipsScaleSlope": 651.74,
    "PixelBandwidth": 1762,
    "ReconMatrixPE": 112,
    "RepetitionTime": 1.3169799,
    "SAR": 1.96128,
    "ScanOptions": "FS",
    "ScanningSequence": "GR",
    "SequenceVariant": "SK",
    "SeriesInstanceUID": "1.3.46.670589.11.76.5.0.6388.2022071316500147307",
    "SeriesNumber": 601,
    "SliceThickness": 1.8,
    "SoftwareVersions": "5.1.7_5.1.7.0",
    "SpacingBetweenSlices": 1.8,
    "StationName": "7t-acq-multix",
    "StudyID": "694967284",
    "StudyInstanceUID": "1.3.46.670589.11.76.5.0.7360.2022071316280508000",
    "TaskName": "GazeCCW",
    "UsePhilipsFloatNotDisplayScaling": 1,
    "dataset": "unknown",
    "modality": "bold",
    "run_id": 1,
    "session_id": "04",
    "subject_id": "002",
    "task_id": "GazeCCW"
  },
  "dummy_trs": 0,
  "dvars_nstd": 60.571110218070125,
  "dvars_std": 1.1897420377192984,
  "dvars_vstd": 0.9565800409064323,
  "efc": 0.5331719706862122,
  "fber": 958.7269897460938,
  "fd_mean": 0.260908728399689,
  "fd_num": 253,
  "fd_perc": 73.76093294460641,
  "fwhm_avg": 2.7908865277498003,
  "fwhm_x": 3.05379057067609,
  "fwhm_y": 2.6681522756866314,
  "fwhm_z": 2.6507167368866797,
  "gcor": 0.015827,
  "gsr_x": 0.03206948563456535,
  "gsr_y": -0.000904776097740978,
  "provenance": {
    "md5sum": "490957fdfd4751a4cc60926038202192",
    "settings": {
      "fd_thres": 0.2,
      "hmc_fsl": false
    },
    "software": "mriqc",
    "version": "0.15.1",
    "webapi_port": null,
    "webapi_url": "https://mriqc.nimh.nih.gov/api/v1"
  },
  "size_t": 343,
  "size_x": 112,
  "size_y": 112,
  "size_z": 98,
  "snr": 2.8122482276514345,
  "spacing_tr": 1.3169798851013184,
  "spacing_x": 1.7860000133514404,
  "spacing_y": 1.7860000133514404,
  "spacing_z": 1.7999999523162842,
  "summary_bg_k": 20.85900107281859,
  "summary_bg_mad": 42.86949920654297,
  "summary_bg_mean": 93.4873046875,
  "summary_bg_median": 33.08019256591797,
  "summary_bg_n": 825501.0,
  "summary_bg_p05": 1.2285819053649902,
  "summary_bg_p95": 396.43719482421875,
  "summary_bg_stdv": 173.34036254882812,
  "summary_fg_k": 1.3072673314377194,
  "summary_fg_mad": 305.16912841796875,
  "summary_fg_mean": 1029.56689453125,
  "summary_fg_median": 999.9141845703125,
  "summary_fg_n": 269713.0,
  "summary_fg_p05": 479.9428344726562,
  "summary_fg_p95": 1653.2935546874992,
  "summary_fg_stdv": 355.55621337890625,
  "tsnr": 23.5983829498291
}